{
  "aor": 0.0030666666666666663,
  "aqi": 0.009331727493224933,
  "bids_meta": {
    "AcquisitionMatrixPE": 80,
    "AcquisitionNumber": 1,
    "AcquisitionTime": "11:13:54.862500",
    "BandwidthPerPixelPhaseEncode": 50,
    "BaseResolution": 80,
    "ConversionSoftware": "dcm2niix",
    "ConversionSoftwareVersion": "v1.0.20171215 GCC4.4.7",
    "DerivedVendorReportedEchoSpacing": 0.0005,
    "DeviceSerialNumber": "35149",
    "DwellTime": 2.6e-06,
    "EchoTime": 0.03,
    "EffectiveEchoSpacing": 0.00025,
    "FlipAngle": 75,
    "ImageOrientationPatientDICOM": [
      0.996719,
      -0.0327333,
      0.0740304,
      0.0616601,
      0.899562,
      -0.432419
    ],
    "ImageType": "ORIGINALPRIMARYMNDMOSAIC",
    "InPlanePhaseEncodingDirectionDICOM": "COL",
    "InstitutionAddress": "Street_StreetNo_Rehovot_FA2669_District_IL_ZIP",
    "InstitutionName": "Weizmann",
    "InstitutionalDepartmentName": "Department",
    "MRAcquisitionType": "2D",
    "MagneticFieldStrength": 3,
    "Manufacturer": "Siemens",
    "ManufacturersModelName": "TrioTim",
    "Modality": "MR",
    "ParallelReductionFactorInPlane": 2,
    "PartialFourier": 1,
    "PatientPosition": "HFS",
    "PercentPhaseFOV": 100,
    "PhaseEncodingDirection": "j-",
    "PhaseEncodingSteps": 79,
    "PhaseResolution": 1,
    "PixelBandwidth": 2404,
    "ProcedureStepDescription": "Weizmann_Dudai",
    "ProtocolName": "ep2d_E_NE_clips_1_2000_30ac_pc",
    "PulseSequenceDetails": "%SiemensSeq%_ep2d_pace",
    "ReceiveCoilName": "HeadMatrix",
    "ReconMatrixPE": 80,
    "RepetitionTime": 2,
    "SAR": 0.155279,
    "ScanOptions": "FS",
    "ScanningSequence": "EP",
    "SequenceName": "epfid2d1_80",
    "SequenceVariant": "SK",
    "SeriesDescription": "ep2d_E_NE_clips_1_2000_30ac_pc",
    "SeriesNumber": 5,
    "ShimSetting": [
      2373,
      9507,
      -5439,
      792,
      -70,
      -382,
      -53,
      -52
    ],
    "SliceThickness": 4,
    "SliceTiming": [
      0.9925,
      0,
      1.0475,
      0.055,
      1.105,
      0.11,
      1.16,
      0.165,
      1.215,
      0.22,
      1.27,
      0.275,
      1.325,
      0.33,
      1.38,
      0.385,
      1.435,
      0.44,
      1.49,
      0.4975,
      1.545,
      0.5525,
      1.6,
      0.6075,
      1.655,
      0.6625,
      1.71,
      0.7175,
      1.7675,
      0.7725,
      1.8225,
      0.8275,
      1.8775,
      0.8825,
      1.9325,
      0.9375
    ],
    "SoftwareVersions": "syngo_MR_B17",
    "SpacingBetweenSlices": 4,
    "StationName": "MRC35149",
    "TaskName": "viewclips",
    "TotalReadoutTime": 0.01975,
    "TxRefAmp": 305.987,
    "VendorReportedEchoSpacing": 0.0005,
    "dataset": "ds001608",
    "modality": "bold",
    "run_id": 2,
    "subject_id": "19",
    "task_id": "viewclips"
  },
  "dummy_trs": 0,
  "dvars_nstd": 30.75798638180459,
  "dvars_std": 1.079509278100406,
  "dvars_vstd": 1.0209919058480341,
  "efc": 0.43913028409033195,
  "fber": 1549.2786865234375,
  "fd_mean": 0.4263037593365463,
  "fd_num": 496,
  "fd_perc": 67.20867208672087,
  "fwhm_avg": 1.8520882602078785,
  "fwhm_x": 1.8118666666666667,
  "fwhm_y": 2.02765,
  "fwhm_z": 1.7167481139569691,
  "gcor": 0.0282863,
  "gsr_x": -0.013562703505158424,
  "gsr_y": 0.02122221700847149,
  "provenance": {
    "md5sum": "40a13e93b8aa02645b0409957546aad1",
    "settings": {
      "fd_thres": 0.2,
      "testing": false
    },
    "software": "mriqc",
    "version": "22.0.6",
    "webapi_port": null,
    "webapi_url": "https://mriqc.nimh.nih.gov/api/v1"
  },
  "size_t": 738,
  "size_x": 80,
  "size_y": 80,
  "size_z": 36,
  "snr": 5.492418155533193,
  "spacing_tr": 2.0,
  "spacing_x": 3.0,
  "spacing_y": 3.0,
  "spacing_z": 3.9999985694885254,
  "summary_bg_k": 49.07246037283099,
  "summary_bg_mad": 4.084188937265496,
  "summary_bg_mean": 32.13447952270508,
  "summary_bg_median": 19.627370834350586,
  "summary_bg_n": 163727.0,
  "summary_bg_p05": 16.121952056884766,
  "summary_bg_p95": 89.36097869873042,
  "summary_bg_stdv": 42.96426010131836,
  "summary_fg_k": 2.7411347901722767,
  "summary_fg_mad": 112.65767963593575,
  "summary_fg_mean": 788.131591796875,
  "summary_fg_median": 775.8692626953125,
  "summary_fg_n": 26308.0,
  "summary_fg_p05": 585.7701995849609,
  "summary_fg_p95": 1025.0477355957028,
  "summary_fg_stdv": 141.25918579101562,
  "tsnr": 47.03175836591981
}