{
  "aor": 0.0001566796875,
  "aqi": 0.007708027578125001,
  "bids_meta": {
    "AcquisitionMatrixPE": 80,
    "AcquisitionNumber": 1,
    "AcquisitionTime": "09:20:27.362500",
    "BandwidthPerPixelPhaseEncode": 50,
    "BaseResolution": 80,
    "ConversionSoftware": "dcm2niix",
    "ConversionSoftwareVersion": "v1.0.20171215 GCC4.4.7",
    "DerivedVendorReportedEchoSpacing": 0.0005,
    "DeviceSerialNumber": "35149",
    "DwellTime": 2.6e-06,
    "EchoTime": 0.03,
    "EffectiveEchoSpacing": 0.00025,
    "FlipAngle": 75,
    "ImageOrientationPatientDICOM": [
      0.998066,
      -0.049262,
      0.0379117,
      0.0612542,
      0.883227,
      -0.464929
    ],
    "ImageType": "ORIGINALPRIMARYMNDMOSAIC",
    "InPlanePhaseEncodingDirectionDICOM": "COL",
    "InstitutionAddress": "Street_StreetNo_Rehovot_FA2669_District_IL_ZIP",
    "InstitutionName": "Weizmann",
    "InstitutionalDepartmentName": "Department",
    "MRAcquisitionType": "2D",
    "MagneticFieldStrength": 3,
    "Manufacturer": "Siemens",
    "ManufacturersModelName": "TrioTim",
    "Modality": "MR",
    "ParallelReductionFactorInPlane": 2,
    "PartialFourier": 1,
    "PatientPosition": "HFS",
    "PercentPhaseFOV": 100,
    "PhaseEncodingDirection": "j-",
    "PhaseEncodingSteps": 79,
    "PhaseResolution": 1,
    "PixelBandwidth": 2404,
    "ProcedureStepDescription": "Weizmann_Dudai",
    "ProtocolName": "ep2d_E_NE_clips_1_2000_30ac_pc",
    "PulseSequenceDetails": "%SiemensSeq%_ep2d_pace",
    "ReceiveCoilName": "HeadMatrix",
    "ReconMatrixPE": 80,
    "RepetitionTime": 2,
    "SAR": 0.173132,
    "ScanOptions": "FS",
    "ScanningSequence": "EP",
    "SequenceName": "epfid2d1_80",
    "SequenceVariant": "SK",
    "SeriesDescription": "ep2d_E_NE_clips_1_2000_30ac_pc",
    "SeriesNumber": 3,
    "ShimSetting": [
      2371,
      9551,
      -5461,
      593,
      14,
      -116,
      -83,
      92
    ],
    "SliceThickness": 4,
    "SliceTiming": [
      0.995,
      0,
      1.05,
      0.055,
      1.105,
      0.11,
      1.16,
      0.165,
      1.215,
      0.22,
      1.27,
      0.2775,
      1.325,
      0.3325,
      1.38,
      0.3875,
      1.435,
      0.4425,
      1.49,
      0.4975,
      1.545,
      0.5525,
      1.6025,
      0.6075,
      1.6575,
      0.6625,
      1.7125,
      0.7175,
      1.7675,
      0.7725,
      1.8225,
      0.8275,
      1.8775,
      0.8825,
      1.9325,
      0.94
    ],
    "SoftwareVersions": "syngo_MR_B17",
    "SpacingBetweenSlices": 4,
    "StationName": "MRC35149",
    "TaskName": "viewclips",
    "TotalReadoutTime": 0.01975,
    "TxRefAmp": 401.529,
    "VendorReportedEchoSpacing": 0.0005,
    "dataset": "ds001608",
    "modality": "bold",
    "run_id": 1,
    "subject_id": "16",
    "task_id": "viewclips"
  },
  "dummy_trs": 1,
  "dvars_nstd": 27.221477200104307,
  "dvars_std": 1.0614417237418508,
  "dvars_vstd": 0.9877894522555409,
  "efc": 0.45665501978828266,
  "fber": 1298.0966796875,
  "fd_mean": 0.224227921748914,
  "fd_num": 421,
  "fd_perc": 54.817708333333336,
  "fwhm_avg": 1.9070219444444445,
  "fwhm_x": 1.8991733333333334,
  "fwhm_y": 2.0548100000000002,
  "fwhm_z": 1.7670825,
  "gcor": 0.0433777,
  "gsr_x": -0.011120330542325974,
  "gsr_y": 0.012600299902260303,
  "provenance": {
    "md5sum": "2dd68169553b68abd49df5cfb96fba67",
    "settings": {
      "fd_thres": 0.2,
      "testing": false
    },
    "software": "mriqc",
    "version": "22.0.6",
    "webapi_port": null,
    "webapi_url": "https://mriqc.nimh.nih.gov/api/v1"
  },
  "size_t": 768,
  "size_x": 80,
  "size_y": 80,
  "size_z": 36,
  "snr": 5.82695700231418,
  "spacing_tr": 2.0,
  "spacing_x": 3.0,
  "spacing_y": 3.0,
  "spacing_z": 4.0,
  "summary_bg_k": 50.71558325151906,
  "summary_bg_mad": 5.109956542357551,
  "summary_bg_mean": 38.143646240234375,
  "summary_bg_median": 21.748699188232422,
  "summary_bg_n": 163163.0,
  "summary_bg_p05": 17.50130271911621,
  "summary_bg_p95": 123.05390624999995,
  "summary_bg_stdv": 53.03904342651367,
  "summary_fg_k": 1.326205533176279,
  "summary_fg_mad": 113.82446875980118,
  "summary_fg_mean": 794.39990234375,
  "summary_fg_median": 787.8060302734375,
  "summary_fg_n": 27443.0,
  "summary_fg_p05": 572.6897155761719,
  "summary_fg_p95": 1016.8415588378906,
  "summary_fg_stdv": 135.19778442382812,
  "tsnr": 52.23033862642478
}