{
  "aor": 0.00026046875,
  "aqi": 0.0074026128255208325,
  "bids_meta": {
    "AcquisitionMatrixPE": 80,
    "AcquisitionNumber": 1,
    "AcquisitionTime": "09:46:58.750000",
    "BandwidthPerPixelPhaseEncode": 50,
    "BaseResolution": 80,
    "ConversionSoftware": "dcm2niix",
    "ConversionSoftwareVersion": "v1.0.20171215 GCC4.4.7",
    "DerivedVendorReportedEchoSpacing": 0.0005,
    "DeviceSerialNumber": "35149",
    "DwellTime": 2.6e-06,
    "EchoTime": 0.03,
    "EffectiveEchoSpacing": 0.00025,
    "FlipAngle": 75,
    "ImageOrientationPatientDICOM": [
      0.998068,
      -0.0492307,
      0.0378952,
      0.0612188,
      0.883228,
      -0.46493
    ],
    "ImageType": "ORIGINALPRIMARYMNDMOSAIC",
    "InPlanePhaseEncodingDirectionDICOM": "COL",
    "InstitutionAddress": "Street_StreetNo_Rehovot_FA2669_District_IL_ZIP",
    "InstitutionName": "Weizmann",
    "InstitutionalDepartmentName": "Department",
    "MRAcquisitionType": "2D",
    "MagneticFieldStrength": 3,
    "Manufacturer": "Siemens",
    "ManufacturersModelName": "TrioTim",
    "Modality": "MR",
    "ParallelReductionFactorInPlane": 2,
    "PartialFourier": 1,
    "PatientPosition": "HFS",
    "PercentPhaseFOV": 100,
    "PhaseEncodingDirection": "j-",
    "PhaseEncodingSteps": 79,
    "PhaseResolution": 1,
    "PixelBandwidth": 2404,
    "ProcedureStepDescription": "Weizmann_Dudai",
    "ProtocolName": "ep2d_E_NE_clips_1_2000_30ac_pc",
    "PulseSequenceDetails": "%SiemensSeq%_ep2d_pace",
    "ReceiveCoilName": "HeadMatrix",
    "ReconMatrixPE": 80,
    "RepetitionTime": 2,
    "SAR": 0.173132,
    "ScanOptions": "FS",
    "ScanningSequence": "EP",
    "SequenceName": "epfid2d1_80",
    "SequenceVariant": "SK",
    "SeriesDescription": "ep2d_E_NE_clips_1_2000_30ac_pc",
    "SeriesNumber": 5,
    "ShimSetting": [
      2371,
      9551,
      -5461,
      593,
      14,
      -116,
      -83,
      92
    ],
    "SliceThickness": 4,
    "SliceTiming": [
      0.9925,
      0,
      1.0475,
      0.055,
      1.1025,
      0.11,
      1.1575,
      0.165,
      1.2125,
      0.22,
      1.27,
      0.275,
      1.325,
      0.33,
      1.38,
      0.385,
      1.435,
      0.44,
      1.49,
      0.495,
      1.545,
      0.55,
      1.6,
      0.6075,
      1.655,
      0.6625,
      1.71,
      0.7175,
      1.765,
      0.7725,
      1.82,
      0.8275,
      1.8775,
      0.8825,
      1.9325,
      0.9375
    ],
    "SoftwareVersions": "syngo_MR_B17",
    "SpacingBetweenSlices": 4,
    "StationName": "MRC35149",
    "TaskName": "viewclips",
    "TotalReadoutTime": 0.01975,
    "TxRefAmp": 401.529,
    "VendorReportedEchoSpacing": 0.0005,
    "dataset": "ds001608",
    "modality": "bold",
    "run_id": 2,
    "subject_id": "16",
    "task_id": "viewclips"
  },
  "dummy_trs": 1,
  "dvars_nstd": 28.147362456766643,
  "dvars_std": 1.0779904891134298,
  "dvars_vstd": 0.9918915142633629,
  "efc": 0.45730145233585257,
  "fber": 1331.5909423828125,
  "fd_mean": 0.2760336571045263,
  "fd_num": 505,
  "fd_perc": 65.75520833333333,
  "fwhm_avg": 1.9145708333333336,
  "fwhm_x": 1.9269800000000001,
  "fwhm_y": 2.05086,
  "fwhm_z": 1.7658725,
  "gcor": 0.105407,
  "gsr_x": -0.011042949743568897,
  "gsr_y": 0.011394860222935677,
  "provenance": {
    "md5sum": "fd99e08ff493649d3985ca904a624053",
    "settings": {
      "fd_thres": 0.2,
      "testing": false
    },
    "software": "mriqc",
    "version": "22.0.6",
    "webapi_port": null,
    "webapi_url": "https://mriqc.nimh.nih.gov/api/v1"
  },
  "size_t": 768,
  "size_x": 80,
  "size_y": 80,
  "size_z": 36,
  "snr": 5.843893701033919,
  "spacing_tr": 2.0,
  "spacing_x": 3.0,
  "spacing_y": 3.0,
  "spacing_z": 4.0,
  "summary_bg_k": 47.168099906315405,
  "summary_bg_mad": 4.8570685281429995,
  "summary_bg_mean": 38.6230354309082,
  "summary_bg_median": 21.408855438232422,
  "summary_bg_n": 163123.0,
  "summary_bg_p05": 17.265625,
  "summary_bg_p95": 129.54675445556632,
  "summary_bg_stdv": 55.55176544189453,
  "summary_fg_k": 1.4423711224933387,
  "summary_fg_mad": 113.23953585328138,
  "summary_fg_mean": 791.87548828125,
  "summary_fg_median": 784.41796875,
  "summary_fg_n": 27511.0,
  "summary_fg_p05": 576.4056396484375,
  "summary_fg_p95": 1014.7259216308594,
  "summary_fg_stdv": 134.22621154785156,
  "tsnr": 51.94737554353196
}