{
  "aor": 0.00018749024707412224,
  "aqi": 0.006003218374512354,
  "bids_meta": {
    "AcquisitionMatrixPE": 80,
    "AcquisitionNumber": 1,
    "AcquisitionTime": "14:41:36.627500",
    "BandwidthPerPixelPhaseEncode": 50,
    "BaseResolution": 80,
    "ConversionSoftware": "dcm2niix",
    "ConversionSoftwareVersion": "v1.0.20171215 GCC4.4.7",
    "DerivedVendorReportedEchoSpacing": 0.0005,
    "DeviceSerialNumber": "35149",
    "DwellTime": 2.6e-06,
    "EchoTime": 0.03,
    "EffectiveEchoSpacing": 0.00025,
    "FlipAngle": 75,
    "ImageOrientationPatientDICOM": [
      0.997261,
      0.0186605,
      0.0715671,
      0.00800709,
      0.934719,
      -0.355297
    ],
    "ImageType": "ORIGINALPRIMARYMNDMOSAIC",
    "InPlanePhaseEncodingDirectionDICOM": "COL",
    "InstitutionAddress": "Street_StreetNo_Rehovot_FA2669_District_IL_ZIP",
    "InstitutionName": "Weizmann",
    "InstitutionalDepartmentName": "Department",
    "MRAcquisitionType": "2D",
    "MagneticFieldStrength": 3,
    "Manufacturer": "Siemens",
    "ManufacturersModelName": "TrioTim",
    "Modality": "MR",
    "ParallelReductionFactorInPlane": 2,
    "PartialFourier": 1,
    "PatientPosition": "HFS",
    "PercentPhaseFOV": 100,
    "PhaseEncodingDirection": "j-",
    "PhaseEncodingSteps": 79,
    "PhaseResolution": 1,
    "PixelBandwidth": 2404,
    "ProcedureStepDescription": "Weizmann_Dudai",
    "ProtocolName": "ep2d_E_NE_clips_1_2000_30ac_pc",
    "PulseSequenceDetails": "%SiemensSeq%_ep2d_pace",
    "ReceiveCoilName": "HeadMatrix",
    "ReconMatrixPE": 80,
    "RepetitionTime": 2,
    "SAR": 0.130945,
    "ScanOptions": "FS",
    "ScanningSequence": "EP",
    "SequenceName": "epfid2d1_80",
    "SequenceVariant": "SK",
    "SeriesDescription": "ep2d_E_NE_clips_1_2000_30ac_pc",
    "SeriesNumber": 5,
    "ShimSetting": [
      2417,
      9629,
      -5672,
      889,
      164,
      -74,
      133,
      -139
    ],
    "SliceThickness": 4,
    "SliceTiming": [
      0.995,
      0,
      1.05,
      0.055,
      1.105,
      0.11,
      1.16,
      0.165,
      1.215,
      0.22,
      1.27,
      0.275,
      1.325,
      0.3325,
      1.38,
      0.3875,
      1.435,
      0.4425,
      1.49,
      0.4975,
      1.545,
      0.5525,
      1.6025,
      0.6075,
      1.6575,
      0.6625,
      1.7125,
      0.7175,
      1.7675,
      0.7725,
      1.8225,
      0.8275,
      1.8775,
      0.8825,
      1.9325,
      0.9375
    ],
    "SoftwareVersions": "syngo_MR_B17",
    "SpacingBetweenSlices": 4,
    "StationName": "MRC35149",
    "TaskName": "viewclips",
    "TotalReadoutTime": 0.01975,
    "TxRefAmp": 279.74,
    "VendorReportedEchoSpacing": 0.0005,
    "dataset": "ds001608",
    "modality": "bold",
    "run_id": 2,
    "subject_id": "02",
    "task_id": "viewclips"
  },
  "dummy_trs": 0,
  "dvars_nstd": 25.267907438398478,
  "dvars_std": 1.1330133070182287,
  "dvars_vstd": 0.9960529722395847,
  "efc": 0.42384629211825636,
  "fber": 1889.5521240234375,
  "fd_mean": 0.0817022652158826,
  "fd_num": 34,
  "fd_perc": 4.421326397919376,
  "fwhm_avg": 1.8335458663083635,
  "fwhm_x": 1.8447633333333335,
  "fwhm_y": 1.9961866666666666,
  "fwhm_z": 1.6596875989250897,
  "gcor": 0.0890613,
  "gsr_x": -0.011712572537362576,
  "gsr_y": 0.010851236991584301,
  "provenance": {
    "md5sum": "39c71ba0e2164da1d48aa7d8d154947f",
    "settings": {
      "fd_thres": 0.2,
      "testing": false
    },
    "software": "mriqc",
    "version": "22.0.6",
    "webapi_port": null,
    "webapi_url": "https://mriqc.nimh.nih.gov/api/v1"
  },
  "size_t": 769,
  "size_x": 80,
  "size_y": 80,
  "size_z": 36,
  "snr": 6.50998365531398,
  "spacing_tr": 2.0,
  "spacing_x": 3.0,
  "spacing_y": 3.0,
  "spacing_z": 3.999999761581421,
  "summary_bg_k": 48.81857517310828,
  "summary_bg_mad": 3.127151966711669,
  "summary_bg_mean": 28.5270938873291,
  "summary_bg_median": 18.24447250366211,
  "summary_bg_n": 165865.0,
  "summary_bg_p05": 15.254876136779785,
  "summary_bg_p95": 76.78907623291015,
  "summary_bg_stdv": 37.296512603759766,
  "summary_fg_k": 1.2068454700676199,
  "summary_fg_mad": 111.3098635505151,
  "summary_fg_mean": 804.0137329101562,
  "summary_fg_median": 799.573486328125,
  "summary_fg_n": 25294.0,
  "summary_fg_p05": 610.9386260986329,
  "summary_fg_p95": 1007.067755126953,
  "summary_fg_stdv": 122.82022857666016,
  "tsnr": 62.125084166938905
}