{
  "aor": 0.00016871261378413526,
  "aqi": 0.007111256592977894,
  "bids_meta": {
    "AcquisitionMatrixPE": 80,
    "AcquisitionNumber": 1,
    "AcquisitionTime": "14:14:38.655000",
    "BandwidthPerPixelPhaseEncode": 50,
    "BaseResolution": 80,
    "ConversionSoftware": "dcm2niix",
    "ConversionSoftwareVersion": "v1.0.20171215 GCC4.4.7",
    "DerivedVendorReportedEchoSpacing": 0.0005,
    "DeviceSerialNumber": "35149",
    "DwellTime": 2.6e-06,
    "EchoTime": 0.03,
    "EffectiveEchoSpacing": 0.00025,
    "FlipAngle": 75,
    "ImageOrientationPatientDICOM": [
      0.997261,
      0.0186316,
      0.0715782,
      0.00803808,
      0.93472,
      -0.355294
    ],
    "ImageType": "ORIGINALPRIMARYMNDMOSAIC",
    "InPlanePhaseEncodingDirectionDICOM": "COL",
    "InstitutionAddress": "Street_StreetNo_Rehovot_FA2669_District_IL_ZIP",
    "InstitutionName": "Weizmann",
    "InstitutionalDepartmentName": "Department",
    "MRAcquisitionType": "2D",
    "MagneticFieldStrength": 3,
    "Manufacturer": "Siemens",
    "ManufacturersModelName": "TrioTim",
    "Modality": "MR",
    "ParallelReductionFactorInPlane": 2,
    "PartialFourier": 1,
    "PatientPosition": "HFS",
    "PercentPhaseFOV": 100,
    "PhaseEncodingDirection": "j-",
    "PhaseEncodingSteps": 79,
    "PhaseResolution": 1,
    "PixelBandwidth": 2404,
    "ProcedureStepDescription": "Weizmann_Dudai",
    "ProtocolName": "ep2d_E_NE_clips_1_2000_30ac_pc",
    "PulseSequenceDetails": "%SiemensSeq%_ep2d_pace",
    "ReceiveCoilName": "HeadMatrix",
    "ReconMatrixPE": 80,
    "RepetitionTime": 2,
    "SAR": 0.130945,
    "ScanOptions": "FS",
    "ScanningSequence": "EP",
    "SequenceName": "epfid2d1_80",
    "SequenceVariant": "SK",
    "SeriesDescription": "ep2d_E_NE_clips_1_2000_30ac_pc",
    "SeriesNumber": 3,
    "ShimSetting": [
      2417,
      9629,
      -5672,
      889,
      164,
      -74,
      133,
      -139
    ],
    "SliceThickness": 4,
    "SliceTiming": [
      0.9925,
      0,
      1.0475,
      0.055,
      1.105,
      0.11,
      1.16,
      0.165,
      1.215,
      0.22,
      1.27,
      0.275,
      1.325,
      0.33,
      1.38,
      0.385,
      1.435,
      0.4425,
      1.49,
      0.4975,
      1.545,
      0.5525,
      1.6,
      0.6075,
      1.655,
      0.6625,
      1.7125,
      0.7175,
      1.7675,
      0.7725,
      1.8225,
      0.8275,
      1.8775,
      0.8825,
      1.9325,
      0.9375
    ],
    "SoftwareVersions": "syngo_MR_B17",
    "SpacingBetweenSlices": 4,
    "StationName": "MRC35149",
    "TaskName": "viewclips",
    "TotalReadoutTime": 0.01975,
    "TxRefAmp": 279.74,
    "VendorReportedEchoSpacing": 0.0005,
    "dataset": "ds001608",
    "modality": "bold",
    "run_id": 1,
    "subject_id": "02",
    "task_id": "viewclips"
  },
  "dummy_trs": 0,
  "dvars_nstd": 25.49858804042968,
  "dvars_std": 1.12709464717448,
  "dvars_vstd": 0.9855219868749999,
  "efc": 0.42411791489393186,
  "fber": 1858.4251708984375,
  "fd_mean": 0.07916838707089799,
  "fd_num": 33,
  "fd_perc": 4.291287386215865,
  "fwhm_avg": 1.8291166996765156,
  "fwhm_x": 1.8431033333333333,
  "fwhm_y": 1.9828066666666666,
  "fwhm_z": 1.661440099029547,
  "gcor": 0.103931,
  "gsr_x": -0.011438856832683086,
  "gsr_y": 0.01288377121090889,
  "provenance": {
    "md5sum": "cdf39bd7a6a9100e01782193d8f56103",
    "settings": {
      "fd_thres": 0.2,
      "testing": false
    },
    "software": "mriqc",
    "version": "22.0.6",
    "webapi_port": null,
    "webapi_url": "https://mriqc.nimh.nih.gov/api/v1"
  },
  "size_t": 769,
  "size_x": 80,
  "size_y": 80,
  "size_z": 36,
  "snr": 6.511792446986806,
  "spacing_tr": 2.0,
  "spacing_x": 3.0,
  "spacing_y": 3.0,
  "spacing_z": 3.999999761581421,
  "summary_bg_k": 50.4858084574357,
  "summary_bg_mad": 3.3363357243210645,
  "summary_bg_mean": 28.236169815063477,
  "summary_bg_median": 18.31794548034668,
  "summary_bg_n": 165864.0,
  "summary_bg_p05": 15.188556671142578,
  "summary_bg_p95": 74.13387336730962,
  "summary_bg_stdv": 36.22136688232422,
  "summary_fg_k": 1.3889743516443058,
  "summary_fg_mad": 109.56990533167809,
  "summary_fg_mean": 798.6644287109375,
  "summary_fg_median": 795.0936279296875,
  "summary_fg_n": 25316.0,
  "summary_fg_p05": 606.7015533447266,
  "summary_fg_p95": 997.325439453125,
  "summary_fg_stdv": 122.0981674194336,
  "tsnr": 57.23008048906922
}