{
  "aor": 0.0009926964769647697,
  "aqi": 0.008357824376693766,
  "bids_meta": {
    "AcquisitionMatrixPE": 80,
    "AcquisitionNumber": 1,
    "AcquisitionTime": "10:45:33.132500",
    "BandwidthPerPixelPhaseEncode": 50,
    "BaseResolution": 80,
    "ConversionSoftware": "dcm2niix",
    "ConversionSoftwareVersion": "v1.0.20171215 GCC4.4.7",
    "DerivedVendorReportedEchoSpacing": 0.0005,
    "DeviceSerialNumber": "35149",
    "DwellTime": 2.6e-06,
    "EchoTime": 0.03,
    "EffectiveEchoSpacing": 0.00025,
    "FlipAngle": 75,
    "ImageOrientationPatientDICOM": [
      0.996715,
      -0.0327915,
      0.0740588,
      0.0617248,
      0.89956,
      -0.432414
    ],
    "ImageType": "ORIGINALPRIMARYMNDMOSAIC",
    "InPlanePhaseEncodingDirectionDICOM": "COL",
    "InstitutionAddress": "Street_StreetNo_Rehovot_FA2669_District_IL_ZIP",
    "InstitutionName": "Weizmann",
    "InstitutionalDepartmentName": "Department",
    "MRAcquisitionType": "2D",
    "MagneticFieldStrength": 3,
    "Manufacturer": "Siemens",
    "ManufacturersModelName": "TrioTim",
    "Modality": "MR",
    "ParallelReductionFactorInPlane": 2,
    "PartialFourier": 1,
    "PatientPosition": "HFS",
    "PercentPhaseFOV": 100,
    "PhaseEncodingDirection": "j-",
    "PhaseEncodingSteps": 79,
    "PhaseResolution": 1,
    "PixelBandwidth": 2404,
    "ProcedureStepDescription": "Weizmann_Dudai",
    "ProtocolName": "ep2d_E_NE_clips_1_2000_30ac_pc",
    "PulseSequenceDetails": "%SiemensSeq%_ep2d_pace",
    "ReceiveCoilName": "HeadMatrix",
    "ReconMatrixPE": 80,
    "RepetitionTime": 2,
    "SAR": 0.155279,
    "ScanOptions": "FS",
    "ScanningSequence": "EP",
    "SequenceName": "epfid2d1_80",
    "SequenceVariant": "SK",
    "SeriesDescription": "ep2d_E_NE_clips_1_2000_30ac_pc",
    "SeriesNumber": 3,
    "ShimSetting": [
      2373,
      9507,
      -5439,
      792,
      -70,
      -382,
      -53,
      -52
    ],
    "SliceThickness": 4,
    "SliceTiming": [
      0.9925,
      0,
      1.05,
      0.055,
      1.105,
      0.11,
      1.16,
      0.165,
      1.215,
      0.22,
      1.27,
      0.275,
      1.325,
      0.33,
      1.38,
      0.3875,
      1.435,
      0.4425,
      1.49,
      0.4975,
      1.545,
      0.5525,
      1.6,
      0.6075,
      1.6575,
      0.6625,
      1.7125,
      0.7175,
      1.7675,
      0.7725,
      1.8225,
      0.8275,
      1.8775,
      0.8825,
      1.9325,
      0.9375
    ],
    "SoftwareVersions": "syngo_MR_B17",
    "SpacingBetweenSlices": 4,
    "StationName": "MRC35149",
    "TaskName": "viewclips",
    "TotalReadoutTime": 0.01975,
    "TxRefAmp": 305.987,
    "VendorReportedEchoSpacing": 0.0005,
    "dataset": "ds001608",
    "modality": "bold",
    "run_id": 1,
    "subject_id": "19",
    "task_id": "viewclips"
  },
  "dummy_trs": 0,
  "dvars_nstd": 29.53427727521035,
  "dvars_std": 1.067090583785617,
  "dvars_vstd": 1.0125369006105844,
  "efc": 0.43989077843132696,
  "fber": 1476.39794921875,
  "fd_mean": 0.3295186063955942,
  "fd_num": 461,
  "fd_perc": 62.46612466124661,
  "fwhm_avg": 1.8428098238566533,
  "fwhm_x": 1.7854366666666666,
  "fwhm_y": 2.03785,
  "fwhm_z": 1.7051428049032935,
  "gcor": 0.0578395,
  "gsr_x": -0.013604826293885708,
  "gsr_y": 0.019128356128931046,
  "provenance": {
    "md5sum": "d613000b8b6676c6ccfeb006208c8d50",
    "settings": {
      "fd_thres": 0.2,
      "testing": false
    },
    "software": "mriqc",
    "version": "22.0.6",
    "webapi_port": null,
    "webapi_url": "https://mriqc.nimh.nih.gov/api/v1"
  },
  "size_t": 738,
  "size_x": 80,
  "size_y": 80,
  "size_z": 36,
  "snr": 5.512779376028396,
  "spacing_tr": 2.0,
  "spacing_x": 3.0,
  "spacing_y": 3.0,
  "spacing_z": 3.9999992847442627,
  "summary_bg_k": 49.73128870334591,
  "summary_bg_mad": 4.088204469092045,
  "summary_bg_mean": 32.33656311035156,
  "summary_bg_median": 20.135501861572266,
  "summary_bg_n": 163852.0,
  "summary_bg_p05": 16.45799446105957,
  "summary_bg_p95": 89.16727943420408,
  "summary_bg_stdv": 43.181251525878906,
  "summary_fg_k": 2.7315529563858556,
  "summary_fg_mad": 112.23879745396172,
  "summary_fg_mean": 787.7261352539062,
  "summary_fg_median": 776.1375732421875,
  "summary_fg_n": 26278.0,
  "summary_fg_p05": 582.8146942138673,
  "summary_fg_p95": 1022.9173461914061,
  "summary_fg_stdv": 140.78611755371094,
  "tsnr": 48.455161968944594
}