{
  "aor": 0.0003539661898569571,
  "aqi": 0.006866854317295188,
  "bids_meta": {
    "AcquisitionMatrixPE": 80,
    "AcquisitionNumber": 1,
    "AcquisitionTime": "09:42:30.287500",
    "BandwidthPerPixelPhaseEncode": 50,
    "BaseResolution": 80,
    "ConversionSoftware": "dcm2niix",
    "ConversionSoftwareVersion": "v1.0.20171215 GCC4.4.7",
    "DerivedVendorReportedEchoSpacing": 0.0005,
    "DeviceSerialNumber": "35149",
    "DwellTime": 2.6e-06,
    "EchoTime": 0.03,
    "EffectiveEchoSpacing": 0.00025,
    "FlipAngle": 75,
    "ImageOrientationPatientDICOM": [
      0.991444,
      -0.105146,
      0.0773485,
      0.128547,
      0.889432,
      -0.438618
    ],
    "ImageType": "ORIGINALPRIMARYMNDMOSAIC",
    "InPlanePhaseEncodingDirectionDICOM": "COL",
    "InstitutionAddress": "Street_StreetNo_Rehovot_FA2669_District_IL_ZIP",
    "InstitutionName": "Weizmann",
    "InstitutionalDepartmentName": "Department",
    "MRAcquisitionType": "2D",
    "MagneticFieldStrength": 3,
    "Manufacturer": "Siemens",
    "ManufacturersModelName": "TrioTim",
    "Modality": "MR",
    "ParallelReductionFactorInPlane": 2,
    "PartialFourier": 1,
    "PatientPosition": "HFS",
    "PercentPhaseFOV": 100,
    "PhaseEncodingDirection": "j-",
    "PhaseEncodingSteps": 79,
    "PhaseResolution": 1,
    "PixelBandwidth": 2404,
    "ProcedureStepDescription": "Weizmann_Dudai",
    "ProtocolName": "ep2d_E_NE_clips_1_2000_30ac_pc",
    "PulseSequenceDetails": "%SiemensSeq%_ep2d_pace",
    "ReceiveCoilName": "HeadMatrix",
    "ReconMatrixPE": 80,
    "RepetitionTime": 2,
    "SAR": 0.12264,
    "ScanOptions": "FS",
    "ScanningSequence": "EP",
    "SequenceName": "epfid2d1_80",
    "SequenceVariant": "SK",
    "SeriesDescription": "ep2d_E_NE_clips_1_2000_30ac_pc",
    "SeriesNumber": 3,
    "ShimSetting": [
      2364,
      9568,
      -5488,
      1050,
      -24,
      -299,
      67,
      -69
    ],
    "SliceThickness": 4,
    "SliceTiming": [
      0.995,
      0,
      1.05,
      0.055,
      1.105,
      0.11,
      1.16,
      0.1675,
      1.215,
      0.2225,
      1.27,
      0.2775,
      1.325,
      0.3325,
      1.38,
      0.3875,
      1.4375,
      0.4425,
      1.4925,
      0.4975,
      1.5475,
      0.5525,
      1.6025,
      0.6075,
      1.6575,
      0.6625,
      1.7125,
      0.7175,
      1.7675,
      0.775,
      1.8225,
      0.83,
      1.8775,
      0.885,
      1.9325,
      0.94
    ],
    "SoftwareVersions": "syngo_MR_B17",
    "SpacingBetweenSlices": 4,
    "StationName": "MRC35149",
    "TaskName": "viewclips",
    "TotalReadoutTime": 0.01975,
    "TxRefAmp": 283.497,
    "VendorReportedEchoSpacing": 0.0005,
    "dataset": "ds001608",
    "modality": "bold",
    "run_id": 1,
    "subject_id": "09",
    "task_id": "viewclips"
  },
  "dummy_trs": 0,
  "dvars_nstd": 25.821054182890595,
  "dvars_std": 1.0627825485286453,
  "dvars_vstd": 0.9945297998437499,
  "efc": 0.4264455746126301,
  "fber": 1769.455322265625,
  "fd_mean": 0.175639014853652,
  "fd_num": 211,
  "fd_perc": 27.438231469440833,
  "fwhm_avg": 1.8652661116549707,
  "fwhm_x": 1.8423566666666666,
  "fwhm_y": 2.0023933333333335,
  "fwhm_z": 1.751048334964912,
  "gcor": 0.0216695,
  "gsr_x": -0.01662210188806057,
  "gsr_y": 0.017989052459597588,
  "provenance": {
    "md5sum": "165efe43d193ce173ecaa27a4ea14e62",
    "settings": {
      "fd_thres": 0.2,
      "testing": false
    },
    "software": "mriqc",
    "version": "22.0.6",
    "webapi_port": null,
    "webapi_url": "https://mriqc.nimh.nih.gov/api/v1"
  },
  "size_t": 769,
  "size_x": 80,
  "size_y": 80,
  "size_z": 36,
  "snr": 5.958853141245941,
  "spacing_tr": 2.0,
  "spacing_x": 3.0,
  "spacing_y": 3.0,
  "spacing_z": 3.999998092651367,
  "summary_bg_k": 75.3989793660648,
  "summary_bg_mad": 3.4568356131893214,
  "summary_bg_mean": 29.007442474365234,
  "summary_bg_median": 18.241872787475586,
  "summary_bg_n": 165688.0,
  "summary_bg_p05": 15.09622859954834,
  "summary_bg_p95": 73.52223434448238,
  "summary_bg_stdv": 42.81260299682617,
  "summary_fg_k": 1.148054280706992,
  "summary_fg_mad": 113.15972291646975,
  "summary_fg_mean": 779.64453125,
  "summary_fg_median": 770.3173217773438,
  "summary_fg_n": 25545.0,
  "summary_fg_p05": 571.0364013671875,
  "summary_fg_p95": 997.9128784179687,
  "summary_fg_stdv": 129.2702178955078,
  "tsnr": 56.293646197766066
}