{
  "bids_meta": {
    "AcquisitionMatrixPE": 256,
    "AcquisitionNumber": 1,
    "AcquisitionTime": "11:40:6.335000",
    "BaseResolution": 256,
    "ConversionSoftware": "dcm2niix",
    "ConversionSoftwareVersion": "v1.0.20171215 GCC4.4.7",
    "DeviceSerialNumber": "35149",
    "DwellTime": 8.2e-06,
    "EchoTime": 0.00298,
    "FlipAngle": 9,
    "ImageOrientationPatientDICOM": [
      0.017461,
      0.999846,
      -0.00173697,
      0.097688,
      -0.00343491,
      -0.995211
    ],
    "ImageType": [
      "ORIGINAL",
      "PRIMARY",
      "M",
      "ND"
    ],
    "InPlanePhaseEncodingDirectionDICOM": "ROW",
    "InstitutionAddress": "Street_StreetNo_Rehovot_FA2669_District_IL_ZIP",
    "InstitutionName": "Weizmann",
    "InstitutionalDepartmentName": "Department",
    "InversionTime": 0.9,
    "MRAcquisitionType": "3D",
    "MagneticFieldStrength": 3,
    "Manufacturer": "Siemens",
    "ManufacturersModelName": "TrioTim",
    "Modality": "MR",
    "PartialFourier": 0.875,
    "PatientPosition": "HFS",
    "PercentPhaseFOV": 100,
    "PhaseEncodingSteps": 224,
    "PhaseResolution": 1,
    "PixelBandwidth": 238,
    "ProcedureStepDescription": "Weizmann_Dudai",
    "ProtocolName": "t1_mprage",
    "PulseSequenceDetails": "%SiemensSeq%_tfl",
    "ReceiveCoilName": "HeadMatrix",
    "ReconMatrixPE": 256,
    "RepetitionTime": 2.3,
    "SAR": 0.105729,
    "ScanOptions": "IR_PFP",
    "ScanningSequence": "GR_IR",
    "SequenceName": "tfl3d1_ns",
    "SequenceVariant": "SP_MP",
    "SeriesDescription": "t1_mprage",
    "SeriesNumber": 7,
    "ShimSetting": [
      2380,
      9476,
      -5609,
      338,
      -93,
      -476,
      72,
      -70
    ],
    "SliceThickness": 1,
    "SoftwareVersions": "syngo_MR_B17",
    "StationName": "MRC35149",
    "TxRefAmp": 305.987,
    "dataset": "ds001608",
    "modality": "T1w",
    "subject_id": "19"
  },
  "cjv": 0.379550310369198,
  "cnr": 3.523598608450612,
  "efc": 0.5674716216689749,
  "fber": 15738.593687479472,
  "fwhm_avg": 3.745613481711167,
  "fwhm_x": 3.7340504451335006,
  "fwhm_y": 4.06252,
  "fwhm_z": 3.44027,
  "icvs_csf": 0.23359453327476729,
  "icvs_gm": 0.41495263994358983,
  "icvs_wm": 0.35145282678164286,
  "inu_med": 0.46456053853034973,
  "inu_range": 0.10693847537040713,
  "provenance": {
    "md5sum": "efaa8ffa899eccb03b47c403b33329e9",
    "settings": {
      "testing": false
    },
    "software": "mriqc",
    "version": "22.0.6",
    "warnings": {
      "large_rot_frame": true,
      "small_air_mask": false
    },
    "webapi_port": null,
    "webapi_url": "https://mriqc.nimh.nih.gov/api/v1"
  },
  "qi_1": 0.0,
  "qi_2": 0.0035699158375263984,
  "rpve_csf": 23.89167620918877,
  "rpve_gm": 13.575711257311685,
  "rpve_wm": 18.814650772760242,
  "size_x": 176,
  "size_y": 256,
  "size_z": 256,
  "snr_csf": 1.7100460672148519,
  "snr_gm": 9.217204204023318,
  "snr_total": 10.80825812786179,
  "snr_wm": 21.4975241123472,
  "snrd_csf": 22.690378441728498,
  "snrd_gm": 75.99778613736196,
  "snrd_total": 69.78317890775689,
  "snrd_wm": 110.6613721441802,
  "spacing_x": 0.9999998807907104,
  "spacing_y": 1.0,
  "spacing_z": 1.0,
  "summary_bg_k": 3.4024570585430087,
  "summary_bg_mad": 5.920190432474576,
  "summary_bg_mean": 9.784266105731442,
  "summary_bg_median": 3.9931077659130096,
  "summary_bg_n": 1917057.0,
  "summary_bg_p05": 0.0,
  "summary_bg_p95": 38.12597414851189,
  "summary_bg_stdv": 13.699217782321778,
  "summary_csf_k": 0.15162233512745038,
  "summary_csf_mad": 120.24879950344763,
  "summary_csf_mean": 222.76666306769638,
  "summary_csf_median": 205.04334877431393,
  "summary_csf_n": 32832.0,
  "summary_csf_p05": 58.72056420147419,
  "summary_csf_p95": 447.97609373703574,
  "summary_csf_stdv": 119.90333480906361,
  "summary_gm_k": 0.07761202268684819,
  "summary_gm_mad": 73.23194466471975,
  "summary_gm_mean": 686.0639960578827,
  "summary_gm_median": 686.7598356306553,
  "summary_gm_n": 30508.0,
  "summary_gm_p05": 560.9769410043955,
  "summary_gm_p95": 808.8409005574881,
  "summary_gm_stdv": 74.50725457866395,
  "summary_wm_k": 0.166576837518142,
  "summary_wm_mad": 45.65845497922173,
  "summary_wm_mean": 1000.0575121226161,
  "summary_wm_median": 999.9999948292971,
  "summary_wm_n": 200146.0,
  "summary_wm_p05": 923.6933464258909,
  "summary_wm_p95": 1076.6348438709974,
  "summary_wm_stdv": 46.516868241375995,
  "tpm_overlap_csf": 0.1522384906209978,
  "tpm_overlap_gm": 0.45470653118794185,
  "tpm_overlap_wm": 0.4992246665169067,
  "wm2max": 0.5978058271475752
}