{
  "bids_meta": {
    "AcquisitionMatrixPE": 256,
    "AcquisitionNumber": 1,
    "AcquisitionTime": "11:34:56.897500",
    "BaseResolution": 256,
    "ConversionSoftware": "dcm2niix",
    "ConversionSoftwareVersion": "v1.0.20171215 GCC4.4.7",
    "DeviceSerialNumber": "35149",
    "DwellTime": 8.2e-06,
    "EchoTime": 0.00298,
    "FlipAngle": 9,
    "ImageOrientationPatientDICOM": [
      0.0339701,
      0.981372,
      0.189093,
      0.0122089,
      0.18878,
      -0.981943
    ],
    "ImageType": [
      "ORIGINAL",
      "PRIMARY",
      "M",
      "ND"
    ],
    "InPlanePhaseEncodingDirectionDICOM": "ROW",
    "InstitutionAddress": "Street_StreetNo_Rehovot_FA2669_District_IL_ZIP",
    "InstitutionName": "Weizmann",
    "InstitutionalDepartmentName": "Department",
    "InversionTime": 0.9,
    "MRAcquisitionType": "3D",
    "MagneticFieldStrength": 3,
    "Manufacturer": "Siemens",
    "ManufacturersModelName": "TrioTim",
    "Modality": "MR",
    "PartialFourier": 0.875,
    "PatientPosition": "HFS",
    "PercentPhaseFOV": 100,
    "PhaseEncodingSteps": 224,
    "PhaseResolution": 1,
    "PixelBandwidth": 238,
    "ProcedureStepDescription": "Weizmann_Dudai",
    "ProtocolName": "t1_mprage",
    "PulseSequenceDetails": "%SiemensSeq%_tfl",
    "ReceiveCoilName": "HeadMatrix",
    "ReconMatrixPE": 256,
    "RepetitionTime": 2.3,
    "SAR": 0.111608,
    "ScanOptions": "IR_PFP",
    "ScanningSequence": "GR_IR",
    "SequenceName": "tfl3d1_ns",
    "SequenceVariant": "SP_MP",
    "SeriesDescription": "t1_mprage",
    "SeriesNumber": 7,
    "ShimSetting": [
      2267,
      9695,
      -5600,
      474,
      -104,
      -45,
      -159,
      108
    ],
    "SliceThickness": 1,
    "SoftwareVersions": "syngo_MR_B17",
    "StationName": "MRC35149",
    "TxRefAmp": 330.763,
    "dataset": "ds001608",
    "modality": "T1w",
    "subject_id": "05"
  },
  "cjv": 0.3342336531893375,
  "cnr": 4.009200239706907,
  "efc": 0.5633040151315419,
  "fber": 15568.989678604225,
  "fwhm_avg": 3.9241786811120782,
  "fwhm_x": 3.9025660433362366,
  "fwhm_y": 4.27197,
  "fwhm_z": 3.598,
  "icvs_csf": 0.19590834723547193,
  "icvs_gm": 0.44929802089068316,
  "icvs_wm": 0.35479363187384494,
  "inu_med": 0.4428536891937256,
  "inu_range": 0.0991102635860443,
  "provenance": {
    "md5sum": "3921b83542264a9027d26c9433761898",
    "settings": {
      "testing": false
    },
    "software": "mriqc",
    "version": "22.0.6",
    "warnings": {
      "large_rot_frame": true,
      "small_air_mask": false
    },
    "webapi_port": null,
    "webapi_url": "https://mriqc.nimh.nih.gov/api/v1"
  },
  "qi_1": 0.0,
  "qi_2": 0.002724143184122535,
  "rpve_csf": 26.978860873904324,
  "rpve_gm": 12.522892175729917,
  "rpve_wm": 17.745914536691735,
  "size_x": 176,
  "size_y": 256,
  "size_z": 256,
  "snr_csf": 2.141099214480149,
  "snr_gm": 9.862726395114237,
  "snr_total": 10.952177119858819,
  "snr_wm": 20.85270574998207,
  "snrd_csf": 10.021506037007933,
  "snrd_gm": 27.293277677569048,
  "snrd_total": 26.162678307351467,
  "snrd_wm": 41.17325120747741,
  "spacing_x": 1.0000035762786865,
  "spacing_y": 1.0,
  "spacing_z": 1.0,
  "summary_bg_k": 292.22103774583263,
  "summary_bg_mad": 0.0,
  "summary_bg_mean": 9.417429685087859,
  "summary_bg_median": 0.0,
  "summary_bg_n": 2041688.0,
  "summary_bg_p05": 0.0,
  "summary_bg_p95": 38.59126668423414,
  "summary_bg_stdv": 15.911699425437005,
  "summary_csf_k": 0.3141616423580347,
  "summary_csf_mad": 101.86160635892229,
  "summary_csf_mean": 255.37646179820592,
  "summary_csf_median": 243.39846152812243,
  "summary_csf_n": 27221.0,
  "summary_csf_p05": 75.66319216042757,
  "summary_csf_p95": 464.03719175979495,
  "summary_csf_stdv": 113.67711923683106,
  "summary_gm_k": 0.1107116358049125,
  "summary_gm_mad": 65.86539960050614,
  "summary_gm_mean": 663.784647964613,
  "summary_gm_median": 662.8885690681636,
  "summary_gm_n": 55807.0,
  "summary_gm_p05": 554.4379936382174,
  "summary_gm_p95": 775.8880520749836,
  "summary_gm_stdv": 67.21089112370133,
  "summary_wm_k": 0.20678942332303096,
  "summary_wm_mad": 46.80858425781524,
  "summary_wm_mean": 1000.5363725346766,
  "summary_wm_median": 999.9999963082373,
  "summary_wm_n": 206223.0,
  "summary_wm_p05": 922.7566892914474,
  "summary_wm_p95": 1079.9750788170843,
  "summary_wm_stdv": 47.95529096967886,
  "tpm_overlap_csf": 0.14732351951500466,
  "tpm_overlap_gm": 0.48435849773427075,
  "tpm_overlap_wm": 0.5213931668756191,
  "wm2max": 0.5315361878765364
}