{
  "aor": 0.0003933550065019506,
  "aqi": 0.006135694083224967,
  "bids_meta": {
    "AcquisitionMatrixPE": 80,
    "AcquisitionNumber": 1,
    "AcquisitionTime": "10:09:23.682500",
    "BandwidthPerPixelPhaseEncode": 50,
    "BaseResolution": 80,
    "ConversionSoftware": "dcm2niix",
    "ConversionSoftwareVersion": "v1.0.20171215 GCC4.4.7",
    "DerivedVendorReportedEchoSpacing": 0.0005,
    "DeviceSerialNumber": "35149",
    "DwellTime": 2.6e-06,
    "EchoTime": 0.03,
    "EffectiveEchoSpacing": 0.00025,
    "FlipAngle": 75,
    "ImageOrientationPatientDICOM": [
      0.991439,
      -0.105184,
      0.0773671,
      0.128589,
      0.889428,
      -0.438615
    ],
    "ImageType": "ORIGINALPRIMARYMNDMOSAIC",
    "InPlanePhaseEncodingDirectionDICOM": "COL",
    "InstitutionAddress": "Street_StreetNo_Rehovot_FA2669_District_IL_ZIP",
    "InstitutionName": "Weizmann",
    "InstitutionalDepartmentName": "Department",
    "MRAcquisitionType": "2D",
    "MagneticFieldStrength": 3,
    "Manufacturer": "Siemens",
    "ManufacturersModelName": "TrioTim",
    "Modality": "MR",
    "ParallelReductionFactorInPlane": 2,
    "PartialFourier": 1,
    "PatientPosition": "HFS",
    "PercentPhaseFOV": 100,
    "PhaseEncodingDirection": "j-",
    "PhaseEncodingSteps": 79,
    "PhaseResolution": 1,
    "PixelBandwidth": 2404,
    "ProcedureStepDescription": "Weizmann_Dudai",
    "ProtocolName": "ep2d_E_NE_clips_1_2000_30ac_pc",
    "PulseSequenceDetails": "%SiemensSeq%_ep2d_pace",
    "ReceiveCoilName": "HeadMatrix",
    "ReconMatrixPE": 80,
    "RepetitionTime": 2,
    "SAR": 0.12264,
    "ScanOptions": "FS",
    "ScanningSequence": "EP",
    "SequenceName": "epfid2d1_80",
    "SequenceVariant": "SK",
    "SeriesDescription": "ep2d_E_NE_clips_1_2000_30ac_pc",
    "SeriesNumber": 5,
    "ShimSetting": [
      2364,
      9568,
      -5488,
      1050,
      -24,
      -299,
      67,
      -69
    ],
    "SliceThickness": 4,
    "SliceTiming": [
      0.9925,
      0,
      1.0475,
      0.055,
      1.1025,
      0.11,
      1.1575,
      0.165,
      1.2125,
      0.22,
      1.2675,
      0.275,
      1.325,
      0.33,
      1.38,
      0.385,
      1.435,
      0.44,
      1.49,
      0.495,
      1.545,
      0.55,
      1.6,
      0.605,
      1.655,
      0.6625,
      1.71,
      0.7175,
      1.765,
      0.7725,
      1.82,
      0.8275,
      1.875,
      0.8825,
      1.93,
      0.9375
    ],
    "SoftwareVersions": "syngo_MR_B17",
    "SpacingBetweenSlices": 4,
    "StationName": "MRC35149",
    "TaskName": "viewclips",
    "TotalReadoutTime": 0.01975,
    "TxRefAmp": 283.497,
    "VendorReportedEchoSpacing": 0.0005,
    "dataset": "ds001608",
    "modality": "bold",
    "run_id": 2,
    "subject_id": "09",
    "task_id": "viewclips"
  },
  "dummy_trs": 0,
  "dvars_nstd": 24.779518008203112,
  "dvars_std": 1.0473069529557295,
  "dvars_vstd": 0.9995237137500008,
  "efc": 0.4269540537668519,
  "fber": 1810.0458984375,
  "fd_mean": 0.23115777300757787,
  "fd_num": 324,
  "fd_perc": 42.13263979193758,
  "fwhm_avg": 1.8693828825655607,
  "fwhm_x": 1.8480933333333331,
  "fwhm_y": 2.009586666666667,
  "fwhm_z": 1.7504686476966813,
  "gcor": 0.0627943,
  "gsr_x": -0.016789963468909264,
  "gsr_y": 0.019069448113441467,
  "provenance": {
    "md5sum": "1589d3b5f98c189c262575b5a8e57090",
    "settings": {
      "fd_thres": 0.2,
      "testing": false
    },
    "software": "mriqc",
    "version": "22.0.6",
    "webapi_port": null,
    "webapi_url": "https://mriqc.nimh.nih.gov/api/v1"
  },
  "size_t": 769,
  "size_x": 80,
  "size_y": 80,
  "size_z": 36,
  "snr": 6.018604976302332,
  "spacing_tr": 2.0,
  "spacing_x": 3.0,
  "spacing_y": 3.0,
  "spacing_z": 3.99999737739563,
  "summary_bg_k": 76.78884737995274,
  "summary_bg_mad": 3.2891037381711055,
  "summary_bg_mean": 29.196870803833008,
  "summary_bg_median": 18.11443519592285,
  "summary_bg_n": 165711.0,
  "summary_bg_p05": 15.126137733459473,
  "summary_bg_p95": 75.83224868774414,
  "summary_bg_stdv": 43.17181396484375,
  "summary_fg_k": 1.0275084533169716,
  "summary_fg_mad": 114.5835965680924,
  "summary_fg_mean": 781.7910766601562,
  "summary_fg_median": 773.189208984375,
  "summary_fg_n": 25582.0,
  "summary_fg_p05": 575.4242126464844,
  "summary_fg_p95": 999.880075073242,
  "summary_fg_stdv": 128.46400451660156,
  "tsnr": 57.40749719948508
}