{
  "bids_meta": {
    "AcquisitionMatrixPE": 256,
    "AcquisitionNumber": 1,
    "AcquisitionTime": "14:35:58.805000",
    "BaseResolution": 256,
    "ConversionSoftware": "dcm2niix",
    "ConversionSoftwareVersion": "v1.0.20171215 GCC4.4.7",
    "DeviceSerialNumber": "35149",
    "DwellTime": 8.2e-06,
    "EchoTime": 0.00298,
    "FlipAngle": 9,
    "ImageOrientationPatientDICOM": [
      -0.0294547,
      0.970783,
      0.238144,
      0.0516112,
      0.239406,
      -0.969547
    ],
    "ImageType": [
      "ORIGINAL",
      "PRIMARY",
      "M",
      "ND"
    ],
    "InPlanePhaseEncodingDirectionDICOM": "ROW",
    "InstitutionAddress": "Street_StreetNo_Rehovot_FA2669_District_IL_ZIP",
    "InstitutionName": "Weizmann",
    "InstitutionalDepartmentName": "Department",
    "InversionTime": 0.9,
    "MRAcquisitionType": "3D",
    "MagneticFieldStrength": 3,
    "Manufacturer": "Siemens",
    "ManufacturersModelName": "TrioTim",
    "Modality": "MR",
    "PartialFourier": 0.875,
    "PatientPosition": "HFS",
    "PercentPhaseFOV": 100,
    "PhaseEncodingSteps": 224,
    "PhaseResolution": 1,
    "PixelBandwidth": 238,
    "ProcedureStepDescription": "Weizmann_Dudai",
    "ProtocolName": "t1_mprage",
    "PulseSequenceDetails": "%SiemensSeq%_tfl",
    "ReceiveCoilName": "HeadMatrix",
    "ReconMatrixPE": 256,
    "RepetitionTime": 2.3,
    "SAR": 0.119784,
    "ScanOptions": "IR_PFP",
    "ScanningSequence": "GR_IR",
    "SequenceName": "tfl3d1_ns",
    "SequenceVariant": "SP_MP",
    "SeriesDescription": "t1_mprage",
    "SeriesNumber": 7,
    "ShimSetting": [
      2353,
      9441,
      -5542,
      421,
      -83,
      -707,
      69,
      -52
    ],
    "SliceThickness": 1,
    "SoftwareVersions": "syngo_MR_B17",
    "StationName": "MRC35149",
    "TxRefAmp": 360.21,
    "dataset": "ds001608",
    "modality": "T1w",
    "subject_id": "12"
  },
  "cjv": 0.3797815976322604,
  "cnr": 3.5807778438353863,
  "efc": 0.6151926803930303,
  "fber": 14361.894401257752,
  "fwhm_avg": 3.43064672218538,
  "fwhm_x": 3.4113301665561395,
  "fwhm_y": 3.68465,
  "fwhm_z": 3.19596,
  "icvs_csf": 0.18001657219071152,
  "icvs_gm": 0.45140316390772184,
  "icvs_wm": 0.3685802639015667,
  "inu_med": 0.5387139320373535,
  "inu_range": 0.15944516956806182,
  "provenance": {
    "md5sum": "d82e02c61f3ec38cad165fa297e50741",
    "settings": {
      "testing": false
    },
    "software": "mriqc",
    "version": "22.0.6",
    "warnings": {
      "large_rot_frame": true,
      "small_air_mask": false
    },
    "webapi_port": null,
    "webapi_url": "https://mriqc.nimh.nih.gov/api/v1"
  },
  "qi_1": 0.0,
  "qi_2": 0.0031149510193002597,
  "rpve_csf": 25.12430603404767,
  "rpve_gm": 11.05488240318962,
  "rpve_wm": 15.384064963725361,
  "size_x": 176,
  "size_y": 256,
  "size_z": 256,
  "snr_csf": 1.9291246602614658,
  "snr_gm": 9.16284628255559,
  "snr_total": 9.69746715492915,
  "snr_wm": 18.000430521970397,
  "snrd_csf": 24.38622811689807,
  "snrd_gm": 72.67118785689138,
  "snrd_total": 68.68854106249032,
  "snrd_wm": 109.0082072136815,
  "spacing_x": 0.9999970197677612,
  "spacing_y": 1.0,
  "spacing_z": 1.0,
  "summary_bg_k": 25.35778346094628,
  "summary_bg_mad": 6.010130336859975,
  "summary_bg_mean": 11.793743275234858,
  "summary_bg_median": 4.053771309554577,
  "summary_bg_n": 2209308.0,
  "summary_bg_p05": 0.0,
  "summary_bg_p95": 46.500679925084114,
  "summary_bg_stdv": 16.926052578783843,
  "summary_csf_k": 1.7761669204764292,
  "summary_csf_mad": 103.76199213830512,
  "summary_csf_mean": 237.83311722144188,
  "summary_csf_median": 223.71586956083775,
  "summary_csf_n": 20468.0,
  "summary_csf_p05": 74.58939209580421,
  "summary_csf_p95": 453.90861953981215,
  "summary_csf_stdv": 115.9647217657699,
  "summary_gm_k": 0.043771426266224545,
  "summary_gm_mad": 72.4705393522019,
  "summary_gm_mean": 667.1052534375422,
  "summary_gm_median": 666.6753835603595,
  "summary_gm_n": 41003.0,
  "summary_gm_p05": 547.4160469695926,
  "summary_gm_p95": 786.6408609598875,
  "summary_gm_stdv": 72.75765994102184,
  "summary_wm_k": 0.25380622223941796,
  "summary_wm_mad": 54.12994806617113,
  "summary_wm_mean": 1001.2528260180243,
  "summary_wm_median": 1000.0261520221829,
  "summary_wm_n": 227199.0,
  "summary_wm_p05": 912.2005427666008,
  "summary_wm_p95": 1094.416255462914,
  "summary_wm_stdv": 55.55555740890302,
  "tpm_overlap_csf": 0.14885958320742118,
  "tpm_overlap_gm": 0.4556132307921308,
  "tpm_overlap_wm": 0.5042561178205733,
  "wm2max": 0.6239210247205679
}