{
  "aor": 0.00028132639791937576,
  "aqi": 0.007050655201560467,
  "bids_meta": {
    "AcquisitionMatrixPE": 80,
    "AcquisitionNumber": 1,
    "AcquisitionTime": "14:04:54.950000",
    "BandwidthPerPixelPhaseEncode": 50,
    "BaseResolution": 80,
    "ConversionSoftware": "dcm2niix",
    "ConversionSoftwareVersion": "v1.0.20171215 GCC4.4.7",
    "DerivedVendorReportedEchoSpacing": 0.0005,
    "DeviceSerialNumber": "35149",
    "DwellTime": 2.6e-06,
    "EchoTime": 0.03,
    "EffectiveEchoSpacing": 0.00025,
    "FlipAngle": 75,
    "ImageOrientationPatientDICOM": [
      0.996749,
      -0.0558394,
      0.0580813,
      0.0780951,
      0.846878,
      -0.526022
    ],
    "ImageType": "ORIGINALPRIMARYMNDMOSAIC",
    "InPlanePhaseEncodingDirectionDICOM": "COL",
    "InstitutionAddress": "Street_StreetNo_Rehovot_FA2669_District_IL_ZIP",
    "InstitutionName": "Weizmann",
    "InstitutionalDepartmentName": "Department",
    "MRAcquisitionType": "2D",
    "MagneticFieldStrength": 3,
    "Manufacturer": "Siemens",
    "ManufacturersModelName": "TrioTim",
    "Modality": "MR",
    "ParallelReductionFactorInPlane": 2,
    "PartialFourier": 1,
    "PatientPosition": "HFS",
    "PercentPhaseFOV": 100,
    "PhaseEncodingDirection": "j-",
    "PhaseEncodingSteps": 79,
    "PhaseResolution": 1,
    "PixelBandwidth": 2404,
    "ProcedureStepDescription": "Weizmann_Malach",
    "ProtocolName": "ep2d_E_NE_clips_1_2000_30ac_pc",
    "PulseSequenceDetails": "%SiemensSeq%_ep2d_pace",
    "ReceiveCoilName": "HeadMatrix",
    "ReconMatrixPE": 80,
    "RepetitionTime": 2,
    "SAR": 0.136962,
    "ScanOptions": "FS",
    "ScanningSequence": "EP",
    "SequenceName": "epfid2d1_80",
    "SequenceVariant": "SK",
    "SeriesDescription": "ep2d_E_NE_clips_1_2000_30ac_pc",
    "SeriesNumber": 5,
    "ShimSetting": [
      2389,
      9569,
      -5509,
      651,
      1,
      -492,
      -309,
      -28
    ],
    "SliceThickness": 4,
    "SliceTiming": [
      0.9925,
      0,
      1.0475,
      0.055,
      1.1025,
      0.11,
      1.1575,
      0.165,
      1.215,
      0.22,
      1.27,
      0.275,
      1.325,
      0.33,
      1.38,
      0.385,
      1.435,
      0.44,
      1.49,
      0.495,
      1.545,
      0.5525,
      1.6,
      0.6075,
      1.655,
      0.6625,
      1.71,
      0.7175,
      1.765,
      0.7725,
      1.8225,
      0.8275,
      1.8775,
      0.8825,
      1.9325,
      0.9375
    ],
    "SoftwareVersions": "syngo_MR_B17",
    "SpacingBetweenSlices": 4,
    "StationName": "MRC35149",
    "TaskName": "viewclips",
    "TotalReadoutTime": 0.01975,
    "TxRefAmp": 303.764,
    "VendorReportedEchoSpacing": 0.0005,
    "dataset": "ds001608",
    "modality": "bold",
    "run_id": 2,
    "subject_id": "13",
    "task_id": "viewclips"
  },
  "dummy_trs": 0,
  "dvars_nstd": 25.505736045572927,
  "dvars_std": 1.0463643633203141,
  "dvars_vstd": 0.9940924898046872,
  "efc": 0.4507959344464935,
  "fber": 1425.3846435546875,
  "fd_mean": 0.1805622975891972,
  "fd_num": 272,
  "fd_perc": 35.37061118335501,
  "fwhm_avg": 1.7701025475962249,
  "fwhm_x": 1.7343333333333335,
  "fwhm_y": 1.9383133333333333,
  "fwhm_z": 1.6376609761220073,
  "gcor": 0.064698,
  "gsr_x": -0.014258389361202717,
  "gsr_y": 0.007280537858605385,
  "provenance": {
    "md5sum": "54cadcd6dbfd1c3b87b12d1fb25e320a",
    "settings": {
      "fd_thres": 0.2,
      "testing": false
    },
    "software": "mriqc",
    "version": "22.0.6",
    "webapi_port": null,
    "webapi_url": "https://mriqc.nimh.nih.gov/api/v1"
  },
  "size_t": 769,
  "size_x": 80,
  "size_y": 80,
  "size_z": 36,
  "snr": 6.166611929790291,
  "spacing_tr": 2.0,
  "spacing_x": 3.0,
  "spacing_y": 3.0,
  "spacing_z": 3.999997615814209,
  "summary_bg_k": 31.486995207834056,
  "summary_bg_mad": 3.969669928547346,
  "summary_bg_mean": 38.695762634277344,
  "summary_bg_median": 20.167749404907227,
  "summary_bg_n": 165709.0,
  "summary_bg_p05": 16.550064086914062,
  "summary_bg_p95": 151.1050720214844,
  "summary_bg_stdv": 57.22997283935547,
  "summary_fg_k": 1.6623096938577087,
  "summary_fg_mad": 107.15126567736792,
  "summary_fg_mean": 775.064208984375,
  "summary_fg_median": 765.685302734375,
  "summary_fg_n": 25312.0,
  "summary_fg_p05": 588.0456359863281,
  "summary_fg_p95": 984.4930358886717,
  "summary_fg_stdv": 124.16383361816406,
  "tsnr": 55.58160138432868
}