{
  "aor": 0.00020469440832249675,
  "aqi": 0.007234878725617686,
  "bids_meta": {
    "AcquisitionMatrixPE": 80,
    "AcquisitionNumber": 1,
    "AcquisitionTime": "13:38:39.095000",
    "BandwidthPerPixelPhaseEncode": 50,
    "BaseResolution": 80,
    "ConversionSoftware": "dcm2niix",
    "ConversionSoftwareVersion": "v1.0.20171215 GCC4.4.7",
    "DerivedVendorReportedEchoSpacing": 0.0005,
    "DeviceSerialNumber": "35149",
    "DwellTime": 2.6e-06,
    "EchoTime": 0.03,
    "EffectiveEchoSpacing": 0.00025,
    "FlipAngle": 75,
    "ImageOrientationPatientDICOM": [
      0.996746,
      -0.0558695,
      0.0580999,
      0.0781305,
      0.846876,
      -0.52602
    ],
    "ImageType": "ORIGINALPRIMARYMNDMOSAIC",
    "InPlanePhaseEncodingDirectionDICOM": "COL",
    "InstitutionAddress": "Street_StreetNo_Rehovot_FA2669_District_IL_ZIP",
    "InstitutionName": "Weizmann",
    "InstitutionalDepartmentName": "Department",
    "MRAcquisitionType": "2D",
    "MagneticFieldStrength": 3,
    "Manufacturer": "Siemens",
    "ManufacturersModelName": "TrioTim",
    "Modality": "MR",
    "ParallelReductionFactorInPlane": 2,
    "PartialFourier": 1,
    "PatientPosition": "HFS",
    "PercentPhaseFOV": 100,
    "PhaseEncodingDirection": "j-",
    "PhaseEncodingSteps": 79,
    "PhaseResolution": 1,
    "PixelBandwidth": 2404,
    "ProcedureStepDescription": "Weizmann_Malach",
    "ProtocolName": "ep2d_E_NE_clips_1_2000_30ac_pc",
    "PulseSequenceDetails": "%SiemensSeq%_ep2d_pace",
    "ReceiveCoilName": "HeadMatrix",
    "ReconMatrixPE": 80,
    "RepetitionTime": 2,
    "SAR": 0.136962,
    "ScanOptions": "FS",
    "ScanningSequence": "EP",
    "SequenceName": "epfid2d1_80",
    "SequenceVariant": "SK",
    "SeriesDescription": "ep2d_E_NE_clips_1_2000_30ac_pc",
    "SeriesNumber": 3,
    "ShimSetting": [
      2389,
      9569,
      -5509,
      651,
      1,
      -492,
      -309,
      -28
    ],
    "SliceThickness": 4,
    "SliceTiming": [
      0.995,
      0,
      1.05,
      0.055,
      1.105,
      0.11,
      1.16,
      0.1675,
      1.215,
      0.2225,
      1.27,
      0.2775,
      1.325,
      0.3325,
      1.38,
      0.3875,
      1.435,
      0.4425,
      1.4925,
      0.4975,
      1.5475,
      0.5525,
      1.6025,
      0.6075,
      1.6575,
      0.6625,
      1.7125,
      0.7175,
      1.7675,
      0.7725,
      1.8225,
      0.83,
      1.8775,
      0.885,
      1.9325,
      0.94
    ],
    "SoftwareVersions": "syngo_MR_B17",
    "SpacingBetweenSlices": 4,
    "StationName": "MRC35149",
    "TaskName": "viewclips",
    "TotalReadoutTime": 0.01975,
    "TxRefAmp": 303.764,
    "VendorReportedEchoSpacing": 0.0005,
    "dataset": "ds001608",
    "modality": "bold",
    "run_id": 1,
    "subject_id": "13",
    "task_id": "viewclips"
  },
  "dummy_trs": 0,
  "dvars_nstd": 26.334984491184887,
  "dvars_std": 1.0621925001822923,
  "dvars_vstd": 0.9992207277864602,
  "efc": 0.44999350622839235,
  "fber": 1424.6888427734375,
  "fd_mean": 0.18787217724775274,
  "fd_num": 301,
  "fd_perc": 39.14174252275683,
  "fwhm_avg": 1.7760014366539936,
  "fwhm_x": 1.7445533333333334,
  "fwhm_y": 1.94494,
  "fwhm_z": 1.6385109766286472,
  "gcor": 0.0652674,
  "gsr_x": -0.01461644098162651,
  "gsr_y": 0.007937249727547169,
  "provenance": {
    "md5sum": "d6fb1a899fd0280efe552f6da72284d7",
    "settings": {
      "fd_thres": 0.2,
      "testing": false
    },
    "software": "mriqc",
    "version": "22.0.6",
    "webapi_port": null,
    "webapi_url": "https://mriqc.nimh.nih.gov/api/v1"
  },
  "size_t": 769,
  "size_x": 80,
  "size_y": 80,
  "size_z": 36,
  "snr": 6.158360812926471,
  "spacing_tr": 2.0,
  "spacing_x": 3.0,
  "spacing_y": 3.0,
  "spacing_z": 3.999997615814209,
  "summary_bg_k": 34.28532020498586,
  "summary_bg_mad": 4.035222071696109,
  "summary_bg_mean": 38.29665756225586,
  "summary_bg_median": 20.170351028442383,
  "summary_bg_n": 165706.0,
  "summary_bg_p05": 16.607282638549805,
  "summary_bg_p95": 147.0959014892578,
  "summary_bg_stdv": 56.87039566040039,
  "summary_fg_k": 1.6516317567923897,
  "summary_fg_mad": 107.07611301974653,
  "summary_fg_mean": 774.5872802734375,
  "summary_fg_median": 764.899169921875,
  "summary_fg_n": 25278.0,
  "summary_fg_p05": 586.682958984375,
  "summary_fg_p95": 982.2629943847655,
  "summary_fg_stdv": 124.2025375366211,
  "tsnr": 55.13231617351994
}