{
  "aor": 0.0004060443037974684,
  "aqi": 0.006700395411392405,
  "bids_meta": {
    "AcquisitionMatrixPE": 80,
    "AcquisitionNumber": 1,
    "AcquisitionTime": "10:25:19.137500",
    "BandwidthPerPixelPhaseEncode": 50,
    "BaseResolution": 80,
    "ConversionSoftware": "dcm2niix",
    "ConversionSoftwareVersion": "v1.0.20171215 GCC4.4.7",
    "DerivedVendorReportedEchoSpacing": 0.0005,
    "DeviceSerialNumber": "35149",
    "DwellTime": 2.6e-06,
    "EchoTime": 0.03,
    "EffectiveEchoSpacing": 0.00025,
    "FlipAngle": 75,
    "ImageOrientationPatientDICOM": [
      0.998425,
      -0.00115519,
      0.0560861,
      0.0204981,
      0.938167,
      -0.345576
    ],
    "ImageType": "ORIGINALPRIMARYMNDMOSAIC",
    "InPlanePhaseEncodingDirectionDICOM": "COL",
    "InstitutionAddress": "Street_StreetNo_Rehovot_FA2669_District_IL_ZIP",
    "InstitutionName": "Weizmann",
    "InstitutionalDepartmentName": "Department",
    "MRAcquisitionType": "2D",
    "MagneticFieldStrength": 3,
    "Manufacturer": "Siemens",
    "ManufacturersModelName": "TrioTim",
    "Modality": "MR",
    "ParallelReductionFactorInPlane": 2,
    "PartialFourier": 1,
    "PatientPosition": "HFS",
    "PercentPhaseFOV": 100,
    "PhaseEncodingDirection": "j-",
    "PhaseEncodingSteps": 79,
    "PhaseResolution": 1,
    "PixelBandwidth": 2404,
    "ProcedureStepDescription": "Weizmann_Dudai",
    "ProtocolName": "ep2d_E_NE_clips_1_2000_30ac_pc",
    "PulseSequenceDetails": "%SiemensSeq%_ep2d_pace",
    "ReceiveCoilName": "HeadMatrix",
    "ReconMatrixPE": 80,
    "RepetitionTime": 2,
    "SAR": 0.20629,
    "ScanOptions": "FS",
    "ScanningSequence": "EP",
    "SequenceName": "epfid2d1_80",
    "SequenceVariant": "SK",
    "SeriesDescription": "ep2d_E_NE_clips_1_2000_30ac_pc",
    "SeriesNumber": 5,
    "ShimSetting": [
      2386,
      9416,
      -5385,
      582,
      76,
      -399,
      -182,
      -76
    ],
    "SliceThickness": 4,
    "SliceTiming": [
      0.995,
      0,
      1.05,
      0.055,
      1.105,
      0.11,
      1.16,
      0.165,
      1.215,
      0.2225,
      1.27,
      0.2775,
      1.325,
      0.3325,
      1.38,
      0.3875,
      1.435,
      0.4425,
      1.4925,
      0.4975,
      1.5475,
      0.5525,
      1.6025,
      0.6075,
      1.6575,
      0.6625,
      1.7125,
      0.7175,
      1.7675,
      0.7725,
      1.8225,
      0.8275,
      1.8775,
      0.885,
      1.9325,
      0.94
    ],
    "SoftwareVersions": "syngo_MR_B17",
    "SpacingBetweenSlices": 4,
    "StationName": "MRC35149",
    "TaskName": "viewclips",
    "TotalReadoutTime": 0.01975,
    "TxRefAmp": 376.119,
    "VendorReportedEchoSpacing": 0.0005,
    "dataset": "ds001608",
    "modality": "bold",
    "run_id": 2,
    "subject_id": "17",
    "task_id": "viewclips"
  },
  "dummy_trs": 0,
  "dvars_nstd": 24.99154139333333,
  "dvars_std": 1.055053067333333,
  "dvars_vstd": 0.9938953320000005,
  "efc": 0.44993447749961724,
  "fber": 1611.452392578125,
  "fd_mean": 0.12973124070609612,
  "fd_num": 33,
  "fd_perc": 10.443037974683545,
  "fwhm_avg": 1.828646970482433,
  "fwhm_x": 1.7965466666666667,
  "fwhm_y": 1.9903333333333333,
  "fwhm_z": 1.6990609114472988,
  "gcor": 0.0221137,
  "gsr_x": -0.014854195527732372,
  "gsr_y": 0.011660593561828136,
  "provenance": {
    "md5sum": "2c5f7cee36a4daa465799e7c340f2139",
    "settings": {
      "fd_thres": 0.2,
      "testing": false
    },
    "software": "mriqc",
    "version": "22.0.6",
    "webapi_port": null,
    "webapi_url": "https://mriqc.nimh.nih.gov/api/v1"
  },
  "size_t": 316,
  "size_x": 80,
  "size_y": 80,
  "size_z": 36,
  "snr": 5.970145272791644,
  "spacing_tr": 2.0,
  "spacing_x": 3.0,
  "spacing_y": 3.0,
  "spacing_z": 3.999997854232788,
  "summary_bg_k": 84.00097518612286,
  "summary_bg_mad": 3.983322736757614,
  "summary_bg_mean": 33.02169418334961,
  "summary_bg_median": 20.25949478149414,
  "summary_bg_n": 160350.0,
  "summary_bg_p05": 16.712026596069336,
  "summary_bg_p95": 88.3167762756347,
  "summary_bg_stdv": 46.34984588623047,
  "summary_fg_k": 0.8403476674357515,
  "summary_fg_mad": 126.10566178897805,
  "summary_fg_mean": 832.3719482421875,
  "summary_fg_median": 815.5601196289062,
  "summary_fg_n": 29692.0,
  "summary_fg_p05": 634.0998565673829,
  "summary_fg_p95": 1073.425140380859,
  "summary_fg_stdv": 136.60411071777344,
  "tsnr": 57.65675688162446
}