{
  "aor": 0.000253553500660502,
  "aqi": 0.007040393038309114,
  "bids_meta": {
    "AcquisitionMatrixPE": 80,
    "AcquisitionNumber": 1,
    "AcquisitionTime": "10:37:31.752500",
    "BandwidthPerPixelPhaseEncode": 50,
    "BaseResolution": 80,
    "ConversionSoftware": "dcm2niix",
    "ConversionSoftwareVersion": "v1.0.20171215 GCC4.4.7",
    "DerivedVendorReportedEchoSpacing": 0.0005,
    "DeviceSerialNumber": "35149",
    "DwellTime": 2.6e-06,
    "EchoTime": 0.03,
    "EffectiveEchoSpacing": 0.00025,
    "FlipAngle": 75,
    "ImageOrientationPatientDICOM": [
      0.998424,
      -0.00121832,
      0.0561095,
      0.0205653,
      0.938167,
      -0.345573
    ],
    "ImageType": "ORIGINALPRIMARYMNDMOSAIC",
    "InPlanePhaseEncodingDirectionDICOM": "COL",
    "InstitutionAddress": "Street_StreetNo_Rehovot_FA2669_District_IL_ZIP",
    "InstitutionName": "Weizmann",
    "InstitutionalDepartmentName": "Department",
    "MRAcquisitionType": "2D",
    "MagneticFieldStrength": 3,
    "Manufacturer": "Siemens",
    "ManufacturersModelName": "TrioTim",
    "Modality": "MR",
    "ParallelReductionFactorInPlane": 2,
    "PartialFourier": 1,
    "PatientPosition": "HFS",
    "PercentPhaseFOV": 100,
    "PhaseEncodingDirection": "j-",
    "PhaseEncodingSteps": 79,
    "PhaseResolution": 1,
    "PixelBandwidth": 2404,
    "ProcedureStepDescription": "Weizmann_Dudai",
    "ProtocolName": "ep2d_E_NE_clips_1_2000_30ac_pc",
    "PulseSequenceDetails": "%SiemensSeq%_ep2d_pace",
    "ReceiveCoilName": "HeadMatrix",
    "ReconMatrixPE": 80,
    "RepetitionTime": 2,
    "SAR": 0.206292,
    "ScanOptions": "FS",
    "ScanningSequence": "EP",
    "SequenceName": "epfid2d1_80",
    "SequenceVariant": "SK",
    "SeriesDescription": "ep2d_E_NE_clips_1_2000_30ac_pc",
    "SeriesNumber": 7,
    "ShimSetting": [
      2386,
      9416,
      -5385,
      582,
      76,
      -399,
      -182,
      -76
    ],
    "SliceThickness": 4,
    "SliceTiming": [
      0.995,
      0,
      1.05,
      0.0575,
      1.105,
      0.1125,
      1.16,
      0.1675,
      1.215,
      0.2225,
      1.27,
      0.2775,
      1.325,
      0.3325,
      1.3825,
      0.3875,
      1.4375,
      0.4425,
      1.4925,
      0.4975,
      1.5475,
      0.5525,
      1.6025,
      0.6075,
      1.6575,
      0.6625,
      1.7125,
      0.72,
      1.7675,
      0.775,
      1.8225,
      0.83,
      1.8775,
      0.885,
      1.9325,
      0.94
    ],
    "SoftwareVersions": "syngo_MR_B17",
    "SpacingBetweenSlices": 4,
    "StationName": "MRC35149",
    "TaskName": "viewclips",
    "TotalReadoutTime": 0.01975,
    "TxRefAmp": 376.119,
    "VendorReportedEchoSpacing": 0.0005,
    "dataset": "ds001608",
    "modality": "bold",
    "run_id": 3,
    "subject_id": "17",
    "task_id": "viewclips"
  },
  "dummy_trs": 1,
  "dvars_nstd": 24.491707748809528,
  "dvars_std": 1.0526308050000006,
  "dvars_vstd": 0.9931922491269838,
  "efc": 0.45054560814868033,
  "fber": 1617.5665283203125,
  "fd_mean": 0.14947840741069832,
  "fd_num": 147,
  "fd_perc": 19.418758256274767,
  "fwhm_avg": 1.809953812143047,
  "fwhm_x": 1.7773533333333333,
  "fwhm_y": 1.96613,
  "fwhm_z": 1.686378103095807,
  "gcor": 0.0896683,
  "gsr_x": -0.01489732600748539,
  "gsr_y": 0.012778928503394127,
  "provenance": {
    "md5sum": "35a85d2e40702d6d29102bda19eae164",
    "settings": {
      "fd_thres": 0.2,
      "testing": false
    },
    "software": "mriqc",
    "version": "22.0.6",
    "webapi_port": null,
    "webapi_url": "https://mriqc.nimh.nih.gov/api/v1"
  },
  "size_t": 757,
  "size_x": 80,
  "size_y": 80,
  "size_z": 36,
  "snr": 6.022793982042491,
  "spacing_tr": 2.0,
  "spacing_x": 3.0,
  "spacing_y": 3.0,
  "spacing_z": 3.9999985694885254,
  "summary_bg_k": 87.43086822065428,
  "summary_bg_mad": 3.915086974099418,
  "summary_bg_mean": 33.359771728515625,
  "summary_bg_median": 20.297225952148438,
  "summary_bg_n": 160355.0,
  "summary_bg_p05": 16.771467208862305,
  "summary_bg_p95": 89.411099243164,
  "summary_bg_stdv": 47.24545669555664,
  "summary_fg_k": 0.9838417108107387,
  "summary_fg_mad": 125.17215809719926,
  "summary_fg_mean": 835.130859375,
  "summary_fg_median": 818.21728515625,
  "summary_fg_n": 29660.0,
  "summary_fg_p05": 639.1610229492187,
  "summary_fg_p95": 1073.7958129882813,
  "summary_fg_stdv": 135.8511505126953,
  "tsnr": 55.251476373523474
}