{
  "aor": 0.0002367328918322296,
  "aqi": 0.006345213068432671,
  "bids_meta": {
    "AcquisitionMatrixPE": 80,
    "AcquisitionNumber": 1,
    "AcquisitionTime": "10:07:40.317500",
    "BandwidthPerPixelPhaseEncode": 50,
    "BaseResolution": 80,
    "ConversionSoftware": "dcm2niix",
    "ConversionSoftwareVersion": "v1.0.20171215 GCC4.4.7",
    "DerivedVendorReportedEchoSpacing": 0.0005,
    "DeviceSerialNumber": "35149",
    "DwellTime": 2.6e-06,
    "EchoTime": 0.03,
    "EffectiveEchoSpacing": 0.00025,
    "FlipAngle": 75,
    "ImageOrientationPatientDICOM": [
      0.998425,
      -0.00115519,
      0.0560861,
      0.0204981,
      0.938167,
      -0.345576
    ],
    "ImageType": "ORIGINALPRIMARYMNDMOSAIC",
    "InPlanePhaseEncodingDirectionDICOM": "COL",
    "InstitutionAddress": "Street_StreetNo_Rehovot_FA2669_District_IL_ZIP",
    "InstitutionName": "Weizmann",
    "InstitutionalDepartmentName": "Department",
    "MRAcquisitionType": "2D",
    "MagneticFieldStrength": 3,
    "Manufacturer": "Siemens",
    "ManufacturersModelName": "TrioTim",
    "Modality": "MR",
    "ParallelReductionFactorInPlane": 2,
    "PartialFourier": 1,
    "PatientPosition": "HFS",
    "PercentPhaseFOV": 100,
    "PhaseEncodingDirection": "j-",
    "PhaseEncodingSteps": 79,
    "PhaseResolution": 1,
    "PixelBandwidth": 2404,
    "ProcedureStepDescription": "Weizmann_Dudai",
    "ProtocolName": "ep2d_E_NE_clips_1_2000_30ac_pc",
    "PulseSequenceDetails": "%SiemensSeq%_ep2d_pace",
    "ReceiveCoilName": "HeadMatrix",
    "ReconMatrixPE": 80,
    "RepetitionTime": 2,
    "SAR": 0.206292,
    "ScanOptions": "FS",
    "ScanningSequence": "EP",
    "SequenceName": "epfid2d1_80",
    "SequenceVariant": "SK",
    "SeriesDescription": "ep2d_E_NE_clips_1_2000_30ac_pc",
    "SeriesNumber": 3,
    "ShimSetting": [
      2386,
      9416,
      -5385,
      582,
      76,
      -399,
      -182,
      -76
    ],
    "SliceThickness": 4,
    "SliceTiming": [
      0.9925,
      0,
      1.0475,
      0.055,
      1.1025,
      0.11,
      1.1575,
      0.165,
      1.215,
      0.22,
      1.27,
      0.275,
      1.325,
      0.33,
      1.38,
      0.385,
      1.435,
      0.44,
      1.49,
      0.495,
      1.545,
      0.5525,
      1.6,
      0.6075,
      1.655,
      0.6625,
      1.71,
      0.7175,
      1.765,
      0.7725,
      1.82,
      0.8275,
      1.8775,
      0.8825,
      1.9325,
      0.9375
    ],
    "SoftwareVersions": "syngo_MR_B17",
    "SpacingBetweenSlices": 4,
    "StationName": "MRC35149",
    "TaskName": "viewclips",
    "TotalReadoutTime": 0.01975,
    "TxRefAmp": 376.119,
    "VendorReportedEchoSpacing": 0.0005,
    "dataset": "ds001608",
    "modality": "bold",
    "run_id": 1,
    "subject_id": "17",
    "task_id": "viewclips"
  },
  "dummy_trs": 0,
  "dvars_nstd": 25.35947901373894,
  "dvars_std": 1.0701832153097344,
  "dvars_vstd": 1.0010457742477872,
  "efc": 0.4495761035007733,
  "fber": 1596.5794677734375,
  "fd_mean": 0.12468339758126681,
  "fd_num": 59,
  "fd_perc": 13.024282560706402,
  "fwhm_avg": 1.8383783609551674,
  "fwhm_x": 1.8088300000000002,
  "fwhm_y": 1.9983866666666668,
  "fwhm_z": 1.7079184161988346,
  "gcor": 0.0252427,
  "gsr_x": -0.014967835508286953,
  "gsr_y": 0.012302391231060028,
  "provenance": {
    "md5sum": "1d7324afb404c5a8cc9048dc7509ab04",
    "settings": {
      "fd_thres": 0.2,
      "testing": false
    },
    "software": "mriqc",
    "version": "22.0.6",
    "webapi_port": null,
    "webapi_url": "https://mriqc.nimh.nih.gov/api/v1"
  },
  "size_t": 453,
  "size_x": 80,
  "size_y": 80,
  "size_z": 36,
  "snr": 5.9409877468345025,
  "spacing_tr": 2.0,
  "spacing_x": 3.0,
  "spacing_y": 3.0,
  "spacing_z": 3.999997854232788,
  "summary_bg_k": 85.98904256482962,
  "summary_bg_mad": 4.005970901827216,
  "summary_bg_mean": 32.744728088378906,
  "summary_bg_median": 20.313465118408203,
  "summary_bg_n": 160291.0,
  "summary_bg_p05": 16.67549705505371,
  "summary_bg_p95": 86.90066528320312,
  "summary_bg_stdv": 45.523719787597656,
  "summary_fg_k": 0.8881640087711391,
  "summary_fg_mad": 127.24358432912136,
  "summary_fg_mean": 831.4892578125,
  "summary_fg_median": 814.735107421875,
  "summary_fg_n": 29722.0,
  "summary_fg_p05": 631.620962524414,
  "summary_fg_p95": 1071.4987915039062,
  "summary_fg_stdv": 137.13568115234375,
  "tsnr": 58.40932723728474
}