{
  "aor": 0.00020700520833333335,
  "aqi": 0.007578609635416667,
  "bids_meta": {
    "AcquisitionMatrixPE": 80,
    "AcquisitionNumber": 1,
    "AcquisitionTime": "15:15:21.697500",
    "BandwidthPerPixelPhaseEncode": 50,
    "BaseResolution": 80,
    "ConversionSoftware": "dcm2niix",
    "ConversionSoftwareVersion": "v1.0.20171215 GCC4.4.7",
    "DerivedVendorReportedEchoSpacing": 0.0005,
    "DeviceSerialNumber": "35149",
    "DwellTime": 2.6e-06,
    "EchoTime": 0.03,
    "EffectiveEchoSpacing": 0.00025,
    "FlipAngle": 75,
    "ImageOrientationPatientDICOM": [
      0.997017,
      -0.020697,
      0.074351,
      0.0546949,
      0.869166,
      -0.491487
    ],
    "ImageType": "ORIGINALPRIMARYMNDMOSAIC",
    "InPlanePhaseEncodingDirectionDICOM": "COL",
    "InstitutionAddress": "Street_StreetNo_Rehovot_FA2669_District_IL_ZIP",
    "InstitutionName": "Weizmann",
    "InstitutionalDepartmentName": "Department",
    "MRAcquisitionType": "2D",
    "MagneticFieldStrength": 3,
    "Manufacturer": "Siemens",
    "ManufacturersModelName": "TrioTim",
    "Modality": "MR",
    "ParallelReductionFactorInPlane": 2,
    "PartialFourier": 1,
    "PatientPosition": "HFS",
    "PercentPhaseFOV": 100,
    "PhaseEncodingDirection": "j-",
    "PhaseEncodingSteps": 79,
    "PhaseResolution": 1,
    "PixelBandwidth": 2404,
    "ProcedureStepDescription": "Weizmann_Dudai",
    "ProtocolName": "ep2d_E_NE_clips_1_2000_30ac_pc",
    "PulseSequenceDetails": "%SiemensSeq%_ep2d_pace",
    "ReceiveCoilName": "HeadMatrix",
    "ReconMatrixPE": 80,
    "RepetitionTime": 2,
    "SAR": 0.160686,
    "ScanOptions": "FS",
    "ScanningSequence": "EP",
    "SequenceName": "epfid2d1_80",
    "SequenceVariant": "SK",
    "SeriesDescription": "ep2d_E_NE_clips_1_2000_30ac_pc",
    "SeriesNumber": 5,
    "ShimSetting": [
      2384,
      9545,
      -5349,
      703,
      -16,
      -241,
      -37,
      15
    ],
    "SliceThickness": 4,
    "SliceTiming": [
      0.9925,
      0,
      1.0475,
      0.055,
      1.1025,
      0.11,
      1.1575,
      0.165,
      1.2125,
      0.22,
      1.2675,
      0.275,
      1.325,
      0.33,
      1.38,
      0.385,
      1.435,
      0.44,
      1.49,
      0.495,
      1.545,
      0.55,
      1.6,
      0.605,
      1.655,
      0.6625,
      1.71,
      0.7175,
      1.765,
      0.7725,
      1.82,
      0.8275,
      1.875,
      0.8825,
      1.9325,
      0.9375
    ],
    "SoftwareVersions": "syngo_MR_B17",
    "SpacingBetweenSlices": 4,
    "StationName": "MRC35149",
    "TaskName": "viewclips",
    "TotalReadoutTime": 0.01975,
    "TxRefAmp": 346.052,
    "VendorReportedEchoSpacing": 0.0005,
    "dataset": "ds001608",
    "modality": "bold",
    "run_id": 2,
    "subject_id": "20",
    "task_id": "viewclips"
  },
  "dummy_trs": 1,
  "dvars_nstd": 29.315472017262056,
  "dvars_std": 1.1583219921773165,
  "dvars_vstd": 0.9988265306910049,
  "efc": 0.49769959387587936,
  "fber": 1319.60546875,
  "fd_mean": 0.10339665547827576,
  "fd_num": 73,
  "fd_perc": 9.505208333333334,
  "fwhm_avg": 1.8962876330337002,
  "fwhm_x": 1.8671833333333332,
  "fwhm_y": 2.0238434941739634,
  "fwhm_z": 1.7978360715938042,
  "gcor": 0.0480256,
  "gsr_x": -0.007475371938198805,
  "gsr_y": 0.015078463591635227,
  "provenance": {
    "md5sum": "12188ec4be197465528f82796a9cedc9",
    "settings": {
      "fd_thres": 0.2,
      "testing": false
    },
    "software": "mriqc",
    "version": "22.0.6",
    "webapi_port": null,
    "webapi_url": "https://mriqc.nimh.nih.gov/api/v1"
  },
  "size_t": 768,
  "size_x": 80,
  "size_y": 80,
  "size_z": 36,
  "snr": 5.9597796691942095,
  "spacing_tr": 2.0,
  "spacing_x": 3.0,
  "spacing_y": 2.999999761581421,
  "spacing_z": 3.999997615814209,
  "summary_bg_k": 75.43221400799516,
  "summary_bg_mad": 5.204550595265935,
  "summary_bg_mean": 40.69573974609375,
  "summary_bg_median": 22.25911521911621,
  "summary_bg_n": 150191.0,
  "summary_bg_p05": 17.854167938232422,
  "summary_bg_p95": 138.7838592529297,
  "summary_bg_stdv": 57.358299255371094,
  "summary_fg_k": 1.6630324650742523,
  "summary_fg_mad": 116.16709609333834,
  "summary_fg_mean": 824.7613525390625,
  "summary_fg_median": 812.2982177734375,
  "summary_fg_n": 37340.0,
  "summary_fg_p05": 623.3630859375,
  "summary_fg_p95": 1059.8550292968748,
  "summary_fg_stdv": 136.29486083984375,
  "tsnr": 57.31317142327316
}