{
  "aor": 0.00026383615084525354,
  "aqi": 0.007791106566970091,
  "bids_meta": {
    "AcquisitionMatrixPE": 80,
    "AcquisitionNumber": 1,
    "AcquisitionTime": "14:48:29.732500",
    "BandwidthPerPixelPhaseEncode": 50,
    "BaseResolution": 80,
    "ConversionSoftware": "dcm2niix",
    "ConversionSoftwareVersion": "v1.0.20171215 GCC4.4.7",
    "DerivedVendorReportedEchoSpacing": 0.0005,
    "DeviceSerialNumber": "35149",
    "DwellTime": 2.6e-06,
    "EchoTime": 0.03,
    "EffectiveEchoSpacing": 0.00025,
    "FlipAngle": 75,
    "ImageOrientationPatientDICOM": [
      0.997018,
      -0.0206895,
      0.0743467,
      0.0546861,
      0.869166,
      -0.491488
    ],
    "ImageType": "ORIGINALPRIMARYMNDMOSAIC",
    "InPlanePhaseEncodingDirectionDICOM": "COL",
    "InstitutionAddress": "Street_StreetNo_Rehovot_FA2669_District_IL_ZIP",
    "InstitutionName": "Weizmann",
    "InstitutionalDepartmentName": "Department",
    "MRAcquisitionType": "2D",
    "MagneticFieldStrength": 3,
    "Manufacturer": "Siemens",
    "ManufacturersModelName": "TrioTim",
    "Modality": "MR",
    "ParallelReductionFactorInPlane": 2,
    "PartialFourier": 1,
    "PatientPosition": "HFS",
    "PercentPhaseFOV": 100,
    "PhaseEncodingDirection": "j-",
    "PhaseEncodingSteps": 79,
    "PhaseResolution": 1,
    "PixelBandwidth": 2404,
    "ProcedureStepDescription": "Weizmann_Dudai",
    "ProtocolName": "ep2d_E_NE_clips_1_2000_30ac_pc",
    "PulseSequenceDetails": "%SiemensSeq%_ep2d_pace",
    "ReceiveCoilName": "HeadMatrix",
    "ReconMatrixPE": 80,
    "RepetitionTime": 2,
    "SAR": 0.160686,
    "ScanOptions": "FS",
    "ScanningSequence": "EP",
    "SequenceName": "epfid2d1_80",
    "SequenceVariant": "SK",
    "SeriesDescription": "ep2d_E_NE_clips_1_2000_30ac_pc",
    "SeriesNumber": 3,
    "ShimSetting": [
      2384,
      9545,
      -5349,
      703,
      -16,
      -241,
      -37,
      15
    ],
    "SliceThickness": 4,
    "SliceTiming": [
      0.9925,
      0,
      1.0475,
      0.055,
      1.1025,
      0.11,
      1.1575,
      0.165,
      1.2125,
      0.22,
      1.2675,
      0.275,
      1.325,
      0.33,
      1.38,
      0.385,
      1.435,
      0.44,
      1.49,
      0.495,
      1.545,
      0.55,
      1.6,
      0.605,
      1.655,
      0.6625,
      1.71,
      0.7175,
      1.765,
      0.7725,
      1.82,
      0.8275,
      1.875,
      0.8825,
      1.93,
      0.9375
    ],
    "SoftwareVersions": "syngo_MR_B17",
    "SpacingBetweenSlices": 4,
    "StationName": "MRC35149",
    "TaskName": "viewclips",
    "TotalReadoutTime": 0.01975,
    "TxRefAmp": 346.052,
    "VendorReportedEchoSpacing": 0.0005,
    "dataset": "ds001608",
    "modality": "bold",
    "run_id": 1,
    "subject_id": "20",
    "task_id": "viewclips"
  },
  "dummy_trs": 0,
  "dvars_nstd": 28.950057538997385,
  "dvars_std": 1.1469768969791678,
  "dvars_vstd": 1.0005958352734383,
  "efc": 0.4962307959819968,
  "fber": 1313.9788818359375,
  "fd_mean": 0.12017784312082697,
  "fd_num": 111,
  "fd_perc": 14.434330299089726,
  "fwhm_avg": 1.9108692124653934,
  "fwhm_x": 1.8745166666666666,
  "fwhm_y": 2.04852,
  "fwhm_z": 1.809570970729514,
  "gcor": 0.0511654,
  "gsr_x": -0.008254719898104668,
  "gsr_y": 0.015928074717521667,
  "provenance": {
    "md5sum": "cb7fbf5157beae94e9e5d19e88710a06",
    "settings": {
      "fd_thres": 0.2,
      "testing": false
    },
    "software": "mriqc",
    "version": "22.0.6",
    "webapi_port": null,
    "webapi_url": "https://mriqc.nimh.nih.gov/api/v1"
  },
  "size_t": 769,
  "size_x": 80,
  "size_y": 80,
  "size_z": 36,
  "snr": 5.9468212862166965,
  "spacing_tr": 2.0,
  "spacing_x": 3.0,
  "spacing_y": 3.0,
  "spacing_z": 3.999997854232788,
  "summary_bg_k": 83.3079283833711,
  "summary_bg_mad": 5.444563457081698,
  "summary_bg_mean": 39.6425895690918,
  "summary_bg_median": 22.35370635986328,
  "summary_bg_n": 150154.0,
  "summary_bg_p05": 17.73992156982422,
  "summary_bg_p95": 129.85480880737305,
  "summary_bg_stdv": 55.19904327392578,
  "summary_fg_k": 1.7054558606324255,
  "summary_fg_mad": 116.34567980172585,
  "summary_fg_mean": 824.8718872070312,
  "summary_fg_median": 812.7886962890625,
  "summary_fg_n": 37382.0,
  "summary_fg_p05": 621.7622619628906,
  "summary_fg_p95": 1058.9768920898434,
  "summary_fg_stdv": 136.67433166503906,
  "tsnr": 56.18532932898961
}