{
  "aor": 9.113133940182055e-05,
  "aqi": 0.006386848790637192,
  "bids_meta": {
    "AcquisitionMatrixPE": 80,
    "AcquisitionNumber": 1,
    "AcquisitionTime": "12:35:45.725000",
    "BandwidthPerPixelPhaseEncode": 50,
    "BaseResolution": 80,
    "ConversionSoftware": "dcm2niix",
    "ConversionSoftwareVersion": "v1.0.20171215 GCC4.4.7",
    "DerivedVendorReportedEchoSpacing": 0.0005,
    "DeviceSerialNumber": "35149",
    "DwellTime": 2.6e-06,
    "EchoTime": 0.03,
    "EffectiveEchoSpacing": 0.00025,
    "FlipAngle": 75,
    "ImageOrientationPatientDICOM": [
      0.99996,
      -0.00887979,
      -0.000591475,
      0.00872661,
      0.991405,
      -0.130536
    ],
    "ImageType": "ORIGINALPRIMARYMNDMOSAIC",
    "InPlanePhaseEncodingDirectionDICOM": "COL",
    "InstitutionAddress": "Street_StreetNo_Rehovot_FA2669_District_IL_ZIP",
    "InstitutionName": "Weizmann",
    "InstitutionalDepartmentName": "Department",
    "MRAcquisitionType": "2D",
    "MagneticFieldStrength": 3,
    "Manufacturer": "Siemens",
    "ManufacturersModelName": "TrioTim",
    "Modality": "MR",
    "ParallelReductionFactorInPlane": 2,
    "PartialFourier": 1,
    "PatientPosition": "HFS",
    "PercentPhaseFOV": 100,
    "PhaseEncodingDirection": "j-",
    "PhaseEncodingSteps": 79,
    "PhaseResolution": 1,
    "PixelBandwidth": 2404,
    "ProcedureStepDescription": "Weizmann_Dudai",
    "ProtocolName": "ep2d_E_NE_clips_1_2000_30ac_pc",
    "PulseSequenceDetails": "%SiemensSeq%_ep2d_pace",
    "ReceiveCoilName": "HeadMatrix",
    "ReconMatrixPE": 80,
    "RepetitionTime": 2,
    "SAR": 0.130906,
    "ScanOptions": "FS",
    "ScanningSequence": "EP",
    "SequenceName": "epfid2d1_80",
    "SequenceVariant": "SK",
    "SeriesDescription": "ep2d_E_NE_clips_1_2000_30ac_pc",
    "SeriesNumber": 5,
    "ShimSetting": [
      2369,
      9521,
      -5578,
      659,
      -3,
      -395,
      194,
      12
    ],
    "SliceThickness": 4,
    "SliceTiming": [
      0.995,
      0,
      1.05,
      0.055,
      1.105,
      0.11,
      1.16,
      0.165,
      1.215,
      0.2225,
      1.27,
      0.2775,
      1.325,
      0.3325,
      1.38,
      0.3875,
      1.435,
      0.4425,
      1.4925,
      0.4975,
      1.5475,
      0.5525,
      1.6025,
      0.6075,
      1.6575,
      0.6625,
      1.7125,
      0.7175,
      1.7675,
      0.7725,
      1.8225,
      0.83,
      1.8775,
      0.885,
      1.9325,
      0.94
    ],
    "SoftwareVersions": "syngo_MR_B17",
    "SpacingBetweenSlices": 4,
    "StationName": "MRC35149",
    "TaskName": "viewclips",
    "TotalReadoutTime": 0.01975,
    "TxRefAmp": 290.87,
    "VendorReportedEchoSpacing": 0.0005,
    "dataset": "ds001608",
    "modality": "bold",
    "run_id": 2,
    "subject_id": "06",
    "task_id": "viewclips"
  },
  "dummy_trs": 0,
  "dvars_nstd": 26.81635352464845,
  "dvars_std": 1.1973323874218742,
  "dvars_vstd": 0.9891580093489578,
  "efc": 0.42888239422752794,
  "fber": 1951.9793701171875,
  "fd_mean": 0.1576248674250987,
  "fd_num": 175,
  "fd_perc": 22.756827048114435,
  "fwhm_avg": 1.9269972222222223,
  "fwhm_x": 1.8648066666666667,
  "fwhm_y": 2.11635,
  "fwhm_z": 1.799835,
  "gcor": 0.14198,
  "gsr_x": -0.019474484026432037,
  "gsr_y": 0.01991654373705387,
  "provenance": {
    "md5sum": "b4c7eb5e42622e718d8934f82fc4fbb0",
    "settings": {
      "fd_thres": 0.2,
      "testing": false
    },
    "software": "mriqc",
    "version": "22.0.6",
    "webapi_port": null,
    "webapi_url": "https://mriqc.nimh.nih.gov/api/v1"
  },
  "size_t": 769,
  "size_x": 80,
  "size_y": 80,
  "size_z": 36,
  "snr": 6.67033159842202,
  "spacing_tr": 2.0,
  "spacing_x": 3.0,
  "spacing_y": 3.0,
  "spacing_z": 4.0,
  "summary_bg_k": 83.63623582618303,
  "summary_bg_mad": 3.4992503750670787,
  "summary_bg_mean": 31.988903045654297,
  "summary_bg_median": 19.33810043334961,
  "summary_bg_n": 165410.0,
  "summary_bg_p05": 16.162548065185547,
  "summary_bg_p95": 89.61918067932109,
  "summary_bg_stdv": 44.9069709777832,
  "summary_fg_k": 1.3567294500547211,
  "summary_fg_mad": 112.49556526371572,
  "summary_fg_mean": 866.7501831054688,
  "summary_fg_median": 861.4213256835938,
  "summary_fg_n": 25570.0,
  "summary_fg_p05": 653.5395965576172,
  "summary_fg_p95": 1073.4373352050782,
  "summary_fg_stdv": 129.13967895507812,
  "tsnr": 63.46733424521517
}