{
  "aor": 0.00035130718954248373,
  "aqi": 0.0074635615947712414,
  "bids_meta": {
    "AcquisitionMatrixPE": 80,
    "AcquisitionNumber": 1,
    "AcquisitionTime": "12:08:20.167500",
    "BandwidthPerPixelPhaseEncode": 50,
    "BaseResolution": 80,
    "ConversionSoftware": "dcm2niix",
    "ConversionSoftwareVersion": "v1.0.20171215 GCC4.4.7",
    "DerivedVendorReportedEchoSpacing": 0.0005,
    "DeviceSerialNumber": "35149",
    "DwellTime": 2.6e-06,
    "EchoTime": 0.03,
    "EffectiveEchoSpacing": 0.00025,
    "FlipAngle": 75,
    "ImageOrientationPatientDICOM": [
      0.999961,
      -0.00886361,
      -0.000593405,
      0.00871032,
      0.991405,
      -0.130536
    ],
    "ImageType": "ORIGINALPRIMARYMNDMOSAIC",
    "InPlanePhaseEncodingDirectionDICOM": "COL",
    "InstitutionAddress": "Street_StreetNo_Rehovot_FA2669_District_IL_ZIP",
    "InstitutionName": "Weizmann",
    "InstitutionalDepartmentName": "Department",
    "MRAcquisitionType": "2D",
    "MagneticFieldStrength": 3,
    "Manufacturer": "Siemens",
    "ManufacturersModelName": "TrioTim",
    "Modality": "MR",
    "ParallelReductionFactorInPlane": 2,
    "PartialFourier": 1,
    "PatientPosition": "HFS",
    "PercentPhaseFOV": 100,
    "PhaseEncodingDirection": "j-",
    "PhaseEncodingSteps": 79,
    "PhaseResolution": 1,
    "PixelBandwidth": 2404,
    "ProcedureStepDescription": "Weizmann_Dudai",
    "ProtocolName": "ep2d_E_NE_clips_1_2000_30ac_pc",
    "PulseSequenceDetails": "%SiemensSeq%_ep2d_pace",
    "ReceiveCoilName": "HeadMatrix",
    "ReconMatrixPE": 80,
    "RepetitionTime": 2,
    "SAR": 0.130906,
    "ScanOptions": "FS",
    "ScanningSequence": "EP",
    "SequenceName": "epfid2d1_80",
    "SequenceVariant": "SK",
    "SeriesDescription": "ep2d_E_NE_clips_1_2000_30ac_pc",
    "SeriesNumber": 3,
    "ShimSetting": [
      2369,
      9521,
      -5578,
      659,
      -3,
      -395,
      194,
      12
    ],
    "SliceThickness": 4,
    "SliceTiming": [
      0.995,
      0,
      1.05,
      0.055,
      1.105,
      0.11,
      1.16,
      0.1675,
      1.215,
      0.2225,
      1.27,
      0.2775,
      1.325,
      0.3325,
      1.38,
      0.3875,
      1.435,
      0.4425,
      1.4925,
      0.4975,
      1.5475,
      0.5525,
      1.6025,
      0.6075,
      1.6575,
      0.6625,
      1.7125,
      0.7175,
      1.7675,
      0.7725,
      1.8225,
      0.83,
      1.8775,
      0.885,
      1.9325,
      0.94
    ],
    "SoftwareVersions": "syngo_MR_B17",
    "SpacingBetweenSlices": 4,
    "StationName": "MRC35149",
    "TaskName": "viewclips",
    "TotalReadoutTime": 0.01975,
    "TxRefAmp": 290.87,
    "VendorReportedEchoSpacing": 0.0005,
    "dataset": "ds001608",
    "modality": "bold",
    "run_id": 1,
    "subject_id": "06",
    "task_id": "viewclips"
  },
  "dummy_trs": 4,
  "dvars_nstd": 27.916915406740845,
  "dvars_std": 1.1940463012565445,
  "dvars_vstd": 0.9900601285471193,
  "efc": 0.4299288051117386,
  "fber": 1840.4466552734375,
  "fd_mean": 0.15386490078003226,
  "fd_num": 122,
  "fd_perc": 15.947712418300654,
  "fwhm_avg": 1.9332683333333334,
  "fwhm_x": 1.8631366666666667,
  "fwhm_y": 2.1295033333333335,
  "fwhm_z": 1.807165,
  "gcor": 0.146985,
  "gsr_x": -0.01941167376935482,
  "gsr_y": 0.01972328871488571,
  "provenance": {
    "md5sum": "1e485f640877395389e2e4cee0ed11aa",
    "settings": {
      "fd_thres": 0.2,
      "testing": false
    },
    "software": "mriqc",
    "version": "22.0.6",
    "webapi_port": null,
    "webapi_url": "https://mriqc.nimh.nih.gov/api/v1"
  },
  "size_t": 765,
  "size_x": 80,
  "size_y": 80,
  "size_z": 36,
  "snr": 6.66270360798619,
  "spacing_tr": 2.0,
  "spacing_x": 3.0,
  "spacing_y": 3.0,
  "spacing_z": 4.0,
  "summary_bg_k": 90.08085526487281,
  "summary_bg_mad": 3.49041620504867,
  "summary_bg_mean": 32.14548110961914,
  "summary_bg_median": 19.86797523498535,
  "summary_bg_n": 165477.0,
  "summary_bg_p05": 16.73464012145996,
  "summary_bg_p95": 87.87163543701163,
  "summary_bg_stdv": 43.91309356689453,
  "summary_fg_k": 1.349850407248537,
  "summary_fg_mad": 111.7010102844928,
  "summary_fg_mean": 861.9048461914062,
  "summary_fg_median": 857.9013671875,
  "summary_fg_n": 25578.0,
  "summary_fg_p05": 648.7279479980468,
  "summary_fg_p95": 1067.460791015625,
  "summary_fg_stdv": 128.7592315673828,
  "tsnr": 57.908022538758814
}