{
  "bids_meta": {
    "AcquisitionMatrixPE": 256,
    "AcquisitionNumber": 1,
    "AcquisitionTime": "11:17:39.670000",
    "BaseResolution": 256,
    "ConversionSoftware": "dcm2niix",
    "ConversionSoftwareVersion": "v1.0.20171215 GCC4.4.7",
    "DeviceSerialNumber": "35149",
    "DwellTime": 8.2e-06,
    "EchoTime": 0.00298,
    "FlipAngle": 9,
    "ImageOrientationPatientDICOM": [
      0.0583618,
      0.998198,
      0.013962,
      0.00553701,
      0.013662,
      -0.999891
    ],
    "ImageType": [
      "ORIGINAL",
      "PRIMARY",
      "M",
      "ND"
    ],
    "InPlanePhaseEncodingDirectionDICOM": "ROW",
    "InstitutionAddress": "Street_StreetNo_Rehovot_FA2669_District_IL_ZIP",
    "InstitutionName": "Weizmann",
    "InstitutionalDepartmentName": "Department",
    "InversionTime": 0.9,
    "MRAcquisitionType": "3D",
    "MagneticFieldStrength": 3,
    "Manufacturer": "Siemens",
    "ManufacturersModelName": "TrioTim",
    "Modality": "MR",
    "PartialFourier": 0.875,
    "PatientPosition": "HFS",
    "PercentPhaseFOV": 100,
    "PhaseEncodingSteps": 224,
    "PhaseResolution": 1,
    "PixelBandwidth": 238,
    "ProcedureStepDescription": "Weizmann_Dudai",
    "ProtocolName": "t1_mprage",
    "PulseSequenceDetails": "%SiemensSeq%_tfl",
    "ReceiveCoilName": "HeadMatrix",
    "ReconMatrixPE": 256,
    "RepetitionTime": 2.3,
    "SAR": 0.101746,
    "ScanOptions": "IR_PFP",
    "ScanningSequence": "GR_IR",
    "SequenceName": "tfl3d1_ns",
    "SequenceVariant": "SP_MP",
    "SeriesDescription": "t1_mprage",
    "SeriesNumber": 8,
    "ShimSetting": [
      2316,
      9590,
      -5530,
      677,
      -130,
      -503,
      -97,
      -3
    ],
    "SliceThickness": 1,
    "SoftwareVersions": "syngo_MR_B17",
    "StationName": "MRC35149",
    "TxRefAmp": 318.894,
    "dataset": "ds001608",
    "modality": "T1w",
    "subject_id": "01"
  },
  "cjv": 0.3916877921263624,
  "cnr": 3.4213665031517326,
  "efc": 0.5895970224625582,
  "fber": 6496.906452168917,
  "fwhm_avg": 3.613354709586551,
  "fwhm_x": 3.5915341287596525,
  "fwhm_y": 3.9221,
  "fwhm_z": 3.32643,
  "icvs_csf": 0.2110234401990593,
  "icvs_gm": 0.43137504504774254,
  "icvs_wm": 0.3576015147531982,
  "inu_med": 0.6563966870307922,
  "inu_range": 0.24363703727722152,
  "provenance": {
    "md5sum": "4c8b6109ed3a495d5b1fb037929b72e2",
    "settings": {
      "testing": false
    },
    "software": "mriqc",
    "version": "22.0.6",
    "warnings": {
      "large_rot_frame": true,
      "small_air_mask": false
    },
    "webapi_port": null,
    "webapi_url": "https://mriqc.nimh.nih.gov/api/v1"
  },
  "qi_1": 0.0,
  "qi_2": 0.0030345708894912154,
  "rpve_csf": 22.969539824892138,
  "rpve_gm": 11.788286072470807,
  "rpve_wm": 16.608251579478672,
  "size_x": 176,
  "size_y": 256,
  "size_z": 256,
  "snr_csf": 2.015090762508956,
  "snr_gm": 8.362351829029427,
  "snr_total": 9.38169559094505,
  "snr_wm": 17.76764418129677,
  "snrd_csf": 22.789695577468578,
  "snrd_gm": 68.06358752179216,
  "snrd_total": 64.57034952424043,
  "snrd_wm": 102.85776547346052,
  "spacing_x": 0.9999960660934448,
  "spacing_y": 1.0,
  "spacing_z": 1.0,
  "summary_bg_k": 169.1441351928897,
  "summary_bg_mad": 6.369680904170999,
  "summary_bg_mean": 12.23860651560456,
  "summary_bg_median": 4.296284481883049,
  "summary_bg_n": 2433786.0,
  "summary_bg_p05": 0.0,
  "summary_bg_p95": 48.399501107633114,
  "summary_bg_stdv": 18.611233351985156,
  "summary_csf_k": 1.0158709054754738,
  "summary_csf_mad": 98.53345892501558,
  "summary_csf_mean": 234.63653582891632,
  "summary_csf_median": 221.57689411193132,
  "summary_csf_n": 30481.0,
  "summary_csf_p05": 76.11318804323673,
  "summary_csf_p95": 442.0399366915226,
  "summary_csf_stdv": 109.95696250124257,
  "summary_gm_k": -0.048729699864730414,
  "summary_gm_mad": 79.14918308701371,
  "summary_gm_mean": 660.768227130268,
  "summary_gm_median": 661.7604115828872,
  "summary_gm_n": 22993.0,
  "summary_gm_p05": 526.7509977534413,
  "summary_gm_p95": 788.9357363015413,
  "summary_gm_stdv": 79.13396069435761,
  "summary_wm_k": 0.6243804885457025,
  "summary_wm_mad": 53.355907326913865,
  "summary_wm_mean": 1001.6249887288196,
  "summary_wm_median": 1000.053034119308,
  "summary_wm_n": 207320.0,
  "summary_wm_p05": 912.5891685560346,
  "summary_wm_p95": 1095.8973064497113,
  "summary_wm_stdv": 56.284930745661136,
  "tpm_overlap_csf": 0.16463500936785047,
  "tpm_overlap_gm": 0.4537120704357591,
  "tpm_overlap_wm": 0.5082098808644445,
  "wm2max": 0.6583390073150719
}