{
  "bids_meta": {
    "AcquisitionMatrixPE": 256,
    "AcquisitionNumber": 1,
    "AcquisitionTime": "14:31:9.567500",
    "BaseResolution": 256,
    "ConversionSoftware": "dcm2niix",
    "ConversionSoftwareVersion": "v1.0.20171215 GCC4.4.7",
    "DeviceSerialNumber": "35149",
    "DwellTime": 8.2e-06,
    "EchoTime": 0.00298,
    "FlipAngle": 9,
    "ImageOrientationPatientDICOM": [
      0.0322545,
      0.999383,
      0.0139243,
      0.0740239,
      0.0115047,
      -0.99719
    ],
    "ImageType": [
      "ORIGINAL",
      "PRIMARY",
      "M",
      "ND"
    ],
    "InPlanePhaseEncodingDirectionDICOM": "ROW",
    "InstitutionAddress": "Street_StreetNo_Rehovot_FA2669_District_IL_ZIP",
    "InstitutionName": "Weizmann",
    "InstitutionalDepartmentName": "Department",
    "InversionTime": 0.9,
    "MRAcquisitionType": "3D",
    "MagneticFieldStrength": 3,
    "Manufacturer": "Siemens",
    "ManufacturersModelName": "TrioTim",
    "Modality": "MR",
    "PartialFourier": 0.875,
    "PatientPosition": "HFS",
    "PercentPhaseFOV": 100,
    "PhaseEncodingSteps": 224,
    "PhaseResolution": 1,
    "PixelBandwidth": 238,
    "ProcedureStepDescription": "Weizmann_Malach",
    "ProtocolName": "t1_mprage",
    "PulseSequenceDetails": "%SiemensSeq%_tfl",
    "ReceiveCoilName": "HeadMatrix",
    "ReconMatrixPE": 256,
    "RepetitionTime": 2.3,
    "SAR": 0.0932566,
    "ScanOptions": "IR_PFP",
    "ScanningSequence": "GR_IR",
    "SequenceName": "tfl3d1_ns",
    "SequenceVariant": "SP_MP",
    "SeriesDescription": "t1_mprage",
    "SeriesNumber": 7,
    "ShimSetting": [
      2397,
      9533,
      -5560,
      439,
      8,
      -704,
      -147,
      -15
    ],
    "SliceThickness": 1,
    "SoftwareVersions": "syngo_MR_B17",
    "StationName": "MRC35149",
    "TxRefAmp": 303.764,
    "dataset": "ds001608",
    "modality": "T1w",
    "subject_id": "13"
  },
  "cjv": 0.37497204091352443,
  "cnr": 3.563355592895682,
  "efc": 0.5650901820269173,
  "fber": 25602.2535707201,
  "fwhm_avg": 3.5552069489114166,
  "fwhm_x": 3.551460846734249,
  "fwhm_y": 3.809,
  "fwhm_z": 3.30516,
  "icvs_csf": 0.20548416279681958,
  "icvs_gm": 0.4402227811879838,
  "icvs_wm": 0.3542930560151966,
  "inu_med": 0.5042160153388977,
  "inu_range": 0.1294099450111389,
  "provenance": {
    "md5sum": "d82002a888daa4cfe5abe7ff7b6d6a80",
    "settings": {
      "testing": false
    },
    "software": "mriqc",
    "version": "22.0.6",
    "warnings": {
      "large_rot_frame": true,
      "small_air_mask": false
    },
    "webapi_port": null,
    "webapi_url": "https://mriqc.nimh.nih.gov/api/v1"
  },
  "qi_1": 0.0,
  "qi_2": 0.0030749028359765675,
  "rpve_csf": 27.749440791703382,
  "rpve_gm": 13.733264318141556,
  "rpve_wm": 19.494917928541554,
  "size_x": 176,
  "size_y": 256,
  "size_z": 256,
  "snr_csf": 1.8841970005224837,
  "snr_gm": 8.533877474071044,
  "snr_total": 10.358694567715425,
  "snr_wm": 20.658009228552746,
  "snrd_csf": 8.786123194862101,
  "snrd_gm": 28.962013473301795,
  "snrd_total": 27.040220368318803,
  "snrd_wm": 43.372524436792524,
  "spacing_x": 0.9999997615814209,
  "spacing_y": 1.0,
  "spacing_z": 1.0,
  "summary_bg_k": 153.59697216169414,
  "summary_bg_mad": 0.0,
  "summary_bg_mean": 9.842223532734417,
  "summary_bg_median": 0.0,
  "summary_bg_n": 2494567.0,
  "summary_bg_p05": 0.0,
  "summary_bg_p95": 39.92956725880504,
  "summary_bg_stdv": 15.104871057313442,
  "summary_csf_k": 1.3268542772385086,
  "summary_csf_mad": 94.58291118006167,
  "summary_csf_mean": 217.4754803330686,
  "summary_csf_median": 202.573476228863,
  "summary_csf_n": 22588.0,
  "summary_csf_p05": 66.58539777621627,
  "summary_csf_p95": 427.71230491809547,
  "summary_csf_stdv": 107.50945470566482,
  "summary_gm_k": 0.0018974033670380308,
  "summary_gm_mad": 77.59413350313339,
  "summary_gm_mean": 667.1445132337756,
  "summary_gm_median": 667.7502258680761,
  "summary_gm_n": 33636.0,
  "summary_gm_p05": 536.0896564857103,
  "summary_gm_p95": 795.2322771027684,
  "summary_gm_stdv": 78.24582690564178,
  "summary_wm_k": 0.33617952801255946,
  "summary_wm_mad": 46.99023612767395,
  "summary_wm_mean": 999.6776502368529,
  "summary_wm_median": 999.9999832827598,
  "summary_wm_n": 180954.0,
  "summary_wm_p05": 919.7886884026229,
  "summary_wm_p95": 1078.640101160854,
  "summary_wm_stdv": 48.407240459727205,
  "tpm_overlap_csf": 0.14408211962386008,
  "tpm_overlap_gm": 0.4468710622104772,
  "tpm_overlap_wm": 0.4868477524922161,
  "wm2max": 0.6293044664166383
}