{
  "aor": 0.0002525357607282185,
  "aqi": 0.008305925383615085,
  "bids_meta": {
    "AcquisitionMatrixPE": 80,
    "AcquisitionNumber": 1,
    "AcquisitionTime": "10:38:49.112500",
    "BandwidthPerPixelPhaseEncode": 50,
    "BaseResolution": 80,
    "ConversionSoftware": "dcm2niix",
    "ConversionSoftwareVersion": "v1.0.20171215 GCC4.4.7",
    "DerivedVendorReportedEchoSpacing": 0.0005,
    "DeviceSerialNumber": "35149",
    "DwellTime": 2.6e-06,
    "EchoTime": 0.03,
    "EffectiveEchoSpacing": 0.00025,
    "FlipAngle": 75,
    "ImageOrientationPatientDICOM": [
      0.992661,
      0.0209749,
      0.119093,
      0.036328,
      0.887626,
      -0.45913
    ],
    "ImageType": "ORIGINALPRIMARYMNDMOSAIC",
    "InPlanePhaseEncodingDirectionDICOM": "COL",
    "InstitutionAddress": "Street_StreetNo_Rehovot_FA2669_District_IL_ZIP",
    "InstitutionName": "Weizmann",
    "InstitutionalDepartmentName": "Department",
    "MRAcquisitionType": "2D",
    "MagneticFieldStrength": 3,
    "Manufacturer": "Siemens",
    "ManufacturersModelName": "TrioTim",
    "Modality": "MR",
    "ParallelReductionFactorInPlane": 2,
    "PartialFourier": 1,
    "PatientPosition": "HFS",
    "PercentPhaseFOV": 100,
    "PhaseEncodingDirection": "j-",
    "PhaseEncodingSteps": 79,
    "PhaseResolution": 1,
    "PixelBandwidth": 2404,
    "ProcedureStepDescription": "Weizmann_Dudai",
    "ProtocolName": "ep2d_E_NE_clips_1_2000_30ac_pc",
    "PulseSequenceDetails": "%SiemensSeq%_ep2d_pace",
    "ReceiveCoilName": "HeadMatrix",
    "ReconMatrixPE": 80,
    "RepetitionTime": 2,
    "SAR": 0.146279,
    "ScanOptions": "FS",
    "ScanningSequence": "EP",
    "SequenceName": "epfid2d1_80",
    "SequenceVariant": "SK",
    "SeriesDescription": "ep2d_E_NE_clips_1_2000_30ac_pc",
    "SeriesNumber": 3,
    "ShimSetting": [
      2383,
      9601,
      -5406,
      703,
      -79,
      -169,
      368,
      -65
    ],
    "SliceThickness": 4,
    "SliceTiming": [
      0.9925,
      0,
      1.0475,
      0.055,
      1.105,
      0.11,
      1.16,
      0.165,
      1.215,
      0.22,
      1.27,
      0.275,
      1.325,
      0.33,
      1.38,
      0.385,
      1.435,
      0.44,
      1.49,
      0.4975,
      1.545,
      0.5525,
      1.6,
      0.6075,
      1.655,
      0.6625,
      1.71,
      0.7175,
      1.7675,
      0.7725,
      1.8225,
      0.8275,
      1.8775,
      0.8825,
      1.9325,
      0.9375
    ],
    "SoftwareVersions": "syngo_MR_B17",
    "SpacingBetweenSlices": 4,
    "StationName": "MRC35149",
    "TaskName": "viewclips",
    "TotalReadoutTime": 0.01975,
    "TxRefAmp": 309.145,
    "VendorReportedEchoSpacing": 0.0005,
    "dataset": "ds001608",
    "modality": "bold",
    "run_id": 1,
    "subject_id": "04",
    "task_id": "viewclips"
  },
  "dummy_trs": 0,
  "dvars_nstd": 24.31654686489585,
  "dvars_std": 1.056700051484375,
  "dvars_vstd": 0.9990360819531258,
  "efc": 0.47222542261253775,
  "fber": 1432.2110595703125,
  "fd_mean": 0.1438280997926603,
  "fd_num": 132,
  "fd_perc": 17.16514954486346,
  "fwhm_avg": 1.8637260953261965,
  "fwhm_x": 1.8362133333333333,
  "fwhm_y": 2.0569933333333332,
  "fwhm_z": 1.6979716193119232,
  "gcor": 0.113005,
  "gsr_x": -0.01784580573439598,
  "gsr_y": 0.01822090521454811,
  "provenance": {
    "md5sum": "2b4b069df2e1dc2dcaede2651bd912b0",
    "settings": {
      "fd_thres": 0.2,
      "testing": false
    },
    "software": "mriqc",
    "version": "22.0.6",
    "webapi_port": null,
    "webapi_url": "https://mriqc.nimh.nih.gov/api/v1"
  },
  "size_t": 769,
  "size_x": 80,
  "size_y": 80,
  "size_z": 36,
  "snr": 6.628218377301589,
  "spacing_tr": 2.0,
  "spacing_x": 3.0,
  "spacing_y": 3.0,
  "spacing_z": 3.9999961853027344,
  "summary_bg_k": 107.02494506959347,
  "summary_bg_mad": 5.024264527611123,
  "summary_bg_mean": 40.18511199951172,
  "summary_bg_median": 21.732118606567383,
  "summary_bg_n": 158191.0,
  "summary_bg_p05": 17.521455764770508,
  "summary_bg_p95": 141.0968780517578,
  "summary_bg_stdv": 61.59111022949219,
  "summary_fg_k": 1.7192545834292146,
  "summary_fg_mad": 112.75871267896318,
  "summary_fg_mean": 833.3785400390625,
  "summary_fg_median": 828.9057006835938,
  "summary_fg_n": 31178.0,
  "summary_fg_p05": 636.1177703857422,
  "summary_fg_p95": 1036.509582519531,
  "summary_fg_stdv": 125.05508422851562,
  "tsnr": 54.273953318595886
}