{
  "aor": 0.0004837630208333333,
  "aqi": 0.009281240755208331,
  "bids_meta": {
    "AcquisitionMatrixPE": 80,
    "AcquisitionNumber": 1,
    "AcquisitionTime": "11:05:55.080000",
    "BandwidthPerPixelPhaseEncode": 50,
    "BaseResolution": 80,
    "ConversionSoftware": "dcm2niix",
    "ConversionSoftwareVersion": "v1.0.20171215 GCC4.4.7",
    "DerivedVendorReportedEchoSpacing": 0.0005,
    "DeviceSerialNumber": "35149",
    "DwellTime": 2.6e-06,
    "EchoTime": 0.03,
    "EffectiveEchoSpacing": 0.00025,
    "FlipAngle": 75,
    "ImageOrientationPatientDICOM": [
      0.992659,
      0.0209119,
      0.119126,
      0.0363986,
      0.887628,
      -0.459121
    ],
    "ImageType": "ORIGINALPRIMARYMNDMOSAIC",
    "InPlanePhaseEncodingDirectionDICOM": "COL",
    "InstitutionAddress": "Street_StreetNo_Rehovot_FA2669_District_IL_ZIP",
    "InstitutionName": "Weizmann",
    "InstitutionalDepartmentName": "Department",
    "MRAcquisitionType": "2D",
    "MagneticFieldStrength": 3,
    "Manufacturer": "Siemens",
    "ManufacturersModelName": "TrioTim",
    "Modality": "MR",
    "ParallelReductionFactorInPlane": 2,
    "PartialFourier": 1,
    "PatientPosition": "HFS",
    "PercentPhaseFOV": 100,
    "PhaseEncodingDirection": "j-",
    "PhaseEncodingSteps": 79,
    "PhaseResolution": 1,
    "PixelBandwidth": 2404,
    "ProcedureStepDescription": "Weizmann_Dudai",
    "ProtocolName": "ep2d_E_NE_clips_1_2000_30ac_pc",
    "PulseSequenceDetails": "%SiemensSeq%_ep2d_pace",
    "ReceiveCoilName": "HeadMatrix",
    "ReconMatrixPE": 80,
    "RepetitionTime": 2,
    "SAR": 0.146279,
    "ScanOptions": "FS",
    "ScanningSequence": "EP",
    "SequenceName": "epfid2d1_80",
    "SequenceVariant": "SK",
    "SeriesDescription": "ep2d_E_NE_clips_1_2000_30ac_pc",
    "SeriesNumber": 5,
    "ShimSetting": [
      2383,
      9601,
      -5406,
      703,
      -79,
      -169,
      368,
      -65
    ],
    "SliceThickness": 4,
    "SliceTiming": [
      0.995,
      0,
      1.05,
      0.0575,
      1.105,
      0.1125,
      1.16,
      0.1675,
      1.215,
      0.2225,
      1.27,
      0.2775,
      1.325,
      0.3325,
      1.3825,
      0.3875,
      1.4375,
      0.4425,
      1.4925,
      0.4975,
      1.5475,
      0.5525,
      1.6025,
      0.6075,
      1.6575,
      0.6625,
      1.7125,
      0.72,
      1.7675,
      0.775,
      1.8225,
      0.83,
      1.8775,
      0.885,
      1.9325,
      0.94
    ],
    "SoftwareVersions": "syngo_MR_B17",
    "SpacingBetweenSlices": 4,
    "StationName": "MRC35149",
    "TaskName": "viewclips",
    "TotalReadoutTime": 0.01975,
    "TxRefAmp": 309.145,
    "VendorReportedEchoSpacing": 0.0005,
    "dataset": "ds001608",
    "modality": "bold",
    "run_id": 2,
    "subject_id": "04",
    "task_id": "viewclips"
  },
  "dummy_trs": 0,
  "dvars_nstd": 24.864471264041743,
  "dvars_std": 1.0764390374315516,
  "dvars_vstd": 1.0061965678748366,
  "efc": 0.47354930559516367,
  "fber": 1439.4215087890625,
  "fd_mean": 0.14309551119785704,
  "fd_num": 128,
  "fd_perc": 16.666666666666668,
  "fwhm_avg": 1.8552208701991544,
  "fwhm_x": 1.8253931882641168,
  "fwhm_y": 2.0456030081934915,
  "fwhm_z": 1.6946664141398549,
  "gcor": 0.0764056,
  "gsr_x": -0.01872335933148861,
  "gsr_y": 0.01667066477239132,
  "provenance": {
    "md5sum": "3edc356cbbc1b4fd1b5a074011d276dd",
    "settings": {
      "fd_thres": 0.2,
      "testing": false
    },
    "software": "mriqc",
    "version": "22.0.6",
    "webapi_port": null,
    "webapi_url": "https://mriqc.nimh.nih.gov/api/v1"
  },
  "size_t": 768,
  "size_x": 80,
  "size_y": 80,
  "size_z": 36,
  "snr": 6.658172893585897,
  "spacing_tr": 2.0,
  "spacing_x": 3.000000238418579,
  "spacing_y": 3.000000476837158,
  "spacing_z": 3.9999966621398926,
  "summary_bg_k": 107.1262145994908,
  "summary_bg_mad": 4.878302773555365,
  "summary_bg_mean": 41.42245864868164,
  "summary_bg_median": 21.7890625,
  "summary_bg_n": 158307.0,
  "summary_bg_p05": 17.58333396911621,
  "summary_bg_p95": 149.11159515380857,
  "summary_bg_stdv": 65.74268341064453,
  "summary_fg_k": 1.5095139678519027,
  "summary_fg_mad": 113.11597058659625,
  "summary_fg_mean": 837.6439819335938,
  "summary_fg_median": 832.5455932617188,
  "summary_fg_n": 31210.0,
  "summary_fg_p05": 642.7459747314454,
  "summary_fg_p95": 1041.090753173828,
  "summary_fg_stdv": 125.03914642333984,
  "tsnr": 54.90893910755403
}