{
  "bids_meta": {
    "AcquisitionMatrixPE": 256,
    "AcquisitionNumber": 1,
    "AcquisitionTime": "11:03:28.500000",
    "BaseResolution": 256,
    "ConversionSoftware": "dcm2niix",
    "ConversionSoftwareVersion": "v1.0.20171215 GCC4.4.7",
    "DeviceSerialNumber": "35149",
    "DwellTime": 8.2e-06,
    "EchoTime": 0.00298,
    "FlipAngle": 9,
    "ImageOrientationPatientDICOM": [
      -0.0191086,
      0.99972,
      0.01396,
      0.0171996,
      0.0142892,
      -0.99975
    ],
    "ImageType": [
      "ORIGINAL",
      "PRIMARY",
      "M",
      "ND"
    ],
    "InPlanePhaseEncodingDirectionDICOM": "ROW",
    "InstitutionAddress": "Street_StreetNo_Rehovot_FA2669_District_IL_ZIP",
    "InstitutionName": "Weizmann",
    "InstitutionalDepartmentName": "Department",
    "InversionTime": 0.9,
    "MRAcquisitionType": "3D",
    "MagneticFieldStrength": 3,
    "Manufacturer": "Siemens",
    "ManufacturersModelName": "TrioTim",
    "Modality": "MR",
    "PartialFourier": 0.875,
    "PatientPosition": "HFS",
    "PercentPhaseFOV": 100,
    "PhaseEncodingSteps": 224,
    "PhaseResolution": 1,
    "PixelBandwidth": 238,
    "ProcedureStepDescription": "Weizmann_Dudai",
    "ProtocolName": "t1_mprage",
    "PulseSequenceDetails": "%SiemensSeq%_tfl",
    "ReceiveCoilName": "HeadMatrix",
    "ReconMatrixPE": 256,
    "RepetitionTime": 2.3,
    "SAR": 0.140463,
    "ScanOptions": "IR_PFP",
    "ScanningSequence": "GR_IR",
    "SequenceName": "tfl3d1_ns",
    "SequenceVariant": "SP_MP",
    "SeriesDescription": "t1_mprage",
    "SeriesNumber": 9,
    "ShimSetting": [
      2387,
      9391,
      -5611,
      56,
      78,
      -366,
      121,
      -110
    ],
    "SliceThickness": 1,
    "SoftwareVersions": "syngo_MR_B17",
    "StationName": "MRC35149",
    "TxRefAmp": 376.119,
    "dataset": "ds001608",
    "modality": "T1w",
    "subject_id": "17"
  },
  "cjv": 0.36917529273535277,
  "cnr": 3.670945674625693,
  "efc": 0.5669405297122937,
  "fber": 17027.848244194363,
  "fwhm_avg": 3.760916589357668,
  "fwhm_x": 3.7318097680730027,
  "fwhm_y": 4.06899,
  "fwhm_z": 3.48195,
  "icvs_csf": 0.20952014038169395,
  "icvs_gm": 0.43900216099072814,
  "icvs_wm": 0.35147769862757794,
  "inu_med": 0.46416518092155457,
  "inu_range": 0.10143559277057645,
  "provenance": {
    "md5sum": "8d573e0594cf62fcd04cb89aba5468c5",
    "settings": {
      "testing": false
    },
    "software": "mriqc",
    "version": "22.0.6",
    "warnings": {
      "large_rot_frame": true,
      "small_air_mask": false
    },
    "webapi_port": null,
    "webapi_url": "https://mriqc.nimh.nih.gov/api/v1"
  },
  "qi_1": 0.0,
  "qi_2": 0.003020382467806482,
  "rpve_csf": 24.98075178987207,
  "rpve_gm": 12.51769993721984,
  "rpve_wm": 17.649135559860902,
  "size_x": 176,
  "size_y": 256,
  "size_z": 256,
  "snr_csf": 2.0394624060467588,
  "snr_gm": 9.676140003084637,
  "snr_total": 10.682237626937237,
  "snr_wm": 20.331110471680315,
  "snrd_csf": 23.221801255931528,
  "snrd_gm": 62.68422961041396,
  "snrd_total": 59.382542640791,
  "snrd_wm": 92.24159705602753,
  "spacing_x": 1.0000027418136597,
  "spacing_y": 1.0,
  "spacing_z": 1.0,
  "summary_bg_k": 165.0836950596157,
  "summary_bg_mad": 7.10261765135025,
  "summary_bg_mean": 11.30863948398752,
  "summary_bg_median": 4.7906428053975105,
  "summary_bg_n": 2369559.0,
  "summary_bg_p05": 0.0,
  "summary_bg_p95": 43.05356910824776,
  "summary_bg_stdv": 16.368138069220752,
  "summary_csf_k": 0.2537854566661162,
  "summary_csf_mad": 119.54535683311589,
  "summary_csf_mean": 263.4344459242845,
  "summary_csf_median": 251.75761184468865,
  "summary_csf_n": 36531.0,
  "summary_csf_p05": 77.4435406755656,
  "summary_csf_p95": 487.898972466588,
  "summary_csf_stdv": 123.44143499132616,
  "summary_gm_k": -0.005369595908750302,
  "summary_gm_mad": 70.24212131822357,
  "summary_gm_mean": 679.057039550466,
  "summary_gm_median": 679.5869008228183,
  "summary_gm_n": 47023.0,
  "summary_gm_p05": 562.872532371059,
  "summary_gm_p95": 793.629086047411,
  "summary_gm_stdv": 70.23251776597479,
  "summary_wm_k": 0.22442533344505877,
  "summary_wm_mad": 48.05797138121403,
  "summary_wm_mean": 1000.2415570639938,
  "summary_wm_median": 1000.0311315916479,
  "summary_wm_n": 210695.0,
  "summary_wm_p05": 920.2918153379113,
  "summary_wm_p95": 1081.4409512132406,
  "summary_wm_stdv": 49.187119405472835,
  "tpm_overlap_csf": 0.14896735115160303,
  "tpm_overlap_gm": 0.476327281590748,
  "tpm_overlap_wm": 0.5274182222911356,
  "wm2max": 0.5430419946619818
}