{
  "aor": 0.0011472171651495447,
  "aqi": 0.006546210130039012,
  "bids_meta": {
    "AcquisitionMatrixPE": 80,
    "AcquisitionNumber": 1,
    "AcquisitionTime": "11:08:21.825000",
    "BandwidthPerPixelPhaseEncode": 50,
    "BaseResolution": 80,
    "ConversionSoftware": "dcm2niix",
    "ConversionSoftwareVersion": "v1.0.20171215 GCC4.4.7",
    "DerivedVendorReportedEchoSpacing": 0.0005,
    "DeviceSerialNumber": "35149",
    "DwellTime": 2.6e-06,
    "EchoTime": 0.03,
    "EffectiveEchoSpacing": 0.00025,
    "FlipAngle": 75,
    "ImageOrientationPatientDICOM": [
      0.998257,
      0.00452139,
      0.0588425,
      0.0200384,
      0.911859,
      -0.410015
    ],
    "ImageType": "ORIGINALPRIMARYMNDMOSAIC",
    "InPlanePhaseEncodingDirectionDICOM": "COL",
    "InstitutionAddress": "Street_StreetNo_Rehovot_FA2669_District_IL_ZIP",
    "InstitutionName": "Weizmann",
    "InstitutionalDepartmentName": "Department",
    "MRAcquisitionType": "2D",
    "MagneticFieldStrength": 3,
    "Manufacturer": "Siemens",
    "ManufacturersModelName": "TrioTim",
    "Modality": "MR",
    "ParallelReductionFactorInPlane": 2,
    "PartialFourier": 1,
    "PatientPosition": "HFS",
    "PercentPhaseFOV": 100,
    "PhaseEncodingDirection": "j-",
    "PhaseEncodingSteps": 79,
    "PhaseResolution": 1,
    "PixelBandwidth": 2404,
    "ProcedureStepDescription": "Weizmann_Dudai",
    "ProtocolName": "ep2d_E_NE_clips_1_2000_30ac_pc",
    "PulseSequenceDetails": "%SiemensSeq%_ep2d_pace",
    "ReceiveCoilName": "HeadMatrix",
    "ReconMatrixPE": 80,
    "RepetitionTime": 2,
    "SAR": 0.150699,
    "ScanOptions": "FS",
    "ScanningSequence": "EP",
    "SequenceName": "epfid2d1_80",
    "SequenceVariant": "SK",
    "SeriesDescription": "ep2d_E_NE_clips_1_2000_30ac_pc",
    "SeriesNumber": 5,
    "ShimSetting": [
      2368,
      9532,
      -5464,
      709,
      70,
      -256,
      172,
      9
    ],
    "SliceThickness": 4,
    "SliceTiming": [
      0.9925,
      0,
      1.0475,
      0.055,
      1.1025,
      0.11,
      1.16,
      0.165,
      1.215,
      0.22,
      1.27,
      0.275,
      1.325,
      0.33,
      1.38,
      0.385,
      1.435,
      0.44,
      1.49,
      0.4975,
      1.545,
      0.5525,
      1.6,
      0.6075,
      1.655,
      0.6625,
      1.71,
      0.7175,
      1.765,
      0.7725,
      1.8225,
      0.8275,
      1.8775,
      0.8825,
      1.9325,
      0.9375
    ],
    "SoftwareVersions": "syngo_MR_B17",
    "SpacingBetweenSlices": 4,
    "StationName": "MRC35149",
    "TaskName": "viewclips",
    "TotalReadoutTime": 0.01975,
    "TxRefAmp": 354.817,
    "VendorReportedEchoSpacing": 0.0005,
    "dataset": "ds001608",
    "modality": "bold",
    "run_id": 2,
    "subject_id": "18",
    "task_id": "viewclips"
  },
  "dummy_trs": 0,
  "dvars_nstd": 27.046572603333313,
  "dvars_std": 1.0884215692578145,
  "dvars_vstd": 1.0033793889062506,
  "efc": 0.4695796750755553,
  "fber": 1409.7965087890625,
  "fd_mean": 0.1473231620850919,
  "fd_num": 95,
  "fd_perc": 12.35370611183355,
  "fwhm_avg": 1.8755401049190947,
  "fwhm_x": 1.8348966666666666,
  "fwhm_y": 2.0314733333333335,
  "fwhm_z": 1.7602503147572843,
  "gcor": 0.0781084,
  "gsr_x": -0.014639127999544144,
  "gsr_y": 0.015394237823784351,
  "provenance": {
    "md5sum": "6b50481aea860a97cb88cdd8b8c259aa",
    "settings": {
      "fd_thres": 0.2,
      "testing": false
    },
    "software": "mriqc",
    "version": "22.0.6",
    "webapi_port": null,
    "webapi_url": "https://mriqc.nimh.nih.gov/api/v1"
  },
  "size_t": 769,
  "size_x": 80,
  "size_y": 80,
  "size_z": 36,
  "snr": 5.369309018006993,
  "spacing_tr": 2.0,
  "spacing_x": 3.0,
  "spacing_y": 3.0,
  "spacing_z": 3.9999992847442627,
  "summary_bg_k": 72.89542461592164,
  "summary_bg_mad": 4.854605480100095,
  "summary_bg_mean": 39.133941650390625,
  "summary_bg_median": 21.433029174804688,
  "summary_bg_n": 157263.0,
  "summary_bg_p05": 17.388816833496094,
  "summary_bg_p95": 119.24291534423818,
  "summary_bg_stdv": 59.70494842529297,
  "summary_fg_k": 2.0879491205263694,
  "summary_fg_mad": 119.48729616653104,
  "summary_fg_mean": 825.6311645507812,
  "summary_fg_median": 807.6475830078125,
  "summary_fg_n": 31643.0,
  "summary_fg_p05": 609.7662048339844,
  "summary_fg_p95": 1091.6152099609374,
  "summary_fg_stdv": 150.41690063476562,
  "tsnr": 55.2640371080488
}