{
  "aor": 0.0009990247074122237,
  "aqi": 0.00689877344603381,
  "bids_meta": {
    "AcquisitionMatrixPE": 80,
    "AcquisitionNumber": 1,
    "AcquisitionTime": "10:41:37.910000",
    "BandwidthPerPixelPhaseEncode": 50,
    "BaseResolution": 80,
    "ConversionSoftware": "dcm2niix",
    "ConversionSoftwareVersion": "v1.0.20171215 GCC4.4.7",
    "DerivedVendorReportedEchoSpacing": 0.0005,
    "DeviceSerialNumber": "35149",
    "DwellTime": 2.6e-06,
    "EchoTime": 0.03,
    "EffectiveEchoSpacing": 0.00025,
    "FlipAngle": 75,
    "ImageOrientationPatientDICOM": [
      0.998257,
      0.00453933,
      0.0588345,
      0.0200187,
      0.911859,
      -0.410016
    ],
    "ImageType": "ORIGINALPRIMARYMNDMOSAIC",
    "InPlanePhaseEncodingDirectionDICOM": "COL",
    "InstitutionAddress": "Street_StreetNo_Rehovot_FA2669_District_IL_ZIP",
    "InstitutionName": "Weizmann",
    "InstitutionalDepartmentName": "Department",
    "MRAcquisitionType": "2D",
    "MagneticFieldStrength": 3,
    "Manufacturer": "Siemens",
    "ManufacturersModelName": "TrioTim",
    "Modality": "MR",
    "ParallelReductionFactorInPlane": 2,
    "PartialFourier": 1,
    "PatientPosition": "HFS",
    "PercentPhaseFOV": 100,
    "PhaseEncodingDirection": "j-",
    "PhaseEncodingSteps": 79,
    "PhaseResolution": 1,
    "PixelBandwidth": 2404,
    "ProcedureStepDescription": "Weizmann_Dudai",
    "ProtocolName": "ep2d_E_NE_clips_1_2000_30ac_pc",
    "PulseSequenceDetails": "%SiemensSeq%_ep2d_pace",
    "ReceiveCoilName": "HeadMatrix",
    "ReconMatrixPE": 80,
    "RepetitionTime": 2,
    "SAR": 0.150699,
    "ScanOptions": "FS",
    "ScanningSequence": "EP",
    "SequenceName": "epfid2d1_80",
    "SequenceVariant": "SK",
    "SeriesDescription": "ep2d_E_NE_clips_1_2000_30ac_pc",
    "SeriesNumber": 3,
    "ShimSetting": [
      2368,
      9532,
      -5464,
      709,
      70,
      -256,
      172,
      9
    ],
    "SliceThickness": 4,
    "SliceTiming": [
      0.9925,
      0,
      1.0475,
      0.055,
      1.1025,
      0.11,
      1.1575,
      0.165,
      1.2125,
      0.22,
      1.2675,
      0.275,
      1.325,
      0.33,
      1.38,
      0.385,
      1.435,
      0.44,
      1.49,
      0.495,
      1.545,
      0.55,
      1.6,
      0.605,
      1.655,
      0.6625,
      1.71,
      0.7175,
      1.765,
      0.7725,
      1.82,
      0.8275,
      1.875,
      0.8825,
      1.93,
      0.9375
    ],
    "SoftwareVersions": "syngo_MR_B17",
    "SpacingBetweenSlices": 4,
    "StationName": "MRC35149",
    "TaskName": "viewclips",
    "TotalReadoutTime": 0.01975,
    "TxRefAmp": 354.817,
    "VendorReportedEchoSpacing": 0.0005,
    "dataset": "ds001608",
    "modality": "bold",
    "run_id": 1,
    "subject_id": "18",
    "task_id": "viewclips"
  },
  "dummy_trs": 0,
  "dvars_nstd": 26.60712829464843,
  "dvars_std": 1.065402051835937,
  "dvars_vstd": 0.9902591832161454,
  "efc": 0.46850537692729666,
  "fber": 1392.427001953125,
  "fd_mean": 0.13321859908489497,
  "fd_num": 54,
  "fd_perc": 7.022106631989597,
  "fwhm_avg": 1.903926111111111,
  "fwhm_x": 1.8645433333333334,
  "fwhm_y": 2.06448,
  "fwhm_z": 1.782755,
  "gcor": 0.0862346,
  "gsr_x": -0.014749359339475632,
  "gsr_y": 0.016632268205285072,
  "provenance": {
    "md5sum": "b434f4de7b19a4282223605811dede68",
    "settings": {
      "fd_thres": 0.2,
      "testing": false
    },
    "software": "mriqc",
    "version": "22.0.6",
    "webapi_port": null,
    "webapi_url": "https://mriqc.nimh.nih.gov/api/v1"
  },
  "size_t": 769,
  "size_x": 80,
  "size_y": 80,
  "size_z": 36,
  "snr": 5.366103271028065,
  "spacing_tr": 2.0,
  "spacing_x": 3.0,
  "spacing_y": 3.0,
  "spacing_z": 4.0,
  "summary_bg_k": 73.8605616695444,
  "summary_bg_mad": 5.0474019088821285,
  "summary_bg_mean": 38.51190185546875,
  "summary_bg_median": 21.565670013427734,
  "summary_bg_n": 157367.0,
  "summary_bg_p05": 17.375812530517578,
  "summary_bg_p95": 115.91222534179607,
  "summary_bg_stdv": 57.4151496887207,
  "summary_fg_k": 1.9661363094786486,
  "summary_fg_mad": 120.551559148211,
  "summary_fg_mean": 824.8817138671875,
  "summary_fg_median": 806.9616088867188,
  "summary_fg_n": 31556.0,
  "summary_fg_p05": 606.6479034423828,
  "summary_fg_p95": 1091.8384094238281,
  "summary_fg_stdv": 150.37892150878906,
  "tsnr": 53.45169386663474
}