{
  "aor": 0.00021647696476964772,
  "aqi": 0.007537670989159892,
  "bids_meta": {
    "AcquisitionMatrixPE": 80,
    "AcquisitionNumber": 1,
    "AcquisitionTime": "12:46:47.345000",
    "BandwidthPerPixelPhaseEncode": 50,
    "BaseResolution": 80,
    "ConversionSoftware": "dcm2niix",
    "ConversionSoftwareVersion": "v1.0.20171215 GCC4.4.7",
    "DerivedVendorReportedEchoSpacing": 0.0005,
    "DeviceSerialNumber": "35149",
    "DwellTime": 2.6e-06,
    "EchoTime": 0.03,
    "EffectiveEchoSpacing": 0.00025,
    "FlipAngle": 75,
    "ImageOrientationPatientDICOM": [
      0.999243,
      0.0245721,
      0.0301541,
      -0.00484217,
      0.847756,
      -0.530364
    ],
    "ImageType": "ORIGINALPRIMARYMNDMOSAIC",
    "InPlanePhaseEncodingDirectionDICOM": "COL",
    "InstitutionAddress": "Street_StreetNo_Rehovot_FA2669_District_IL_ZIP",
    "InstitutionName": "Weizmann",
    "InstitutionalDepartmentName": "Department",
    "MRAcquisitionType": "2D",
    "MagneticFieldStrength": 3,
    "Manufacturer": "Siemens",
    "ManufacturersModelName": "TrioTim",
    "Modality": "MR",
    "ParallelReductionFactorInPlane": 2,
    "PartialFourier": 1,
    "PatientPosition": "HFS",
    "PercentPhaseFOV": 100,
    "PhaseEncodingDirection": "j-",
    "PhaseEncodingSteps": 79,
    "PhaseResolution": 1,
    "PixelBandwidth": 2404,
    "ProcedureStepDescription": "Weizmann_Dudai",
    "ProtocolName": "ep2d_E_NE_clips_1_2000_30ac_pc",
    "PulseSequenceDetails": "%SiemensSeq%_ep2d_pace",
    "ReceiveCoilName": "HeadMatrix",
    "ReconMatrixPE": 80,
    "RepetitionTime": 2,
    "SAR": 0.153127,
    "ScanOptions": "FS",
    "ScanningSequence": "EP",
    "SequenceName": "epfid2d1_80",
    "SequenceVariant": "SK",
    "SeriesDescription": "ep2d_E_NE_clips_1_2000_30ac_pc",
    "SeriesNumber": 3,
    "ShimSetting": [
      2330,
      9559,
      -5480,
      757,
      -164,
      -624,
      -41,
      78
    ],
    "SliceThickness": 4,
    "SliceTiming": [
      0.9925,
      0,
      1.05,
      0.055,
      1.105,
      0.11,
      1.16,
      0.165,
      1.215,
      0.22,
      1.27,
      0.275,
      1.325,
      0.33,
      1.38,
      0.3875,
      1.435,
      0.4425,
      1.49,
      0.4975,
      1.545,
      0.5525,
      1.6,
      0.6075,
      1.655,
      0.6625,
      1.7125,
      0.7175,
      1.7675,
      0.7725,
      1.8225,
      0.8275,
      1.8775,
      0.8825,
      1.9325,
      0.9375
    ],
    "SoftwareVersions": "syngo_MR_B17",
    "SpacingBetweenSlices": 4,
    "StationName": "MRC35149",
    "TaskName": "viewclips",
    "TotalReadoutTime": 0.01975,
    "TxRefAmp": 297.34,
    "VendorReportedEchoSpacing": 0.0005,
    "dataset": "ds001608",
    "modality": "bold",
    "run_id": 1,
    "subject_id": "15",
    "task_id": "viewclips"
  },
  "dummy_trs": 0,
  "dvars_nstd": 26.95875533012207,
  "dvars_std": 1.1139241077611923,
  "dvars_vstd": 0.9999017451831747,
  "efc": 0.45449377742077174,
  "fber": 1647.083251953125,
  "fd_mean": 0.21583356791200786,
  "fd_num": 392,
  "fd_perc": 53.116531165311656,
  "fwhm_avg": 1.9016878431273596,
  "fwhm_x": 1.8539266666666665,
  "fwhm_y": 2.06916,
  "fwhm_z": 1.7819768627154127,
  "gcor": 0.0879668,
  "gsr_x": -0.017871472984552383,
  "gsr_y": 0.013465984724462032,
  "provenance": {
    "md5sum": "c310ef50bc2e8bdf457189cc43b7e481",
    "settings": {
      "fd_thres": 0.2,
      "testing": false
    },
    "software": "mriqc",
    "version": "22.0.6",
    "webapi_port": null,
    "webapi_url": "https://mriqc.nimh.nih.gov/api/v1"
  },
  "size_t": 738,
  "size_x": 80,
  "size_y": 80,
  "size_z": 36,
  "snr": 6.642933876676106,
  "spacing_tr": 2.0,
  "spacing_x": 3.0,
  "spacing_y": 3.0,
  "spacing_z": 4.000001430511475,
  "summary_bg_k": 67.16198638193956,
  "summary_bg_mad": 3.7085133121772795,
  "summary_bg_mean": 34.56666564941406,
  "summary_bg_median": 19.796749114990234,
  "summary_bg_n": 160869.0,
  "summary_bg_p05": 16.402981567382813,
  "summary_bg_p95": 111.13496246337891,
  "summary_bg_stdv": 52.12491226196289,
  "summary_fg_k": 1.8027945584533356,
  "summary_fg_mad": 107.39930111931885,
  "summary_fg_mean": 811.6981201171875,
  "summary_fg_median": 809.376708984375,
  "summary_fg_n": 29148.0,
  "summary_fg_p05": 616.7729888916016,
  "summary_fg_p95": 1009.9117431640625,
  "summary_fg_stdv": 121.8381576538086,
  "tsnr": 57.555442227749154
}