{
  "aor": 0.000161260162601626,
  "aqi": 0.007485383902439024,
  "bids_meta": {
    "AcquisitionMatrixPE": 80,
    "AcquisitionNumber": 1,
    "AcquisitionTime": "13:12:14.115000",
    "BandwidthPerPixelPhaseEncode": 50,
    "BaseResolution": 80,
    "ConversionSoftware": "dcm2niix",
    "ConversionSoftwareVersion": "v1.0.20171215 GCC4.4.7",
    "DerivedVendorReportedEchoSpacing": 0.0005,
    "DeviceSerialNumber": "35149",
    "DwellTime": 2.6e-06,
    "EchoTime": 0.03,
    "EffectiveEchoSpacing": 0.00025,
    "FlipAngle": 75,
    "ImageOrientationPatientDICOM": [
      0.999243,
      0.024607,
      0.0301322,
      -0.0048833,
      0.847755,
      -0.530365
    ],
    "ImageType": "ORIGINALPRIMARYMNDMOSAIC",
    "InPlanePhaseEncodingDirectionDICOM": "COL",
    "InstitutionAddress": "Street_StreetNo_Rehovot_FA2669_District_IL_ZIP",
    "InstitutionName": "Weizmann",
    "InstitutionalDepartmentName": "Department",
    "MRAcquisitionType": "2D",
    "MagneticFieldStrength": 3,
    "Manufacturer": "Siemens",
    "ManufacturersModelName": "TrioTim",
    "Modality": "MR",
    "ParallelReductionFactorInPlane": 2,
    "PartialFourier": 1,
    "PatientPosition": "HFS",
    "PercentPhaseFOV": 100,
    "PhaseEncodingDirection": "j-",
    "PhaseEncodingSteps": 79,
    "PhaseResolution": 1,
    "PixelBandwidth": 2404,
    "ProcedureStepDescription": "Weizmann_Dudai",
    "ProtocolName": "ep2d_E_NE_clips_1_2000_30ac_pc",
    "PulseSequenceDetails": "%SiemensSeq%_ep2d_pace",
    "ReceiveCoilName": "HeadMatrix",
    "ReconMatrixPE": 80,
    "RepetitionTime": 2,
    "SAR": 0.153127,
    "ScanOptions": "FS",
    "ScanningSequence": "EP",
    "SequenceName": "epfid2d1_80",
    "SequenceVariant": "SK",
    "SeriesDescription": "ep2d_E_NE_clips_1_2000_30ac_pc",
    "SeriesNumber": 5,
    "ShimSetting": [
      2330,
      9559,
      -5480,
      757,
      -164,
      -624,
      -41,
      78
    ],
    "SliceThickness": 4,
    "SliceTiming": [
      0.9925,
      0,
      1.0475,
      0.055,
      1.1025,
      0.11,
      1.1575,
      0.165,
      1.2125,
      0.22,
      1.2675,
      0.275,
      1.325,
      0.33,
      1.38,
      0.385,
      1.435,
      0.44,
      1.49,
      0.495,
      1.545,
      0.55,
      1.6,
      0.605,
      1.655,
      0.6625,
      1.71,
      0.7175,
      1.765,
      0.7725,
      1.82,
      0.8275,
      1.875,
      0.8825,
      1.93,
      0.9375
    ],
    "SoftwareVersions": "syngo_MR_B17",
    "SpacingBetweenSlices": 4,
    "StationName": "MRC35149",
    "TaskName": "viewclips",
    "TotalReadoutTime": 0.01975,
    "TxRefAmp": 297.34,
    "VendorReportedEchoSpacing": 0.0005,
    "dataset": "ds001608",
    "modality": "bold",
    "run_id": 2,
    "subject_id": "15",
    "task_id": "viewclips"
  },
  "dummy_trs": 0,
  "dvars_nstd": 27.192888764504755,
  "dvars_std": 1.1197075848846674,
  "dvars_vstd": 0.9993270698507466,
  "efc": 0.45574487340846004,
  "fber": 1654.611328125,
  "fd_mean": 0.2317294397543166,
  "fd_num": 460,
  "fd_perc": 62.330623306233065,
  "fwhm_avg": 1.9183947868639992,
  "fwhm_x": 1.8733166666666667,
  "fwhm_y": 2.0939533333333333,
  "fwhm_z": 1.7879143605919978,
  "gcor": 0.0698194,
  "gsr_x": -0.018362823873758316,
  "gsr_y": 0.012507641687989235,
  "provenance": {
    "md5sum": "59b7ba0403119fe170343f23ecd7a4ce",
    "settings": {
      "fd_thres": 0.2,
      "testing": false
    },
    "software": "mriqc",
    "version": "22.0.6",
    "webapi_port": null,
    "webapi_url": "https://mriqc.nimh.nih.gov/api/v1"
  },
  "size_t": 738,
  "size_x": 80,
  "size_y": 80,
  "size_z": 36,
  "snr": 6.584111853867517,
  "spacing_tr": 2.0,
  "spacing_x": 3.0,
  "spacing_y": 3.0,
  "spacing_z": 4.000001430511475,
  "summary_bg_k": 63.01160247776842,
  "summary_bg_mad": 3.734628408246423,
  "summary_bg_mean": 35.588863372802734,
  "summary_bg_median": 19.88075828552246,
  "summary_bg_n": 160850.0,
  "summary_bg_p05": 16.474254608154297,
  "summary_bg_p95": 118.51307792663569,
  "summary_bg_stdv": 54.31316375732422,
  "summary_fg_k": 1.8335136568558106,
  "summary_fg_mad": 108.62070147602535,
  "summary_fg_mean": 817.9386596679688,
  "summary_fg_median": 814.77099609375,
  "summary_fg_n": 29144.0,
  "summary_fg_p05": 621.3610778808594,
  "summary_fg_p95": 1019.1278198242186,
  "summary_fg_stdv": 123.74592590332031,
  "tsnr": 58.41223456687294
}