{
  "aor": 0.00035040312093628095,
  "aqi": 0.007528318127438231,
  "bids_meta": {
    "AcquisitionMatrixPE": 80,
    "AcquisitionNumber": 1,
    "AcquisitionTime": "13:03:11.260000",
    "BandwidthPerPixelPhaseEncode": 50,
    "BaseResolution": 80,
    "ConversionSoftware": "dcm2niix",
    "ConversionSoftwareVersion": "v1.0.20171215 GCC4.4.7",
    "DerivedVendorReportedEchoSpacing": 0.0005,
    "DeviceSerialNumber": "35149",
    "DwellTime": 2.6e-06,
    "EchoTime": 0.03,
    "EffectiveEchoSpacing": 0.00025,
    "FlipAngle": 75,
    "ImageOrientationPatientDICOM": [
      0.9927,
      -0.0442194,
      0.112215,
      0.071907,
      0.963926,
      -0.256273
    ],
    "ImageType": "ORIGINALPRIMARYMNDMOSAIC",
    "InPlanePhaseEncodingDirectionDICOM": "COL",
    "InstitutionAddress": "Street_StreetNo_Rehovot_FA2669_District_IL_ZIP",
    "InstitutionName": "Weizmann",
    "InstitutionalDepartmentName": "Department",
    "MRAcquisitionType": "2D",
    "MagneticFieldStrength": 3,
    "Manufacturer": "Siemens",
    "ManufacturersModelName": "TrioTim",
    "Modality": "MR",
    "ParallelReductionFactorInPlane": 2,
    "PartialFourier": 1,
    "PatientPosition": "HFS",
    "PercentPhaseFOV": 100,
    "PhaseEncodingDirection": "j-",
    "PhaseEncodingSteps": 79,
    "PhaseResolution": 1,
    "PixelBandwidth": 2404,
    "ProcedureStepDescription": "Weizmann_Dudai",
    "ProtocolName": "ep2d_E_NE_clips_1_2000_30ac_pc",
    "PulseSequenceDetails": "%SiemensSeq%_ep2d_pace",
    "ReceiveCoilName": "HeadMatrix",
    "ReconMatrixPE": 80,
    "RepetitionTime": 2,
    "SAR": 0.154101,
    "ScanOptions": "FS",
    "ScanningSequence": "EP",
    "SequenceName": "epfid2d1_80",
    "SequenceVariant": "SK",
    "SeriesDescription": "ep2d_E_NE_clips_1_2000_30ac_pc",
    "SeriesNumber": 3,
    "ShimSetting": [
      2344,
      9570,
      -5456,
      683,
      -191,
      -113,
      143,
      1
    ],
    "SliceThickness": 4,
    "SliceTiming": [
      0.9925,
      0,
      1.0475,
      0.055,
      1.1025,
      0.11,
      1.16,
      0.165,
      1.215,
      0.22,
      1.27,
      0.275,
      1.325,
      0.33,
      1.38,
      0.385,
      1.435,
      0.44,
      1.49,
      0.4975,
      1.545,
      0.5525,
      1.6,
      0.6075,
      1.655,
      0.6625,
      1.71,
      0.7175,
      1.7675,
      0.7725,
      1.8225,
      0.8275,
      1.8775,
      0.8825,
      1.9325,
      0.9375
    ],
    "SoftwareVersions": "syngo_MR_B17",
    "SpacingBetweenSlices": 4,
    "StationName": "MRC35149",
    "TaskName": "viewclips",
    "TotalReadoutTime": 0.01975,
    "TxRefAmp": 295.271,
    "VendorReportedEchoSpacing": 0.0005,
    "dataset": "ds001608",
    "modality": "bold",
    "run_id": 1,
    "subject_id": "21",
    "task_id": "viewclips"
  },
  "dummy_trs": 0,
  "dvars_nstd": 26.534504652070336,
  "dvars_std": 1.0913938507552077,
  "dvars_vstd": 0.9938031206119793,
  "efc": 0.43360423941298565,
  "fber": 1619.725341796875,
  "fd_mean": 0.17743701177787066,
  "fd_num": 188,
  "fd_perc": 24.447334200260077,
  "fwhm_avg": 2.2151435539209445,
  "fwhm_x": 2.1588564950961673,
  "fwhm_y": 2.4908366666666666,
  "fwhm_z": 1.9957375,
  "gcor": 0.0437127,
  "gsr_x": -0.016029348596930504,
  "gsr_y": 0.028517259284853935,
  "provenance": {
    "md5sum": "9f62e4095370af7bb8d848834e0fede2",
    "settings": {
      "fd_thres": 0.2,
      "testing": false
    },
    "software": "mriqc",
    "version": "22.0.6",
    "webapi_port": null,
    "webapi_url": "https://mriqc.nimh.nih.gov/api/v1"
  },
  "size_t": 769,
  "size_x": 80,
  "size_y": 80,
  "size_z": 36,
  "snr": 5.766685777241609,
  "spacing_tr": 2.0,
  "spacing_x": 3.000000238418579,
  "spacing_y": 3.0,
  "spacing_z": 4.0,
  "summary_bg_k": 88.21876997615433,
  "summary_bg_mad": 4.303209333930281,
  "summary_bg_mean": 37.58308410644531,
  "summary_bg_median": 21.1911563873291,
  "summary_bg_n": 167492.0,
  "summary_bg_p05": 17.444732666015625,
  "summary_bg_p95": 127.67568054199201,
  "summary_bg_stdv": 53.10479736328125,
  "summary_fg_k": 0.8760104767459516,
  "summary_fg_mad": 127.73707622356841,
  "summary_fg_mean": 859.336181640625,
  "summary_fg_median": 860.6904907226562,
  "summary_fg_n": 23555.0,
  "summary_fg_p05": 589.8180541992188,
  "summary_fg_p95": 1098.0658325195313,
  "summary_fg_stdv": 149.2490234375,
  "tsnr": 51.51032016973477
}