{
  "aor": 0.006477529258777633,
  "aqi": 0.010105019531859556,
  "bids_meta": {
    "AcquisitionMatrixPE": 80,
    "AcquisitionNumber": 1,
    "AcquisitionTime": "13:29:25.445000",
    "BandwidthPerPixelPhaseEncode": 50,
    "BaseResolution": 80,
    "ConversionSoftware": "dcm2niix",
    "ConversionSoftwareVersion": "v1.0.20171215 GCC4.4.7",
    "DerivedVendorReportedEchoSpacing": 0.0005,
    "DeviceSerialNumber": "35149",
    "DwellTime": 2.6e-06,
    "EchoTime": 0.03,
    "EffectiveEchoSpacing": 0.00025,
    "FlipAngle": 75,
    "ImageOrientationPatientDICOM": [
      0.992703,
      -0.0441684,
      0.112202,
      0.0718545,
      0.963928,
      -0.256279
    ],
    "ImageType": "ORIGINALPRIMARYMNDMOSAIC",
    "InPlanePhaseEncodingDirectionDICOM": "COL",
    "InstitutionAddress": "Street_StreetNo_Rehovot_FA2669_District_IL_ZIP",
    "InstitutionName": "Weizmann",
    "InstitutionalDepartmentName": "Department",
    "MRAcquisitionType": "2D",
    "MagneticFieldStrength": 3,
    "Manufacturer": "Siemens",
    "ManufacturersModelName": "TrioTim",
    "Modality": "MR",
    "ParallelReductionFactorInPlane": 2,
    "PartialFourier": 1,
    "PatientPosition": "HFS",
    "PercentPhaseFOV": 100,
    "PhaseEncodingDirection": "j-",
    "PhaseEncodingSteps": 79,
    "PhaseResolution": 1,
    "PixelBandwidth": 2404,
    "ProcedureStepDescription": "Weizmann_Dudai",
    "ProtocolName": "ep2d_E_NE_clips_1_2000_30ac_pc",
    "PulseSequenceDetails": "%SiemensSeq%_ep2d_pace",
    "ReceiveCoilName": "HeadMatrix",
    "ReconMatrixPE": 80,
    "RepetitionTime": 2,
    "SAR": 0.154101,
    "ScanOptions": "FS",
    "ScanningSequence": "EP",
    "SequenceName": "epfid2d1_80",
    "SequenceVariant": "SK",
    "SeriesDescription": "ep2d_E_NE_clips_1_2000_30ac_pc",
    "SeriesNumber": 5,
    "ShimSetting": [
      2344,
      9570,
      -5456,
      683,
      -191,
      -113,
      143,
      1
    ],
    "SliceThickness": 4,
    "SliceTiming": [
      0.995,
      0,
      1.05,
      0.055,
      1.105,
      0.11,
      1.16,
      0.165,
      1.215,
      0.2225,
      1.27,
      0.2775,
      1.325,
      0.3325,
      1.38,
      0.3875,
      1.435,
      0.4425,
      1.49,
      0.4975,
      1.5475,
      0.5525,
      1.6025,
      0.6075,
      1.6575,
      0.6625,
      1.7125,
      0.7175,
      1.7675,
      0.7725,
      1.8225,
      0.8275,
      1.8775,
      0.885,
      1.9325,
      0.94
    ],
    "SoftwareVersions": "syngo_MR_B17",
    "SpacingBetweenSlices": 4,
    "StationName": "MRC35149",
    "TaskName": "viewclips",
    "TotalReadoutTime": 0.01975,
    "TxRefAmp": 295.271,
    "VendorReportedEchoSpacing": 0.0005,
    "dataset": "ds001608",
    "modality": "bold",
    "run_id": 2,
    "subject_id": "21",
    "task_id": "viewclips"
  },
  "dummy_trs": 0,
  "dvars_nstd": 31.490565011966137,
  "dvars_std": 1.106744187812499,
  "dvars_vstd": 1.0227759029427088,
  "efc": 0.43515834679555854,
  "fber": 1695.9486083984375,
  "fd_mean": 0.4780981644034135,
  "fd_num": 397,
  "fd_perc": 51.62548764629389,
  "fwhm_avg": 2.1911033124961814,
  "fwhm_x": 2.141603503532688,
  "fwhm_y": 2.4795866666666666,
  "fwhm_z": 1.9521197672891895,
  "gcor": 0.0847119,
  "gsr_x": -0.016405683010816574,
  "gsr_y": 0.027308637276291847,
  "provenance": {
    "md5sum": "29cf7a3070d61b281a68fbe32cf45c1e",
    "settings": {
      "fd_thres": 0.2,
      "testing": false
    },
    "software": "mriqc",
    "version": "22.0.6",
    "webapi_port": null,
    "webapi_url": "https://mriqc.nimh.nih.gov/api/v1"
  },
  "size_t": 769,
  "size_x": 80,
  "size_y": 80,
  "size_z": 36,
  "snr": 5.861533464553917,
  "spacing_tr": 2.0,
  "spacing_x": 2.999999761581421,
  "spacing_y": 3.0,
  "spacing_z": 4.000000476837158,
  "summary_bg_k": 85.09964601320164,
  "summary_bg_mad": 4.241515777526114,
  "summary_bg_mean": 38.11124038696289,
  "summary_bg_median": 20.78543472290039,
  "summary_bg_n": 167170.0,
  "summary_bg_p05": 17.240571975708008,
  "summary_bg_p95": 134.89063568115208,
  "summary_bg_stdv": 54.79645919799805,
  "summary_fg_k": 0.8903211567629925,
  "summary_fg_mad": 129.03752034479302,
  "summary_fg_mean": 862.0133666992188,
  "summary_fg_median": 864.0026245117188,
  "summary_fg_n": 23772.0,
  "summary_fg_p05": 600.7200439453125,
  "summary_fg_p95": 1096.5494384765625,
  "summary_fg_stdv": 147.3990478515625,
  "tsnr": 42.16204517381266
}