{
  "aor": 0.0004060858257477243,
  "aqi": 0.009445943862158647,
  "bids_meta": {
    "AcquisitionMatrixPE": 80,
    "AcquisitionNumber": 1,
    "AcquisitionTime": "14:44:56.147500",
    "BandwidthPerPixelPhaseEncode": 50,
    "BaseResolution": 80,
    "ConversionSoftware": "dcm2niix",
    "ConversionSoftwareVersion": "v1.0.20171215 GCC4.4.7",
    "DerivedVendorReportedEchoSpacing": 0.0005,
    "DeviceSerialNumber": "35149",
    "DwellTime": 2.6e-06,
    "EchoTime": 0.03,
    "EffectiveEchoSpacing": 0.00025,
    "FlipAngle": 75,
    "ImageOrientationPatientDICOM": [
      0.993095,
      -0.0267892,
      0.114212,
      0.0609144,
      0.949797,
      -0.30688
    ],
    "ImageType": "ORIGINALPRIMARYMNDMOSAIC",
    "InPlanePhaseEncodingDirectionDICOM": "COL",
    "InstitutionAddress": "Street_StreetNo_Rehovot_FA2669_District_IL_ZIP",
    "InstitutionName": "Weizmann",
    "InstitutionalDepartmentName": "Department",
    "MRAcquisitionType": "2D",
    "MagneticFieldStrength": 3,
    "Manufacturer": "Siemens",
    "ManufacturersModelName": "TrioTim",
    "Modality": "MR",
    "ParallelReductionFactorInPlane": 2,
    "PartialFourier": 1,
    "PatientPosition": "HFS",
    "PercentPhaseFOV": 100,
    "PhaseEncodingDirection": "j-",
    "PhaseEncodingSteps": 79,
    "PhaseResolution": 1,
    "PixelBandwidth": 2404,
    "ProcedureStepDescription": "Weizmann_Dudai",
    "ProtocolName": "ep2d_E_NE_clips_1_2000_30ac_pc",
    "PulseSequenceDetails": "%SiemensSeq%_ep2d_pace",
    "ReceiveCoilName": "HeadMatrix",
    "ReconMatrixPE": 80,
    "RepetitionTime": 2,
    "SAR": 0.187465,
    "ScanOptions": "FS",
    "ScanningSequence": "EP",
    "SequenceName": "epfid2d1_80",
    "SequenceVariant": "SK",
    "SeriesDescription": "ep2d_E_NE_clips_1_2000_30ac_pc",
    "SeriesNumber": 5,
    "ShimSetting": [
      2453,
      9439,
      -5636,
      727,
      171,
      -337,
      -220,
      46
    ],
    "SliceThickness": 4,
    "SliceTiming": [
      0.9925,
      0,
      1.0475,
      0.055,
      1.1025,
      0.11,
      1.1575,
      0.165,
      1.215,
      0.22,
      1.27,
      0.275,
      1.325,
      0.33,
      1.38,
      0.385,
      1.435,
      0.44,
      1.49,
      0.495,
      1.545,
      0.5525,
      1.6,
      0.6075,
      1.655,
      0.6625,
      1.71,
      0.7175,
      1.765,
      0.7725,
      1.82,
      0.8275,
      1.8775,
      0.8825,
      1.9325,
      0.9375
    ],
    "SoftwareVersions": "syngo_MR_B17",
    "SpacingBetweenSlices": 4,
    "StationName": "MRC35149",
    "TaskName": "viewclips",
    "TotalReadoutTime": 0.01975,
    "TxRefAmp": 310.057,
    "VendorReportedEchoSpacing": 0.0005,
    "dataset": "ds001608",
    "modality": "bold",
    "run_id": 2,
    "subject_id": "08",
    "task_id": "viewclips"
  },
  "dummy_trs": 0,
  "dvars_nstd": 29.577496471249948,
  "dvars_std": 1.1819945356380213,
  "dvars_vstd": 1.0018810710546873,
  "efc": 0.4417395763412251,
  "fber": 1575.60986328125,
  "fd_mean": 0.2151628956889627,
  "fd_num": 291,
  "fd_perc": 37.841352405721715,
  "fwhm_avg": 1.889082086518373,
  "fwhm_x": 1.8747966666666667,
  "fwhm_y": 2.0848999999999998,
  "fwhm_z": 1.7075495928884523,
  "gcor": 0.034903,
  "gsr_x": -0.013821015134453773,
  "gsr_y": 0.017608478665351868,
  "provenance": {
    "md5sum": "ec1fcfcb157dce7d49211ef5e7bb3739",
    "settings": {
      "fd_thres": 0.2,
      "testing": false
    },
    "software": "mriqc",
    "version": "22.0.6",
    "webapi_port": null,
    "webapi_url": "https://mriqc.nimh.nih.gov/api/v1"
  },
  "size_t": 769,
  "size_x": 80,
  "size_y": 80,
  "size_z": 36,
  "snr": 6.763898820526897,
  "spacing_tr": 2.0,
  "spacing_x": 3.0,
  "spacing_y": 3.0,
  "spacing_z": 4.000000953674316,
  "summary_bg_k": 51.272984902832064,
  "summary_bg_mad": 4.7100095724332265,
  "summary_bg_mean": 35.175987243652344,
  "summary_bg_median": 20.89596939086914,
  "summary_bg_n": 164740.0,
  "summary_bg_p05": 16.931079864501953,
  "summary_bg_p95": 98.15260047912587,
  "summary_bg_stdv": 48.135433197021484,
  "summary_fg_k": 1.42572036802924,
  "summary_fg_mad": 108.4594015215279,
  "summary_fg_mean": 838.8015747070312,
  "summary_fg_median": 835.5311889648438,
  "summary_fg_n": 25640.0,
  "summary_fg_p05": 632.8586486816406,
  "summary_fg_p95": 1036.686279296875,
  "summary_fg_stdv": 123.525634765625,
  "tsnr": 54.32282092224341
}