{
  "bids_meta": {
    "AcquisitionMatrixPE": 256,
    "AcquisitionNumber": 1,
    "AcquisitionTime": "10:13:7.267500",
    "BaseResolution": 256,
    "ConversionSoftware": "dcm2niix",
    "ConversionSoftwareVersion": "v1.0.20171215 GCC4.4.7",
    "DeviceSerialNumber": "35149",
    "DwellTime": 8.2e-06,
    "EchoTime": 0.00298,
    "FlipAngle": 9,
    "ImageOrientationPatientDICOM": [
      0.020147,
      0.9997,
      0.0139616,
      0.00892315,
      0.0137841,
      -0.999865
    ],
    "ImageType": [
      "ORIGINAL",
      "PRIMARY",
      "M",
      "ND"
    ],
    "InPlanePhaseEncodingDirectionDICOM": "ROW",
    "InstitutionAddress": "Street_StreetNo_Rehovot_FA2669_District_IL_ZIP",
    "InstitutionName": "Weizmann",
    "InstitutionalDepartmentName": "Department",
    "InversionTime": 0.9,
    "MRAcquisitionType": "3D",
    "MagneticFieldStrength": 3,
    "Manufacturer": "Siemens",
    "ManufacturersModelName": "TrioTim",
    "Modality": "MR",
    "PartialFourier": 0.875,
    "PatientPosition": "HFS",
    "PercentPhaseFOV": 100,
    "PhaseEncodingSteps": 224,
    "PhaseResolution": 1,
    "PixelBandwidth": 238,
    "ProcedureStepDescription": "Weizmann_Dudai",
    "ProtocolName": "t1_mprage",
    "PulseSequenceDetails": "%SiemensSeq%_tfl",
    "ReceiveCoilName": "HeadMatrix",
    "ReconMatrixPE": 256,
    "RepetitionTime": 2.3,
    "SAR": 0.117885,
    "ScanOptions": "IR_PFP",
    "ScanningSequence": "GR_IR",
    "SequenceName": "tfl3d1_ns",
    "SequenceVariant": "SP_MP",
    "SeriesDescription": "t1_mprage",
    "SeriesNumber": 7,
    "ShimSetting": [
      2368,
      9484,
      -5515,
      447,
      -22,
      -420,
      -2,
      73
    ],
    "SliceThickness": 1,
    "SoftwareVersions": "syngo_MR_B17",
    "StationName": "MRC35149",
    "TxRefAmp": 401.529,
    "dataset": "ds001608",
    "modality": "T1w",
    "subject_id": "16"
  },
  "cjv": 0.37520438376546267,
  "cnr": 3.595450697970993,
  "efc": 0.5678483558862011,
  "fber": 14696.899408284025,
  "fwhm_avg": 3.881858740563102,
  "fwhm_x": 3.911116221689307,
  "fwhm_y": 4.0906,
  "fwhm_z": 3.64386,
  "icvs_csf": 0.23233072246790207,
  "icvs_gm": 0.42339023780599133,
  "icvs_wm": 0.3442790397261066,
  "inu_med": 0.5527169704437256,
  "inu_range": 0.17141110002994542,
  "provenance": {
    "md5sum": "018a2dc010a94974cd98051c5e1e0e46",
    "settings": {
      "testing": false
    },
    "software": "mriqc",
    "version": "22.0.6",
    "warnings": {
      "large_rot_frame": true,
      "small_air_mask": false
    },
    "webapi_port": null,
    "webapi_url": "https://mriqc.nimh.nih.gov/api/v1"
  },
  "qi_1": 0.0,
  "qi_2": 0.002947009853486187,
  "rpve_csf": 23.722249595269936,
  "rpve_gm": 13.06495877955815,
  "rpve_wm": 18.227725765011893,
  "size_x": 176,
  "size_y": 256,
  "size_z": 256,
  "snr_csf": 2.1383143532299944,
  "snr_gm": 9.61396947673218,
  "snr_total": 10.341866294032048,
  "snr_wm": 19.27331505213397,
  "snrd_csf": 8.600760125222283,
  "snrd_gm": 25.752394943649644,
  "snrd_total": 24.09551640673641,
  "snrd_wm": 37.9333941513373,
  "spacing_x": 1.000006079673767,
  "spacing_y": 1.0,
  "spacing_z": 1.0,
  "summary_bg_k": 79.39667730085971,
  "summary_bg_mad": 0.0,
  "summary_bg_mean": 11.614200456768772,
  "summary_bg_median": 0.0,
  "summary_bg_n": 2796511.0,
  "summary_bg_p05": 0.0,
  "summary_bg_p95": 46.433991350233555,
  "summary_bg_stdv": 17.271285974105375,
  "summary_csf_k": 0.7642628497259998,
  "summary_csf_mad": 102.58977515361552,
  "summary_csf_mean": 233.0585637832661,
  "summary_csf_median": 226.7408553659916,
  "summary_csf_n": 46610.0,
  "summary_csf_p05": 73.78182503581047,
  "summary_csf_p95": 420.06407425552607,
  "summary_csf_stdv": 106.03605718243006,
  "summary_gm_k": 0.042221051745687355,
  "summary_gm_mad": 70.0430190010796,
  "summary_gm_mean": 678.360405505407,
  "summary_gm_median": 678.9074421599507,
  "summary_gm_n": 29707.0,
  "summary_gm_p05": 560.8497778773308,
  "summary_gm_p95": 792.9522923752666,
  "summary_gm_stdv": 70.61557840201253,
  "summary_wm_k": 0.2380944805726486,
  "summary_wm_mad": 50.4449722855741,
  "summary_wm_mean": 1000.5088380762573,
  "summary_wm_median": 1000.0337309241295,
  "summary_wm_n": 196232.0,
  "summary_wm_p05": 916.2367312833667,
  "summary_wm_p95": 1086.5284206941724,
  "summary_wm_stdv": 51.886827986024585,
  "tpm_overlap_csf": 0.16105158807902656,
  "tpm_overlap_gm": 0.47489614679663594,
  "tpm_overlap_wm": 0.5253209689735248,
  "wm2max": 0.49561308220666145
}