{
  "aor": 0.00014655396618985697,
  "aqi": 0.007457659297789337,
  "bids_meta": {
    "AcquisitionMatrixPE": 80,
    "AcquisitionNumber": 1,
    "AcquisitionTime": "16:12:9.907500",
    "BandwidthPerPixelPhaseEncode": 50,
    "BaseResolution": 80,
    "ConversionSoftware": "dcm2niix",
    "ConversionSoftwareVersion": "v1.0.20171215 GCC4.4.7",
    "DerivedVendorReportedEchoSpacing": 0.0005,
    "DeviceSerialNumber": "35149",
    "DwellTime": 2.6e-06,
    "EchoTime": 0.03,
    "EffectiveEchoSpacing": 0.00025,
    "FlipAngle": 75,
    "ImageOrientationPatientDICOM": [
      0.999026,
      -0.0411301,
      0.0159948,
      0.044089,
      0.914469,
      -0.402247
    ],
    "ImageType": "ORIGINALPRIMARYMNDMOSAIC",
    "InPlanePhaseEncodingDirectionDICOM": "COL",
    "InstitutionAddress": "Street_StreetNo_Rehovot_FA2669_District_IL_ZIP",
    "InstitutionName": "Weizmann",
    "InstitutionalDepartmentName": "Department",
    "MRAcquisitionType": "2D",
    "MagneticFieldStrength": 3,
    "Manufacturer": "Siemens",
    "ManufacturersModelName": "TrioTim",
    "Modality": "MR",
    "ParallelReductionFactorInPlane": 2,
    "PartialFourier": 1,
    "PatientPosition": "HFS",
    "PercentPhaseFOV": 100,
    "PhaseEncodingDirection": "j-",
    "PhaseEncodingSteps": 79,
    "PhaseResolution": 1,
    "PixelBandwidth": 2404,
    "ProcedureStepDescription": "Weizmann_Dudai",
    "ProtocolName": "ep2d_E_NE_clips_1_2000_30ac_pc",
    "PulseSequenceDetails": "%SiemensSeq%_ep2d_pace",
    "ReceiveCoilName": "HeadMatrix",
    "ReconMatrixPE": 80,
    "RepetitionTime": 2,
    "SAR": 0.161595,
    "ScanOptions": "FS",
    "ScanningSequence": "EP",
    "SequenceName": "epfid2d1_80",
    "SequenceVariant": "SK",
    "SeriesDescription": "ep2d_E_NE_clips_1_2000_30ac_pc",
    "SeriesNumber": 3,
    "ShimSetting": [
      2434,
      9702,
      -5596,
      758,
      180,
      97,
      -48,
      -150
    ],
    "SliceThickness": 4,
    "SliceTiming": [
      0.9925,
      0,
      1.0475,
      0.055,
      1.1025,
      0.11,
      1.1575,
      0.165,
      1.2125,
      0.22,
      1.2675,
      0.275,
      1.325,
      0.33,
      1.38,
      0.385,
      1.435,
      0.44,
      1.49,
      0.495,
      1.545,
      0.55,
      1.6,
      0.605,
      1.655,
      0.6625,
      1.71,
      0.7175,
      1.765,
      0.7725,
      1.82,
      0.8275,
      1.875,
      0.8825,
      1.9325,
      0.9375
    ],
    "SoftwareVersions": "syngo_MR_B17",
    "SpacingBetweenSlices": 4,
    "StationName": "MRC35149",
    "TaskName": "viewclips",
    "TotalReadoutTime": 0.01975,
    "TxRefAmp": 290.64,
    "VendorReportedEchoSpacing": 0.0005,
    "dataset": "ds001608",
    "modality": "bold",
    "run_id": 1,
    "subject_id": "14",
    "task_id": "viewclips"
  },
  "dummy_trs": 0,
  "dvars_nstd": 24.56897645445311,
  "dvars_std": 1.090253667382813,
  "dvars_vstd": 0.9879000875000009,
  "efc": 0.43155792387958675,
  "fber": 2019.6083984375,
  "fd_mean": 0.12802930180719294,
  "fd_num": 73,
  "fd_perc": 9.492847854356308,
  "fwhm_avg": 1.7655316986788332,
  "fwhm_x": 1.7478633333333333,
  "fwhm_y": 1.9375066666666667,
  "fwhm_z": 1.6112250960364993,
  "gcor": 0.151143,
  "gsr_x": -0.018072351813316345,
  "gsr_y": 0.017958031967282295,
  "provenance": {
    "md5sum": "45ed5188a1c106c728000cb428ec5478",
    "settings": {
      "fd_thres": 0.2,
      "testing": false
    },
    "software": "mriqc",
    "version": "22.0.6",
    "webapi_port": null,
    "webapi_url": "https://mriqc.nimh.nih.gov/api/v1"
  },
  "size_t": 769,
  "size_x": 80,
  "size_y": 80,
  "size_z": 36,
  "snr": 6.447368493755213,
  "spacing_tr": 2.0,
  "spacing_x": 3.0,
  "spacing_y": 3.0,
  "spacing_z": 3.999999761581421,
  "summary_bg_k": 82.81459347955219,
  "summary_bg_mad": 4.397680375828485,
  "summary_bg_mean": 34.58936309814453,
  "summary_bg_median": 19.517555236816406,
  "summary_bg_n": 165189.0,
  "summary_bg_p05": 15.72691822052002,
  "summary_bg_p95": 110.53680267334006,
  "summary_bg_stdv": 50.685489654541016,
  "summary_fg_k": 1.6107772054594998,
  "summary_fg_mad": 127.38714807543846,
  "summary_fg_mean": 887.320556640625,
  "summary_fg_median": 881.2561645507812,
  "summary_fg_n": 25922.0,
  "summary_fg_p05": 682.7913635253906,
  "summary_fg_p95": 1109.4842468261718,
  "summary_fg_stdv": 136.68199157714844,
  "tsnr": 55.207056692568585
}