{
  "aor": 0.00022166449934980494,
  "aqi": 0.007041628725617686,
  "bids_meta": {
    "AcquisitionMatrixPE": 80,
    "AcquisitionNumber": 1,
    "AcquisitionTime": "16:38:54.047500",
    "BandwidthPerPixelPhaseEncode": 50,
    "BaseResolution": 80,
    "ConversionSoftware": "dcm2niix",
    "ConversionSoftwareVersion": "v1.0.20171215 GCC4.4.7",
    "DerivedVendorReportedEchoSpacing": 0.0005,
    "DeviceSerialNumber": "35149",
    "DwellTime": 2.6e-06,
    "EchoTime": 0.03,
    "EffectiveEchoSpacing": 0.00025,
    "FlipAngle": 75,
    "ImageOrientationPatientDICOM": [
      0.999023,
      -0.0411788,
      0.0160163,
      0.0441423,
      0.914467,
      -0.402246
    ],
    "ImageType": "ORIGINALPRIMARYMNDMOSAIC",
    "InPlanePhaseEncodingDirectionDICOM": "COL",
    "InstitutionAddress": "Street_StreetNo_Rehovot_FA2669_District_IL_ZIP",
    "InstitutionName": "Weizmann",
    "InstitutionalDepartmentName": "Department",
    "MRAcquisitionType": "2D",
    "MagneticFieldStrength": 3,
    "Manufacturer": "Siemens",
    "ManufacturersModelName": "TrioTim",
    "Modality": "MR",
    "ParallelReductionFactorInPlane": 2,
    "PartialFourier": 1,
    "PatientPosition": "HFS",
    "PercentPhaseFOV": 100,
    "PhaseEncodingDirection": "j-",
    "PhaseEncodingSteps": 79,
    "PhaseResolution": 1,
    "PixelBandwidth": 2404,
    "ProcedureStepDescription": "Weizmann_Dudai",
    "ProtocolName": "ep2d_E_NE_clips_1_2000_30ac_pc",
    "PulseSequenceDetails": "%SiemensSeq%_ep2d_pace",
    "ReceiveCoilName": "HeadMatrix",
    "ReconMatrixPE": 80,
    "RepetitionTime": 2,
    "SAR": 0.161595,
    "ScanOptions": "FS",
    "ScanningSequence": "EP",
    "SequenceName": "epfid2d1_80",
    "SequenceVariant": "SK",
    "SeriesDescription": "ep2d_E_NE_clips_1_2000_30ac_pc",
    "SeriesNumber": 5,
    "ShimSetting": [
      2434,
      9702,
      -5596,
      758,
      180,
      97,
      -48,
      -150
    ],
    "SliceThickness": 4,
    "SliceTiming": [
      0.9925,
      0,
      1.05,
      0.055,
      1.105,
      0.11,
      1.16,
      0.165,
      1.215,
      0.22,
      1.27,
      0.275,
      1.325,
      0.33,
      1.38,
      0.385,
      1.435,
      0.4425,
      1.49,
      0.4975,
      1.545,
      0.5525,
      1.6,
      0.6075,
      1.655,
      0.6625,
      1.7125,
      0.7175,
      1.7675,
      0.7725,
      1.8225,
      0.8275,
      1.8775,
      0.8825,
      1.9325,
      0.9375
    ],
    "SoftwareVersions": "syngo_MR_B17",
    "SpacingBetweenSlices": 4,
    "StationName": "MRC35149",
    "TaskName": "viewclips",
    "TotalReadoutTime": 0.01975,
    "TxRefAmp": 290.64,
    "VendorReportedEchoSpacing": 0.0005,
    "dataset": "ds001608",
    "modality": "bold",
    "run_id": 2,
    "subject_id": "14",
    "task_id": "viewclips"
  },
  "dummy_trs": 0,
  "dvars_nstd": 24.027572274192753,
  "dvars_std": 1.0982416611718755,
  "dvars_vstd": 0.9972468945442708,
  "efc": 0.4324268778457492,
  "fber": 2031.1993408203125,
  "fd_mean": 0.1272243685827187,
  "fd_num": 78,
  "fd_perc": 10.143042912873861,
  "fwhm_avg": 1.7829585463454072,
  "fwhm_x": 1.76037,
  "fwhm_y": 1.9586233333333334,
  "fwhm_z": 1.6298823057028882,
  "gcor": 0.0989228,
  "gsr_x": -0.01822127215564251,
  "gsr_y": 0.01576046086847782,
  "provenance": {
    "md5sum": "b3a8d0e2711fe519d092912e818407a2",
    "settings": {
      "fd_thres": 0.2,
      "testing": false
    },
    "software": "mriqc",
    "version": "22.0.6",
    "webapi_port": null,
    "webapi_url": "https://mriqc.nimh.nih.gov/api/v1"
  },
  "size_t": 769,
  "size_x": 80,
  "size_y": 80,
  "size_z": 36,
  "snr": 6.458783475049368,
  "spacing_tr": 2.0,
  "spacing_x": 3.0,
  "spacing_y": 3.0,
  "spacing_z": 4.000000476837158,
  "summary_bg_k": 67.75096532983324,
  "summary_bg_mad": 4.204883947046452,
  "summary_bg_mean": 35.38540267944336,
  "summary_bg_median": 19.574771881103516,
  "summary_bg_n": 165272.0,
  "summary_bg_p05": 15.95318603515625,
  "summary_bg_p95": 117.28569297790514,
  "summary_bg_stdv": 52.27329635620117,
  "summary_fg_k": 1.6141408174162866,
  "summary_fg_mad": 127.36298701633561,
  "summary_fg_mean": 891.9930419921875,
  "summary_fg_median": 886.35888671875,
  "summary_fg_n": 25915.0,
  "summary_fg_p05": 686.3226257324219,
  "summary_fg_p95": 1115.0523681640625,
  "summary_fg_stdv": 137.23045349121094,
  "tsnr": 60.46285724034533
}