{
  "aor": 0.005952847854356308,
  "aqi": 0.012420902847854355,
  "bids_meta": {
    "AcquisitionMatrixPE": 80,
    "AcquisitionNumber": 1,
    "AcquisitionTime": "10:51:25.345000",
    "BandwidthPerPixelPhaseEncode": 50,
    "BaseResolution": 80,
    "ConversionSoftware": "dcm2niix",
    "ConversionSoftwareVersion": "v1.0.20171215 GCC4.4.7",
    "DerivedVendorReportedEchoSpacing": 0.0005,
    "DeviceSerialNumber": "35149",
    "DwellTime": 2.6e-06,
    "EchoTime": 0.03,
    "EffectiveEchoSpacing": 0.00025,
    "FlipAngle": 75,
    "ImageOrientationPatientDICOM": [
      0.996936,
      -0.0745992,
      0.0235313,
      0.0751354,
      0.829556,
      -0.553346
    ],
    "ImageType": "ORIGINALPRIMARYMNDMOSAIC",
    "InPlanePhaseEncodingDirectionDICOM": "COL",
    "InstitutionAddress": "Street_StreetNo_Rehovot_FA2669_District_IL_ZIP",
    "InstitutionName": "Weizmann",
    "InstitutionalDepartmentName": "Department",
    "MRAcquisitionType": "2D",
    "MagneticFieldStrength": 3,
    "Manufacturer": "Siemens",
    "ManufacturersModelName": "TrioTim",
    "Modality": "MR",
    "ParallelReductionFactorInPlane": 2,
    "PartialFourier": 1,
    "PatientPosition": "HFS",
    "PercentPhaseFOV": 100,
    "PhaseEncodingDirection": "j-",
    "PhaseEncodingSteps": 79,
    "PhaseResolution": 1,
    "PixelBandwidth": 2404,
    "ProcedureStepDescription": "Weizmann_Dudai",
    "ProtocolName": "ep2d_E_NE_clips_1_2000_30ac_pc",
    "PulseSequenceDetails": "%SiemensSeq%_ep2d_pace",
    "ReceiveCoilName": "HeadMatrix",
    "ReconMatrixPE": 80,
    "RepetitionTime": 2,
    "SAR": 0.14943,
    "ScanOptions": "FS",
    "ScanningSequence": "EP",
    "SequenceName": "epfid2d1_80",
    "SequenceVariant": "SK",
    "SeriesDescription": "ep2d_E_NE_clips_1_2000_30ac_pc",
    "SeriesNumber": 6,
    "ShimSetting": [
      2304,
      9625,
      -5485,
      877,
      -201,
      -301,
      -223,
      -35
    ],
    "SliceThickness": 4,
    "SliceTiming": [
      0.9925,
      0,
      1.0475,
      0.055,
      1.1025,
      0.11,
      1.1575,
      0.165,
      1.2125,
      0.22,
      1.2675,
      0.275,
      1.325,
      0.33,
      1.38,
      0.385,
      1.435,
      0.44,
      1.49,
      0.495,
      1.545,
      0.55,
      1.6,
      0.605,
      1.655,
      0.6625,
      1.71,
      0.7175,
      1.765,
      0.7725,
      1.82,
      0.8275,
      1.875,
      0.8825,
      1.93,
      0.9375
    ],
    "SoftwareVersions": "syngo_MR_B17",
    "SpacingBetweenSlices": 4,
    "StationName": "MRC35149",
    "TaskName": "viewclips",
    "TotalReadoutTime": 0.01975,
    "TxRefAmp": 318.894,
    "VendorReportedEchoSpacing": 0.0005,
    "dataset": "ds001608",
    "modality": "bold",
    "run_id": 2,
    "subject_id": "01",
    "task_id": "viewclips"
  },
  "dummy_trs": 0,
  "dvars_nstd": 31.080697499205726,
  "dvars_std": 1.0793436013932278,
  "dvars_vstd": 1.024922406966146,
  "efc": 0.47600070732449723,
  "fber": 1301.57568359375,
  "fd_mean": 0.33991247400465247,
  "fd_num": 263,
  "fd_perc": 34.200260078023405,
  "fwhm_avg": 1.8642813192056036,
  "fwhm_x": 1.8369766666666667,
  "fwhm_y": 2.00223,
  "fwhm_z": 1.7536372909501443,
  "gcor": 0.0704182,
  "gsr_x": -0.01628972217440605,
  "gsr_y": 0.02195245772600174,
  "provenance": {
    "md5sum": "1d8033f799238dacc0b14bb39223f760",
    "settings": {
      "fd_thres": 0.2,
      "testing": false
    },
    "software": "mriqc",
    "version": "22.0.6",
    "webapi_port": null,
    "webapi_url": "https://mriqc.nimh.nih.gov/api/v1"
  },
  "size_t": 769,
  "size_x": 80,
  "size_y": 80,
  "size_z": 36,
  "snr": 5.802577380653779,
  "spacing_tr": 2.0,
  "spacing_x": 3.0,
  "spacing_y": 3.0,
  "spacing_z": 4.000000476837158,
  "summary_bg_k": 28.293827354166165,
  "summary_bg_mad": 4.590476804610519,
  "summary_bg_mean": 38.80195999145508,
  "summary_bg_median": 20.44343376159668,
  "summary_bg_n": 158391.0,
  "summary_bg_p05": 16.615083694458008,
  "summary_bg_p95": 145.66905212402344,
  "summary_bg_stdv": 54.886741638183594,
  "summary_fg_k": 0.8304618226055669,
  "summary_fg_mad": 120.11973677353394,
  "summary_fg_mean": 754.0618896484375,
  "summary_fg_median": 741.083251953125,
  "summary_fg_n": 30949.0,
  "summary_fg_p05": 564.2046875,
  "summary_fg_p95": 974.5841186523437,
  "summary_fg_stdv": 127.71415710449219,
  "tsnr": 39.25152181845624
}