{
  "aor": 0.000511703511053316,
  "aqi": 0.007386324733420027,
  "bids_meta": {
    "AcquisitionMatrixPE": 80,
    "AcquisitionNumber": 1,
    "AcquisitionTime": "10:23:56.730000",
    "BandwidthPerPixelPhaseEncode": 50,
    "BaseResolution": 80,
    "ConversionSoftware": "dcm2niix",
    "ConversionSoftwareVersion": "v1.0.20171215 GCC4.4.7",
    "DerivedVendorReportedEchoSpacing": 0.0005,
    "DeviceSerialNumber": "35149",
    "DwellTime": 2.6e-06,
    "EchoTime": 0.03,
    "EffectiveEchoSpacing": 0.00025,
    "FlipAngle": 75,
    "ImageOrientationPatientDICOM": [
      0.996935,
      -0.0746077,
      0.023537,
      0.0751456,
      0.829555,
      -0.553346
    ],
    "ImageType": "ORIGINALPRIMARYMNDMOSAIC",
    "InPlanePhaseEncodingDirectionDICOM": "COL",
    "InstitutionAddress": "Street_StreetNo_Rehovot_FA2669_District_IL_ZIP",
    "InstitutionName": "Weizmann",
    "InstitutionalDepartmentName": "Department",
    "MRAcquisitionType": "2D",
    "MagneticFieldStrength": 3,
    "Manufacturer": "Siemens",
    "ManufacturersModelName": "TrioTim",
    "Modality": "MR",
    "ParallelReductionFactorInPlane": 2,
    "PartialFourier": 1,
    "PatientPosition": "HFS",
    "PercentPhaseFOV": 100,
    "PhaseEncodingDirection": "j-",
    "PhaseEncodingSteps": 79,
    "PhaseResolution": 1,
    "PixelBandwidth": 2404,
    "ProcedureStepDescription": "Weizmann_Dudai",
    "ProtocolName": "ep2d_E_NE_clips_1_2000_30ac_pc",
    "PulseSequenceDetails": "%SiemensSeq%_ep2d_pace",
    "ReceiveCoilName": "HeadMatrix",
    "ReconMatrixPE": 80,
    "RepetitionTime": 2,
    "SAR": 0.14943,
    "ScanOptions": "FS",
    "ScanningSequence": "EP",
    "SequenceName": "epfid2d1_80",
    "SequenceVariant": "SK",
    "SeriesDescription": "ep2d_E_NE_clips_1_2000_30ac_pc",
    "SeriesNumber": 4,
    "ShimSetting": [
      2304,
      9625,
      -5485,
      877,
      -201,
      -301,
      -223,
      -35
    ],
    "SliceThickness": 4,
    "SliceTiming": [
      0.9925,
      0,
      1.0475,
      0.055,
      1.1025,
      0.11,
      1.1575,
      0.165,
      1.215,
      0.22,
      1.27,
      0.275,
      1.325,
      0.33,
      1.38,
      0.385,
      1.435,
      0.44,
      1.49,
      0.495,
      1.545,
      0.5525,
      1.6,
      0.6075,
      1.655,
      0.6625,
      1.71,
      0.7175,
      1.765,
      0.7725,
      1.82,
      0.8275,
      1.8775,
      0.8825,
      1.9325,
      0.9375
    ],
    "SoftwareVersions": "syngo_MR_B17",
    "SpacingBetweenSlices": 4,
    "StationName": "MRC35149",
    "TaskName": "viewclips",
    "TotalReadoutTime": 0.01975,
    "TxRefAmp": 318.894,
    "VendorReportedEchoSpacing": 0.0005,
    "dataset": "ds001608",
    "modality": "bold",
    "run_id": 1,
    "subject_id": "01",
    "task_id": "viewclips"
  },
  "dummy_trs": 0,
  "dvars_nstd": 28.5794494426171,
  "dvars_std": 1.0799499219531237,
  "dvars_vstd": 1.001083069244791,
  "efc": 0.47426349966320464,
  "fber": 1277.222900390625,
  "fd_mean": 0.1397094474253243,
  "fd_num": 114,
  "fd_perc": 14.82444733420026,
  "fwhm_avg": 1.8584574299469674,
  "fwhm_x": 1.8243233333333333,
  "fwhm_y": 1.9881066666666667,
  "fwhm_z": 1.7629422898409022,
  "gcor": 0.0704609,
  "gsr_x": -0.01598452962934971,
  "gsr_y": 0.02041587419807911,
  "provenance": {
    "md5sum": "129885e74c66ef62d764a2af5d09c747",
    "settings": {
      "fd_thres": 0.2,
      "testing": false
    },
    "software": "mriqc",
    "version": "22.0.6",
    "webapi_port": null,
    "webapi_url": "https://mriqc.nimh.nih.gov/api/v1"
  },
  "size_t": 769,
  "size_x": 80,
  "size_y": 80,
  "size_z": 36,
  "snr": 5.75216867853423,
  "spacing_tr": 2.0,
  "spacing_x": 3.0,
  "spacing_y": 3.0,
  "spacing_z": 4.000000476837158,
  "summary_bg_k": 31.297132402362486,
  "summary_bg_mad": 4.297424988612529,
  "summary_bg_mean": 38.146522521972656,
  "summary_bg_median": 20.712614059448242,
  "summary_bg_n": 158433.0,
  "summary_bg_p05": 16.92067527770996,
  "summary_bg_p95": 139.46970520019516,
  "summary_bg_stdv": 53.30816650390625,
  "summary_fg_k": 0.846835463405248,
  "summary_fg_mad": 121.13187702096957,
  "summary_fg_mean": 756.561767578125,
  "summary_fg_median": 743.6723022460938,
  "summary_fg_n": 30939.0,
  "summary_fg_p05": 563.4413269042968,
  "summary_fg_p95": 975.2684020996094,
  "summary_fg_stdv": 129.28346252441406,
  "tsnr": 49.82401113258675
}