{
  "aor": 0.00022620286085825748,
  "aqi": 0.0091922911053316,
  "bids_meta": {
    "AcquisitionMatrixPE": 80,
    "AcquisitionNumber": 1,
    "AcquisitionTime": "14:18:21.642500",
    "BandwidthPerPixelPhaseEncode": 50,
    "BaseResolution": 80,
    "ConversionSoftware": "dcm2niix",
    "ConversionSoftwareVersion": "v1.0.20171215 GCC4.4.7",
    "DerivedVendorReportedEchoSpacing": 0.0005,
    "DeviceSerialNumber": "35149",
    "DwellTime": 2.6e-06,
    "EchoTime": 0.03,
    "EffectiveEchoSpacing": 0.00025,
    "FlipAngle": 75,
    "ImageOrientationPatientDICOM": [
      0.993097,
      -0.0267543,
      0.114201,
      0.0608778,
      0.949798,
      -0.306884
    ],
    "ImageType": "ORIGINALPRIMARYMNDMOSAIC",
    "InPlanePhaseEncodingDirectionDICOM": "COL",
    "InstitutionAddress": "Street_StreetNo_Rehovot_FA2669_District_IL_ZIP",
    "InstitutionName": "Weizmann",
    "InstitutionalDepartmentName": "Department",
    "MRAcquisitionType": "2D",
    "MagneticFieldStrength": 3,
    "Manufacturer": "Siemens",
    "ManufacturersModelName": "TrioTim",
    "Modality": "MR",
    "ParallelReductionFactorInPlane": 2,
    "PartialFourier": 1,
    "PatientPosition": "HFS",
    "PercentPhaseFOV": 100,
    "PhaseEncodingDirection": "j-",
    "PhaseEncodingSteps": 79,
    "PhaseResolution": 1,
    "PixelBandwidth": 2404,
    "ProcedureStepDescription": "Weizmann_Dudai",
    "ProtocolName": "ep2d_E_NE_clips_1_2000_30ac_pc",
    "PulseSequenceDetails": "%SiemensSeq%_ep2d_pace",
    "ReceiveCoilName": "HeadMatrix",
    "ReconMatrixPE": 80,
    "RepetitionTime": 2,
    "SAR": 0.187465,
    "ScanOptions": "FS",
    "ScanningSequence": "EP",
    "SequenceName": "epfid2d1_80",
    "SequenceVariant": "SK",
    "SeriesDescription": "ep2d_E_NE_clips_1_2000_30ac_pc",
    "SeriesNumber": 3,
    "ShimSetting": [
      2453,
      9439,
      -5636,
      727,
      171,
      -337,
      -220,
      46
    ],
    "SliceThickness": 4,
    "SliceTiming": [
      0.995,
      0,
      1.05,
      0.055,
      1.105,
      0.11,
      1.16,
      0.165,
      1.215,
      0.22,
      1.27,
      0.275,
      1.325,
      0.3325,
      1.38,
      0.3875,
      1.435,
      0.4425,
      1.49,
      0.4975,
      1.545,
      0.5525,
      1.6,
      0.6075,
      1.6575,
      0.6625,
      1.7125,
      0.7175,
      1.7675,
      0.7725,
      1.8225,
      0.8275,
      1.8775,
      0.8825,
      1.9325,
      0.9375
    ],
    "SoftwareVersions": "syngo_MR_B17",
    "SpacingBetweenSlices": 4,
    "StationName": "MRC35149",
    "TaskName": "viewclips",
    "TotalReadoutTime": 0.01975,
    "TxRefAmp": 310.057,
    "VendorReportedEchoSpacing": 0.0005,
    "dataset": "ds001608",
    "modality": "bold",
    "run_id": 1,
    "subject_id": "08",
    "task_id": "viewclips"
  },
  "dummy_trs": 0,
  "dvars_nstd": 27.801019551757822,
  "dvars_std": 1.1347186183463538,
  "dvars_vstd": 0.9929748732421864,
  "efc": 0.4407408250796193,
  "fber": 1581.9620361328125,
  "fd_mean": 0.14198369805459146,
  "fd_num": 124,
  "fd_perc": 16.124837451235372,
  "fwhm_avg": 1.8637146554345305,
  "fwhm_x": 1.8538366666666668,
  "fwhm_y": 2.05654,
  "fwhm_z": 1.6807672996369243,
  "gcor": 0.103489,
  "gsr_x": -0.01326240599155426,
  "gsr_y": 0.01574946753680706,
  "provenance": {
    "md5sum": "c86796c255b69986edd76805104db630",
    "settings": {
      "fd_thres": 0.2,
      "testing": false
    },
    "software": "mriqc",
    "version": "22.0.6",
    "webapi_port": null,
    "webapi_url": "https://mriqc.nimh.nih.gov/api/v1"
  },
  "size_t": 769,
  "size_x": 80,
  "size_y": 80,
  "size_z": 36,
  "snr": 6.822291041228428,
  "spacing_tr": 2.0,
  "spacing_x": 3.0,
  "spacing_y": 3.0,
  "spacing_z": 4.000000476837158,
  "summary_bg_k": 54.02577076484074,
  "summary_bg_mad": 4.546130628480978,
  "summary_bg_mean": 34.71260070800781,
  "summary_bg_median": 20.749025344848633,
  "summary_bg_n": 164893.0,
  "summary_bg_p05": 16.831729125976562,
  "summary_bg_p95": 96.53263702392574,
  "summary_bg_stdv": 48.08308792114258,
  "summary_fg_k": 1.7198539276505436,
  "summary_fg_mad": 105.48066870123625,
  "summary_fg_mean": 833.2315063476562,
  "summary_fg_median": 830.1066284179688,
  "summary_fg_n": 25601.0,
  "summary_fg_p05": 632.1443481445312,
  "summary_fg_p95": 1027.88037109375,
  "summary_fg_stdv": 121.67326354980469,
  "tsnr": 52.92758715734817
}