{
  "bids_meta": {
    "AcquisitionMatrixPE": 256,
    "AcquisitionNumber": 1,
    "AcquisitionTime": "13:02:11.975000",
    "BaseResolution": 256,
    "ConversionSoftware": "dcm2niix",
    "ConversionSoftwareVersion": "v1.0.20171215 GCC4.4.7",
    "DeviceSerialNumber": "35149",
    "DwellTime": 8.2e-06,
    "EchoTime": 0.00298,
    "FlipAngle": 9,
    "ImageOrientationPatientDICOM": [
      -0.0211111,
      0.926329,
      0.376123,
      0.0164353,
      0.376478,
      -0.92628
    ],
    "ImageType": [
      "ORIGINAL",
      "PRIMARY",
      "M",
      "ND"
    ],
    "InPlanePhaseEncodingDirectionDICOM": "ROW",
    "InstitutionAddress": "Street_StreetNo_Rehovot_FA2669_District_IL_ZIP",
    "InstitutionName": "Weizmann",
    "InstitutionalDepartmentName": "Department",
    "InversionTime": 0.9,
    "MRAcquisitionType": "3D",
    "MagneticFieldStrength": 3,
    "Manufacturer": "Siemens",
    "ManufacturersModelName": "TrioTim",
    "Modality": "MR",
    "PartialFourier": 0.875,
    "PatientPosition": "HFS",
    "PercentPhaseFOV": 100,
    "PhaseEncodingSteps": 224,
    "PhaseResolution": 1,
    "PixelBandwidth": 238,
    "ProcedureStepDescription": "Weizmann_Dudai",
    "ProtocolName": "t1_mprage",
    "PulseSequenceDetails": "%SiemensSeq%_tfl",
    "ReceiveCoilName": "HeadMatrix",
    "ReconMatrixPE": 256,
    "RepetitionTime": 2.3,
    "SAR": 0.0891332,
    "ScanOptions": "IR_PFP",
    "ScanningSequence": "GR_IR",
    "SequenceName": "tfl3d1_ns",
    "SequenceVariant": "SP_MP",
    "SeriesDescription": "t1_mprage",
    "SeriesNumber": 7,
    "ShimSetting": [
      2365,
      9464,
      -5701,
      289,
      -17,
      -651,
      277,
      40
    ],
    "SliceThickness": 1,
    "SoftwareVersions": "syngo_MR_B17",
    "StationName": "MRC35149",
    "TxRefAmp": 290.87,
    "dataset": "ds001608",
    "modality": "T1w",
    "subject_id": "06"
  },
  "cjv": 0.3584593361005853,
  "cnr": 3.7733272289999573,
  "efc": 0.5590517240153394,
  "fber": 11005.917355371901,
  "fwhm_avg": 3.704993843451753,
  "fwhm_x": 3.667871530355258,
  "fwhm_y": 3.97191,
  "fwhm_z": 3.4752,
  "icvs_csf": 0.21321353049412053,
  "icvs_gm": 0.440921781194192,
  "icvs_wm": 0.3458646883116875,
  "inu_med": 0.49161410331726074,
  "inu_range": 0.13000923693180078,
  "provenance": {
    "md5sum": "b47f86026aad380066f5bfe24e3515ee",
    "settings": {
      "testing": false
    },
    "software": "mriqc",
    "version": "22.0.6",
    "warnings": {
      "large_rot_frame": true,
      "small_air_mask": false
    },
    "webapi_port": null,
    "webapi_url": "https://mriqc.nimh.nih.gov/api/v1"
  },
  "qi_1": 0.0,
  "qi_2": 0.0031929592073217626,
  "rpve_csf": 26.464434006901087,
  "rpve_gm": 13.267428512886424,
  "rpve_wm": 18.937498451296367,
  "size_x": 176,
  "size_y": 256,
  "size_z": 256,
  "snr_csf": 2.1983734774005637,
  "snr_gm": 9.649748122191612,
  "snr_total": 11.116360081032694,
  "snr_wm": 21.500958643505907,
  "snrd_csf": 25.218658051216725,
  "snrd_gm": 65.08839431660498,
  "snrd_total": 62.12057162808723,
  "snrd_wm": 96.05466251644,
  "spacing_x": 0.9999995827674866,
  "spacing_y": 1.0,
  "spacing_z": 1.0,
  "summary_bg_k": 30.03326273239768,
  "summary_bg_mad": 6.82045398878274,
  "summary_bg_mean": 10.251654086792922,
  "summary_bg_median": 4.600326307117939,
  "summary_bg_n": 2141717.0,
  "summary_bg_p05": 0.0,
  "summary_bg_p95": 39.44535110145807,
  "summary_bg_stdv": 14.333401177765358,
  "summary_csf_k": 0.19083820961174558,
  "summary_csf_mad": 111.69098056808046,
  "summary_csf_mean": 268.0201853771691,
  "summary_csf_median": 262.5448637828231,
  "summary_csf_n": 35635.0,
  "summary_csf_p05": 77.83686858788133,
  "summary_csf_p95": 482.9787973202763,
  "summary_csf_stdv": 119.42519442204805,
  "summary_gm_k": 0.01051747746559517,
  "summary_gm_mad": 70.23616448023077,
  "summary_gm_mean": 677.4531661946663,
  "summary_gm_median": 677.6182771101594,
  "summary_gm_n": 37659.0,
  "summary_gm_p05": 561.5987001731992,
  "summary_gm_p95": 792.2708067260683,
  "summary_gm_stdv": 70.22041111394893,
  "summary_wm_k": 0.2130903812440308,
  "summary_wm_mad": 45.32457721623707,
  "summary_wm_mean": 1000.4580682668598,
  "summary_wm_median": 1000.0000093132257,
  "summary_wm_n": 189537.0,
  "summary_wm_p05": 924.9592255800962,
  "summary_wm_p95": 1077.6509072631598,
  "summary_wm_stdv": 46.509431876164435,
  "tpm_overlap_csf": 0.13946415124421802,
  "tpm_overlap_gm": 0.4834718310835592,
  "tpm_overlap_wm": 0.5225037466557908,
  "wm2max": 0.5056601560378035
}