{
  "bids_meta": {
    "AcquisitionMatrixPE": 256,
    "AcquisitionNumber": 1,
    "AcquisitionTime": "11:03:20.472500",
    "BaseResolution": 256,
    "ConversionSoftware": "dcm2niix",
    "ConversionSoftwareVersion": "v1.0.20171215 GCC4.4.7",
    "DeviceSerialNumber": "35149",
    "DwellTime": 8.2e-06,
    "EchoTime": 0.00298,
    "FlipAngle": 9,
    "ImageOrientationPatientDICOM": [
      0.0202848,
      0.999793,
      -0.00174528,
      0.00860556,
      -0.00192018,
      -0.999961
    ],
    "ImageType": [
      "ORIGINAL",
      "PRIMARY",
      "M",
      "ND"
    ],
    "InPlanePhaseEncodingDirectionDICOM": "ROW",
    "InstitutionAddress": "Street_StreetNo_Rehovot_FA2669_District_IL_ZIP",
    "InstitutionName": "Weizmann",
    "InstitutionalDepartmentName": "Department",
    "InversionTime": 0.9,
    "MRAcquisitionType": "3D",
    "MagneticFieldStrength": 3,
    "Manufacturer": "Siemens",
    "ManufacturersModelName": "TrioTim",
    "Modality": "MR",
    "PartialFourier": 0.875,
    "PatientPosition": "HFS",
    "PercentPhaseFOV": 100,
    "PhaseEncodingSteps": 224,
    "PhaseResolution": 1,
    "PixelBandwidth": 238,
    "ProcedureStepDescription": "Weizmann_Dudai",
    "ProtocolName": "t1_mprage",
    "PulseSequenceDetails": "%SiemensSeq%_tfl",
    "ReceiveCoilName": "HeadMatrix",
    "ReconMatrixPE": 256,
    "RepetitionTime": 2.3,
    "SAR": 0.103376,
    "ScanOptions": "IR_PFP",
    "ScanningSequence": "GR_IR",
    "SequenceName": "tfl3d1_ns",
    "SequenceVariant": "SP_MP",
    "SeriesDescription": "t1_mprage",
    "SeriesNumber": 7,
    "ShimSetting": [
      2386,
      9529,
      -5566,
      473,
      77,
      -749,
      -120,
      -73
    ],
    "SliceThickness": 1,
    "SoftwareVersions": "syngo_MR_B17",
    "StationName": "MRC35149",
    "TxRefAmp": 339.887,
    "dataset": "ds001608",
    "modality": "T1w",
    "subject_id": "11"
  },
  "cjv": 0.3893867365086141,
  "cnr": 3.502775395771277,
  "efc": 0.5852767616948841,
  "fber": 20160.16234477721,
  "fwhm_avg": 3.6806151955736723,
  "fwhm_x": 3.604985586721018,
  "fwhm_y": 3.95294,
  "fwhm_z": 3.48392,
  "icvs_csf": 0.21408333754857553,
  "icvs_gm": 0.42125344824514155,
  "icvs_wm": 0.3646632142062829,
  "inu_med": 0.48461541533470154,
  "inu_range": 0.12216601371765134,
  "provenance": {
    "md5sum": "80c44e82872a8361fcd936f3b90f64d3",
    "settings": {
      "testing": false
    },
    "software": "mriqc",
    "version": "22.0.6",
    "warnings": {
      "large_rot_frame": true,
      "small_air_mask": false
    },
    "webapi_port": null,
    "webapi_url": "https://mriqc.nimh.nih.gov/api/v1"
  },
  "qi_1": 0.0,
  "qi_2": 0.003124799735552621,
  "rpve_csf": 22.740284714193198,
  "rpve_gm": 11.993091945279936,
  "rpve_wm": 16.12953118332871,
  "size_x": 176,
  "size_y": 256,
  "size_z": 256,
  "snr_csf": 2.105988666868743,
  "snr_gm": 8.795443997422117,
  "snr_total": 10.368890029123163,
  "snr_wm": 20.205237423078625,
  "snrd_csf": 10.044637634038908,
  "snrd_gm": 30.79931773797874,
  "snrd_total": 28.80400486296163,
  "snrd_wm": 45.56805921686723,
  "spacing_x": 0.9999984502792358,
  "spacing_y": 1.0,
  "spacing_z": 1.0,
  "summary_bg_k": 42.65719587984655,
  "summary_bg_mad": 0.0,
  "summary_bg_mean": 9.62426120427138,
  "summary_bg_median": 0.0,
  "summary_bg_n": 2350055.0,
  "summary_bg_p05": 0.0,
  "summary_bg_p95": 39.50492622330785,
  "summary_bg_stdv": 14.377523280170685,
  "summary_csf_k": 1.1053193052703207,
  "summary_csf_mad": 91.96956478933475,
  "summary_csf_mean": 231.4057815355848,
  "summary_csf_median": 220.4380819387734,
  "summary_csf_n": 35233.0,
  "summary_csf_p05": 79.12857498973608,
  "summary_csf_p95": 430.01898730918776,
  "summary_csf_stdv": 104.67053175283385,
  "summary_gm_k": -0.060834813253455966,
  "summary_gm_mad": 77.62407286525671,
  "summary_gm_mean": 676.965822228396,
  "summary_gm_median": 675.9171186201274,
  "summary_gm_n": 33278.0,
  "summary_gm_p05": 550.630702896975,
  "summary_gm_p95": 804.4684042790904,
  "summary_gm_stdv": 76.84739543868801,
  "summary_wm_k": 0.21054899294039053,
  "summary_wm_mad": 48.58105240546678,
  "summary_wm_mean": 1000.4872545731753,
  "summary_wm_median": 1000.0296613387764,
  "summary_wm_n": 229103.0,
  "summary_wm_p05": 920.188751090318,
  "summary_wm_p95": 1082.423106264323,
  "summary_wm_stdv": 49.493478245641434,
  "tpm_overlap_csf": 0.16487402023836675,
  "tpm_overlap_gm": 0.45892799769733394,
  "tpm_overlap_wm": 0.5109078756449554,
  "wm2max": 0.5746912737940916
}