{
  "aor": 0.0006410657894736843,
  "aqi": 0.006614501236842105,
  "bids_meta": {
    "AcquisitionMatrixPE": 80,
    "AcquisitionNumber": 1,
    "AcquisitionTime": "17:59:27.450000",
    "BandwidthPerPixelPhaseEncode": 50,
    "BaseResolution": 80,
    "ConversionSoftware": "dcm2niix",
    "ConversionSoftwareVersion": "v1.0.20171215 GCC4.4.7",
    "DerivedVendorReportedEchoSpacing": 0.0005,
    "DeviceSerialNumber": "35149",
    "DwellTime": 2.6e-06,
    "EchoTime": 0.03,
    "EffectiveEchoSpacing": 0.00025,
    "FlipAngle": 75,
    "ImageOrientationPatientDICOM": [
      0.990079,
      0.0507918,
      0.131013,
      0.0271368,
      0.845713,
      -0.532948
    ],
    "ImageType": "ORIGINALPRIMARYMNDMOSAIC",
    "InPlanePhaseEncodingDirectionDICOM": "COL",
    "InstitutionAddress": "Street_StreetNo_Rehovot_FA2669_District_IL_ZIP",
    "InstitutionName": "Weizmann",
    "InstitutionalDepartmentName": "Department",
    "MRAcquisitionType": "2D",
    "MagneticFieldStrength": 3,
    "Manufacturer": "Siemens",
    "ManufacturersModelName": "TrioTim",
    "Modality": "MR",
    "ParallelReductionFactorInPlane": 2,
    "PartialFourier": 1,
    "PatientPosition": "HFS",
    "PercentPhaseFOV": 100,
    "PhaseEncodingDirection": "j-",
    "PhaseEncodingSteps": 79,
    "PhaseResolution": 1,
    "PixelBandwidth": 2404,
    "ProcedureStepDescription": "Weizmann_Dudai",
    "ProtocolName": "ep2d_E_NE_clips_1_2000_30ac_pc",
    "PulseSequenceDetails": "%SiemensSeq%_ep2d_pace",
    "ReceiveCoilName": "HeadMatrix",
    "ReconMatrixPE": 80,
    "RepetitionTime": 2,
    "SAR": 0.136811,
    "ScanOptions": "FS",
    "ScanningSequence": "EP",
    "SequenceName": "epfid2d1_80",
    "SequenceVariant": "SK",
    "SeriesDescription": "ep2d_E_NE_clips_1_2000_30ac_pc",
    "SeriesNumber": 5,
    "ShimSetting": [
      2436,
      9674,
      -5570,
      652,
      125,
      -133,
      -298,
      -37
    ],
    "SliceThickness": 4,
    "SliceTiming": [
      0.995,
      0,
      1.05,
      0.055,
      1.105,
      0.11,
      1.16,
      0.165,
      1.215,
      0.22,
      1.27,
      0.275,
      1.325,
      0.3325,
      1.38,
      0.3875,
      1.435,
      0.4425,
      1.49,
      0.4975,
      1.545,
      0.5525,
      1.6,
      0.6075,
      1.6575,
      0.6625,
      1.7125,
      0.7175,
      1.7675,
      0.7725,
      1.8225,
      0.8275,
      1.8775,
      0.8825,
      1.9325,
      0.9375
    ],
    "SoftwareVersions": "syngo_MR_B17",
    "SpacingBetweenSlices": 4,
    "StationName": "MRC35149",
    "TaskName": "viewclips",
    "TotalReadoutTime": 0.01975,
    "TxRefAmp": 287.386,
    "VendorReportedEchoSpacing": 0.0005,
    "dataset": "ds001608",
    "modality": "bold",
    "run_id": 2,
    "subject_id": "10",
    "task_id": "viewclips"
  },
  "dummy_trs": 9,
  "dvars_nstd": 23.924512619473003,
  "dvars_std": 1.0800892723188402,
  "dvars_vstd": 0.9981031605797116,
  "efc": 0.4428711731368851,
  "fber": 1841.058349609375,
  "fd_mean": 0.11761590993307426,
  "fd_num": 94,
  "fd_perc": 12.368421052631579,
  "fwhm_avg": 1.950511124441365,
  "fwhm_x": 1.9403166666666667,
  "fwhm_y": 2.0797233333333334,
  "fwhm_z": 1.8314933733240955,
  "gcor": 0.0554078,
  "gsr_x": -0.010290011763572693,
  "gsr_y": 0.012584091164171696,
  "provenance": {
    "md5sum": "ec8c8e2a8997b098eeb552cd0a6942a5",
    "settings": {
      "fd_thres": 0.2,
      "testing": false
    },
    "software": "mriqc",
    "version": "22.0.6",
    "webapi_port": null,
    "webapi_url": "https://mriqc.nimh.nih.gov/api/v1"
  },
  "size_t": 760,
  "size_x": 80,
  "size_y": 80,
  "size_z": 36,
  "snr": 6.214186544424585,
  "spacing_tr": 2.0,
  "spacing_x": 3.0,
  "spacing_y": 3.0,
  "spacing_z": 3.999998092651367,
  "summary_bg_k": 113.0525538493782,
  "summary_bg_mad": 4.289792650302771,
  "summary_bg_mean": 32.44104766845703,
  "summary_bg_median": 19.453948974609375,
  "summary_bg_n": 161870.0,
  "summary_bg_p05": 15.600000381469727,
  "summary_bg_p95": 91.83868751525867,
  "summary_bg_stdv": 48.088768005371094,
  "summary_fg_k": 0.9060025644913505,
  "summary_fg_mad": 120.12788095075962,
  "summary_fg_mean": 840.3958129882812,
  "summary_fg_median": 836.7184448242188,
  "summary_fg_n": 28507.0,
  "summary_fg_p05": 612.7427795410156,
  "summary_fg_p95": 1058.2745239257813,
  "summary_fg_stdv": 134.64413452148438,
  "tsnr": 60.255503270891495
}