{
  "aor": 0.0002884635416666667,
  "aqi": 0.006500663398437499,
  "bids_meta": {
    "AcquisitionMatrixPE": 80,
    "AcquisitionNumber": 1,
    "AcquisitionTime": "17:32:58.127500",
    "BandwidthPerPixelPhaseEncode": 50,
    "BaseResolution": 80,
    "ConversionSoftware": "dcm2niix",
    "ConversionSoftwareVersion": "v1.0.20171215 GCC4.4.7",
    "DerivedVendorReportedEchoSpacing": 0.0005,
    "DeviceSerialNumber": "35149",
    "DwellTime": 2.6e-06,
    "EchoTime": 0.03,
    "EffectiveEchoSpacing": 0.00025,
    "FlipAngle": 75,
    "ImageOrientationPatientDICOM": [
      0.990078,
      0.0507798,
      0.13102,
      0.0271508,
      0.845714,
      -0.532946
    ],
    "ImageType": "ORIGINALPRIMARYMNDMOSAIC",
    "InPlanePhaseEncodingDirectionDICOM": "COL",
    "InstitutionAddress": "Street_StreetNo_Rehovot_FA2669_District_IL_ZIP",
    "InstitutionName": "Weizmann",
    "InstitutionalDepartmentName": "Department",
    "MRAcquisitionType": "2D",
    "MagneticFieldStrength": 3,
    "Manufacturer": "Siemens",
    "ManufacturersModelName": "TrioTim",
    "Modality": "MR",
    "ParallelReductionFactorInPlane": 2,
    "PartialFourier": 1,
    "PatientPosition": "HFS",
    "PercentPhaseFOV": 100,
    "PhaseEncodingDirection": "j-",
    "PhaseEncodingSteps": 79,
    "PhaseResolution": 1,
    "PixelBandwidth": 2404,
    "ProcedureStepDescription": "Weizmann_Dudai",
    "ProtocolName": "ep2d_E_NE_clips_1_2000_30ac_pc",
    "PulseSequenceDetails": "%SiemensSeq%_ep2d_pace",
    "ReceiveCoilName": "HeadMatrix",
    "ReconMatrixPE": 80,
    "RepetitionTime": 2,
    "SAR": 0.136811,
    "ScanOptions": "FS",
    "ScanningSequence": "EP",
    "SequenceName": "epfid2d1_80",
    "SequenceVariant": "SK",
    "SeriesDescription": "ep2d_E_NE_clips_1_2000_30ac_pc",
    "SeriesNumber": 3,
    "ShimSetting": [
      2436,
      9674,
      -5570,
      652,
      125,
      -133,
      -298,
      -37
    ],
    "SliceThickness": 4,
    "SliceTiming": [
      0.995,
      0,
      1.05,
      0.055,
      1.105,
      0.11,
      1.16,
      0.165,
      1.215,
      0.22,
      1.27,
      0.2775,
      1.325,
      0.3325,
      1.38,
      0.3875,
      1.435,
      0.4425,
      1.49,
      0.4975,
      1.545,
      0.5525,
      1.6025,
      0.6075,
      1.6575,
      0.6625,
      1.7125,
      0.7175,
      1.7675,
      0.7725,
      1.8225,
      0.8275,
      1.8775,
      0.8825,
      1.9325,
      0.94
    ],
    "SoftwareVersions": "syngo_MR_B17",
    "SpacingBetweenSlices": 4,
    "StationName": "MRC35149",
    "TaskName": "viewclips",
    "TotalReadoutTime": 0.01975,
    "TxRefAmp": 287.386,
    "VendorReportedEchoSpacing": 0.0005,
    "dataset": "ds001608",
    "modality": "bold",
    "run_id": 1,
    "subject_id": "10",
    "task_id": "viewclips"
  },
  "dummy_trs": 1,
  "dvars_nstd": 24.309059055958272,
  "dvars_std": 1.076177821812257,
  "dvars_vstd": 0.9801154609778345,
  "efc": 0.44203871564922564,
  "fber": 1819.357421875,
  "fd_mean": 0.09108691785562227,
  "fd_num": 42,
  "fd_perc": 5.46875,
  "fwhm_avg": 1.9399623743437282,
  "fwhm_x": 1.928266819911545,
  "fwhm_y": 2.0814868320883777,
  "fwhm_z": 1.8101334710312627,
  "gcor": 0.171946,
  "gsr_x": -0.009907853789627552,
  "gsr_y": 0.013910946436226368,
  "provenance": {
    "md5sum": "7ea501e60fbc2a7a3d0cc4ea865d55ee",
    "settings": {
      "fd_thres": 0.2,
      "testing": false
    },
    "software": "mriqc",
    "version": "22.0.6",
    "webapi_port": null,
    "webapi_url": "https://mriqc.nimh.nih.gov/api/v1"
  },
  "size_t": 768,
  "size_x": 80,
  "size_y": 80,
  "size_z": 36,
  "snr": 6.209065453259323,
  "spacing_tr": 2.0,
  "spacing_x": 2.999999761581421,
  "spacing_y": 2.999999761581421,
  "spacing_z": 3.999997854232788,
  "summary_bg_k": 125.77046094783753,
  "summary_bg_mad": 4.3281155286924875,
  "summary_bg_mean": 31.53038215637207,
  "summary_bg_median": 19.35546875,
  "summary_bg_n": 161626.0,
  "summary_bg_p05": 15.608073234558105,
  "summary_bg_p95": 85.79362297058105,
  "summary_bg_stdv": 45.89216232299805,
  "summary_fg_k": 0.958674057933095,
  "summary_fg_mad": 119.74718591088822,
  "summary_fg_mean": 831.6285400390625,
  "summary_fg_median": 827.6497802734375,
  "summary_fg_n": 28547.0,
  "summary_fg_p05": 605.8858215332032,
  "summary_fg_p95": 1048.2079833984371,
  "summary_fg_stdv": 133.29466247558594,
  "tsnr": 53.33923979650717
}