{
  "bids_meta": {
    "AcquisitionMatrixPE": 256,
    "AcquisitionNumber": 1,
    "AcquisitionTime": "13:37:30.732500",
    "BaseResolution": 256,
    "ConversionSoftware": "dcm2niix",
    "ConversionSoftwareVersion": "v1.0.20171215 GCC4.4.7",
    "DeviceSerialNumber": "35149",
    "DwellTime": 8.2e-06,
    "EchoTime": 0.00298,
    "FlipAngle": 9,
    "ImageOrientationPatientDICOM": [
      -0.0734501,
      0.987055,
      0.142577,
      0.0166318,
      0.144156,
      -0.989415
    ],
    "ImageType": [
      "ORIGINAL",
      "PRIMARY",
      "M",
      "ND"
    ],
    "InPlanePhaseEncodingDirectionDICOM": "ROW",
    "InstitutionAddress": "Street_StreetNo_Rehovot_FA2669_District_IL_ZIP",
    "InstitutionName": "Weizmann",
    "InstitutionalDepartmentName": "Department",
    "InversionTime": 0.9,
    "MRAcquisitionType": "3D",
    "MagneticFieldStrength": 3,
    "Manufacturer": "Siemens",
    "ManufacturersModelName": "TrioTim",
    "Modality": "MR",
    "PartialFourier": 0.875,
    "PatientPosition": "HFS",
    "PercentPhaseFOV": 100,
    "PhaseEncodingSteps": 224,
    "PhaseResolution": 1,
    "PixelBandwidth": 238,
    "ProcedureStepDescription": "Weizmann_Dudai",
    "ProtocolName": "t1_mprage",
    "PulseSequenceDetails": "%SiemensSeq%_tfl",
    "ReceiveCoilName": "HeadMatrix",
    "ReconMatrixPE": 256,
    "RepetitionTime": 2.3,
    "SAR": 0.104264,
    "ScanOptions": "IR_PFP",
    "ScanningSequence": "GR_IR",
    "SequenceName": "tfl3d1_ns",
    "SequenceVariant": "SP_MP",
    "SeriesDescription": "t1_mprage",
    "SeriesNumber": 7,
    "ShimSetting": [
      2342,
      9527,
      -5541,
      458,
      -132,
      -853,
      47,
      67
    ],
    "SliceThickness": 1,
    "SoftwareVersions": "syngo_MR_B17",
    "StationName": "MRC35149",
    "TxRefAmp": 297.34,
    "dataset": "ds001608",
    "modality": "T1w",
    "subject_id": "15"
  },
  "cjv": 0.34835554253056716,
  "cnr": 3.839408969412005,
  "efc": 0.593569918749084,
  "fber": 27377.520710059172,
  "fwhm_avg": 3.450333799243397,
  "fwhm_x": 3.436241397730189,
  "fwhm_y": 3.70307,
  "fwhm_z": 3.21169,
  "icvs_csf": 0.1655106025274456,
  "icvs_gm": 0.4776464923465531,
  "icvs_wm": 0.3568429051260013,
  "inu_med": 0.553097128868103,
  "inu_range": 0.17509235143661495,
  "provenance": {
    "md5sum": "fc4fecac0c0f03d739486dd2e8299a9f",
    "settings": {
      "testing": false
    },
    "software": "mriqc",
    "version": "22.0.6",
    "warnings": {
      "large_rot_frame": true,
      "small_air_mask": false
    },
    "webapi_port": null,
    "webapi_url": "https://mriqc.nimh.nih.gov/api/v1"
  },
  "qi_1": 0.0,
  "qi_2": 0.003421191225301233,
  "rpve_csf": 29.007690788774184,
  "rpve_gm": 11.632738879681668,
  "rpve_wm": 17.08160489223656,
  "size_x": 176,
  "size_y": 256,
  "size_z": 256,
  "snr_csf": 2.0229059171997283,
  "snr_gm": 11.045841646800882,
  "snr_total": 10.536762898996107,
  "snr_wm": 18.54154113298771,
  "snrd_csf": 9.17137246809087,
  "snrd_gm": 25.61006986621342,
  "snrd_total": 24.165921963450714,
  "snrd_wm": 37.71632355604785,
  "spacing_x": 1.0000025033950806,
  "spacing_y": 1.0,
  "spacing_z": 1.0,
  "summary_bg_k": 133.84053533281903,
  "summary_bg_mad": 0.0,
  "summary_bg_mean": 11.161886206808592,
  "summary_bg_median": 0.0,
  "summary_bg_n": 2059240.0,
  "summary_bg_p05": 0.0,
  "summary_bg_p95": 46.08269328251481,
  "summary_bg_stdv": 17.37058657986023,
  "summary_csf_k": 7.763891301200873,
  "summary_csf_mad": 94.84160118873564,
  "summary_csf_mean": 264.6508257622637,
  "summary_csf_median": 243.1739703565836,
  "summary_csf_n": 16167.0,
  "summary_csf_p05": 110.47866002004594,
  "summary_csf_p95": 488.2090797163542,
  "summary_csf_stdv": 120.20650465421332,
  "summary_gm_k": 0.15007362731587692,
  "summary_gm_mad": 59.6890739188689,
  "summary_gm_mean": 678.4246573282313,
  "summary_gm_median": 679.0371225401759,
  "summary_gm_n": 40807.0,
  "summary_gm_p05": 575.671468321234,
  "summary_gm_p95": 778.5216889875009,
  "summary_gm_stdv": 61.47370423148962,
  "summary_wm_k": 0.30130296636731835,
  "summary_wm_mad": 52.12983479973187,
  "summary_wm_mean": 1000.466066201791,
  "summary_wm_median": 1000.0278778653592,
  "summary_wm_n": 196456.0,
  "summary_wm_p05": 912.9611206054688,
  "summary_wm_p95": 1089.9922168068588,
  "summary_wm_stdv": 53.93431568171222,
  "tpm_overlap_csf": 0.14975127764539514,
  "tpm_overlap_gm": 0.4657967757781183,
  "tpm_overlap_wm": 0.49492438736607963,
  "wm2max": 0.5914738646101114
}