{
  "bids_meta": {
    "AcquisitionMatrixPE": 256,
    "AcquisitionNumber": 1,
    "AcquisitionTime": "13:55:32.097500",
    "BaseResolution": 256,
    "ConversionSoftware": "dcm2niix",
    "ConversionSoftwareVersion": "v1.0.20171215 GCC4.4.7",
    "DeviceSerialNumber": "35149",
    "DwellTime": 8.2e-06,
    "EchoTime": 0.00298,
    "FlipAngle": 9,
    "ImageOrientationPatientDICOM": [
      0.01626,
      0.927621,
      0.373168,
      0.100858,
      0.369792,
      -0.923624
    ],
    "ImageType": [
      "ORIGINAL",
      "PRIMARY",
      "M",
      "ND"
    ],
    "InPlanePhaseEncodingDirectionDICOM": "ROW",
    "InstitutionAddress": "Street_StreetNo_Rehovot_FA2669_District_IL_ZIP",
    "InstitutionName": "Weizmann",
    "InstitutionalDepartmentName": "Department",
    "InversionTime": 0.9,
    "MRAcquisitionType": "3D",
    "MagneticFieldStrength": 3,
    "Manufacturer": "Siemens",
    "ManufacturersModelName": "TrioTim",
    "Modality": "MR",
    "PartialFourier": 0.875,
    "PatientPosition": "HFS",
    "PercentPhaseFOV": 100,
    "PhaseEncodingSteps": 224,
    "PhaseResolution": 1,
    "PixelBandwidth": 238,
    "ProcedureStepDescription": "Weizmann_Dudai",
    "ProtocolName": "t1_mprage",
    "PulseSequenceDetails": "%SiemensSeq%_tfl",
    "ReceiveCoilName": "HeadMatrix",
    "ReconMatrixPE": 256,
    "RepetitionTime": 2.3,
    "SAR": 0.104927,
    "ScanOptions": "IR_PFP",
    "ScanningSequence": "GR_IR",
    "SequenceName": "tfl3d1_ns",
    "SequenceVariant": "SP_MP",
    "SeriesDescription": "t1_mprage",
    "SeriesNumber": 7,
    "ShimSetting": [
      2360,
      9452,
      -5581,
      273,
      -185,
      -521,
      247,
      14
    ],
    "SliceThickness": 1,
    "SoftwareVersions": "syngo_MR_B17",
    "StationName": "MRC35149",
    "TxRefAmp": 295.271,
    "dataset": "ds001608",
    "modality": "T1w",
    "subject_id": "21"
  },
  "cjv": 0.37411092721890715,
  "cnr": 3.613785705564982,
  "efc": 0.5930762227065417,
  "fber": 16807.370518626736,
  "fwhm_avg": 3.6641725334709796,
  "fwhm_x": 3.6134876004129386,
  "fwhm_y": 3.99047,
  "fwhm_z": 3.38856,
  "icvs_csf": 0.22454887460979797,
  "icvs_gm": 0.4258016868379899,
  "icvs_wm": 0.34964943855221214,
  "inu_med": 0.6428027153015137,
  "inu_range": 0.17770296335220337,
  "provenance": {
    "md5sum": "d3d29c9df9237a9a0a86bcfdd3bccbdb",
    "settings": {
      "testing": false
    },
    "software": "mriqc",
    "version": "22.0.6",
    "warnings": {
      "large_rot_frame": true,
      "small_air_mask": false
    },
    "webapi_port": null,
    "webapi_url": "https://mriqc.nimh.nih.gov/api/v1"
  },
  "qi_1": 0.0,
  "qi_2": 0.002821972259521867,
  "rpve_csf": 25.200155730691485,
  "rpve_gm": 13.227742500572875,
  "rpve_wm": 18.26061427785266,
  "size_x": 176,
  "size_y": 256,
  "size_z": 256,
  "snr_csf": 2.1002693658663527,
  "snr_gm": 9.263467237786292,
  "snr_total": 9.357903232790896,
  "snr_wm": 16.709973094720045,
  "snrd_csf": 8.660165762454307,
  "snrd_gm": 23.628638943287598,
  "snrd_total": 22.73370582323901,
  "snrd_wm": 35.91231276397513,
  "spacing_x": 1.0000061988830566,
  "spacing_y": 1.0,
  "spacing_z": 1.0,
  "summary_bg_k": 5.740200069824226,
  "summary_bg_mad": 0.0,
  "summary_bg_mean": 12.21462268181444,
  "summary_bg_median": 0.0,
  "summary_bg_n": 2075115.0,
  "summary_bg_p05": 0.0,
  "summary_bg_p95": 50.06309477984905,
  "summary_bg_stdv": 18.242668344988722,
  "summary_csf_k": 0.34384305457989717,
  "summary_csf_mad": 110.57186522502664,
  "summary_csf_mean": 250.74260243105206,
  "summary_csf_median": 241.14754090458155,
  "summary_csf_n": 27829.0,
  "summary_csf_p05": 73.34861448146404,
  "summary_csf_p95": 457.24293232262124,
  "summary_csf_stdv": 114.8153718367874,
  "summary_gm_k": 0.1406362673577024,
  "summary_gm_mad": 70.04284763650256,
  "summary_gm_mean": 656.2001074855642,
  "summary_gm_median": 657.9537080917507,
  "summary_gm_n": 21698.0,
  "summary_gm_p05": 536.4412546123378,
  "summary_gm_p95": 769.8745979648083,
  "summary_gm_stdv": 71.02508482053133,
  "summary_wm_k": 0.3229139066471567,
  "summary_wm_mad": 57.92041420799911,
  "summary_wm_mean": 1002.1294438491664,
  "summary_wm_median": 1000.0000171791762,
  "summary_wm_n": 167544.0,
  "summary_wm_p05": 907.2133245393634,
  "summary_wm_p95": 1103.6028105430305,
  "summary_wm_stdv": 59.84432334005095,
  "tpm_overlap_csf": 0.15156258745668866,
  "tpm_overlap_gm": 0.4679178537236378,
  "tpm_overlap_wm": 0.4970695462402967,
  "wm2max": 0.6470862703927744
}