{
  "bids_meta": {
    "AcquisitionMatrixPE": 256,
    "AcquisitionNumber": 1,
    "AcquisitionTime": "18:25:31.452500",
    "BaseResolution": 256,
    "ConversionSoftware": "dcm2niix",
    "ConversionSoftwareVersion": "v1.0.20171215 GCC4.4.7",
    "DeviceSerialNumber": "35149",
    "DwellTime": 8.2e-06,
    "EchoTime": 0.00298,
    "FlipAngle": 9,
    "ImageOrientationPatientDICOM": [
      -0.0483126,
      0.996553,
      -0.0674444,
      0.132669,
      -0.0605226,
      -0.989311
    ],
    "ImageType": [
      "ORIGINAL",
      "PRIMARY",
      "M",
      "ND"
    ],
    "InPlanePhaseEncodingDirectionDICOM": "ROW",
    "InstitutionAddress": "Street_StreetNo_Rehovot_FA2669_District_IL_ZIP",
    "InstitutionName": "Weizmann",
    "InstitutionalDepartmentName": "Department",
    "InversionTime": 0.9,
    "MRAcquisitionType": "3D",
    "MagneticFieldStrength": 3,
    "Manufacturer": "Siemens",
    "ManufacturersModelName": "TrioTim",
    "Modality": "MR",
    "PartialFourier": 0.875,
    "PatientPosition": "HFS",
    "PercentPhaseFOV": 100,
    "PhaseEncodingSteps": 224,
    "PhaseResolution": 1,
    "PixelBandwidth": 238,
    "ProcedureStepDescription": "Weizmann_Dudai",
    "ProtocolName": "t1_mprage",
    "PulseSequenceDetails": "%SiemensSeq%_tfl",
    "ReceiveCoilName": "HeadMatrix",
    "ReconMatrixPE": 256,
    "RepetitionTime": 2.3,
    "SAR": 0.093154,
    "ScanOptions": "IR_PFP",
    "ScanningSequence": "GR_IR",
    "SequenceName": "tfl3d1_ns",
    "SequenceVariant": "SP_MP",
    "SeriesDescription": "t1_mprage",
    "SeriesNumber": 7,
    "ShimSetting": [
      2428,
      9623,
      -5627,
      435,
      25,
      -368,
      -185,
      -77
    ],
    "SliceThickness": 1,
    "SoftwareVersions": "syngo_MR_B17",
    "StationName": "MRC35149",
    "TxRefAmp": 287.386,
    "dataset": "ds001608",
    "modality": "T1w",
    "subject_id": "10"
  },
  "cjv": 0.32736125165542423,
  "cnr": 4.0975886884606805,
  "efc": 0.5377401750525718,
  "fber": 21365.64979281473,
  "fwhm_avg": 3.8218103819049545,
  "fwhm_x": 3.844381145714863,
  "fwhm_y": 4.10483,
  "fwhm_z": 3.51622,
  "icvs_csf": 0.1938125112179238,
  "icvs_gm": 0.451645022533946,
  "icvs_wm": 0.3545424662481302,
  "inu_med": 0.47765424847602844,
  "inu_range": 0.1255096971988678,
  "provenance": {
    "md5sum": "03dfc5e30eaae93dca047311a1e14d02",
    "settings": {
      "testing": false
    },
    "software": "mriqc",
    "version": "22.0.6",
    "warnings": {
      "large_rot_frame": true,
      "small_air_mask": false
    },
    "webapi_port": null,
    "webapi_url": "https://mriqc.nimh.nih.gov/api/v1"
  },
  "qi_1": 0.0,
  "qi_2": 0.00347637995772621,
  "rpve_csf": 26.91653123150488,
  "rpve_gm": 12.517463140331632,
  "rpve_wm": 17.95953692009239,
  "size_x": 176,
  "size_y": 256,
  "size_z": 256,
  "snr_csf": 2.0685336405516908,
  "snr_gm": 10.108490745093658,
  "snr_total": 11.437726766483758,
  "snr_wm": 22.136155913805922,
  "snrd_csf": 12.680450845545156,
  "snrd_gm": 34.939572610858434,
  "snrd_total": 33.30814308482089,
  "snrd_wm": 52.30440579805907,
  "spacing_x": 0.9999997019767761,
  "spacing_y": 1.0,
  "spacing_z": 1.0,
  "summary_bg_k": 4.162726083098709,
  "summary_bg_mad": 0.0,
  "summary_bg_mean": 8.601525126918654,
  "summary_bg_median": 0.0,
  "summary_bg_n": 2809884.0,
  "summary_bg_p05": 0.0,
  "summary_bg_p95": 34.559418411925435,
  "summary_bg_stdv": 12.525453617609832,
  "summary_csf_k": 0.12211809451143996,
  "summary_csf_mad": 113.0486347092377,
  "summary_csf_mean": 253.72320708598738,
  "summary_csf_median": 242.43561938591301,
  "summary_csf_n": 27251.0,
  "summary_csf_p05": 77.41944901552051,
  "summary_csf_p95": 464.7621034970507,
  "summary_csf_stdv": 117.19953033188021,
  "summary_gm_k": 0.1394263076593787,
  "summary_gm_mad": 64.76432575353148,
  "summary_gm_mean": 668.6376089385639,
  "summary_gm_median": 668.0043974909931,
  "summary_gm_n": 49979.0,
  "summary_gm_p05": 560.2263616248965,
  "summary_gm_p95": 778.4963726475835,
  "summary_gm_stdv": 66.08283387220958,
  "summary_wm_k": 0.29707619431271093,
  "summary_wm_mad": 43.918174635243425,
  "summary_wm_mean": 999.7012741017089,
  "summary_wm_median": 1000.0000134631991,
  "summary_wm_n": 212127.0,
  "summary_wm_p05": 925.2800678908825,
  "summary_wm_p95": 1073.0742724444717,
  "summary_wm_stdv": 45.17485602629707,
  "tpm_overlap_csf": 0.15298821057097922,
  "tpm_overlap_gm": 0.47559993796319966,
  "tpm_overlap_wm": 0.5216979078854739,
  "wm2max": 0.5707035755478662
}