{
  "bids_meta": {
    "AcquisitionMatrixPE": 256,
    "AcquisitionNumber": 1,
    "AcquisitionTime": "13:54:11.560000",
    "BaseResolution": 256,
    "ConversionSoftware": "dcm2niix",
    "ConversionSoftwareVersion": "v1.0.20171215 GCC4.4.7",
    "DeviceSerialNumber": "35149",
    "DwellTime": 8.2e-06,
    "EchoTime": 0.00298,
    "FlipAngle": 9,
    "ImageOrientationPatientDICOM": [
      -0.0903533,
      0.967809,
      0.234907,
      0.0239378,
      0.237915,
      -0.970991
    ],
    "ImageType": [
      "ORIGINAL",
      "PRIMARY",
      "M",
      "ND"
    ],
    "InPlanePhaseEncodingDirectionDICOM": "ROW",
    "InstitutionAddress": "Street_StreetNo_Rehovot_FA2669_District_IL_ZIP",
    "InstitutionName": "Weizmann",
    "InstitutionalDepartmentName": "Department",
    "InversionTime": 0.9,
    "MRAcquisitionType": "3D",
    "MagneticFieldStrength": 3,
    "Manufacturer": "Siemens",
    "ManufacturersModelName": "TrioTim",
    "Modality": "MR",
    "PartialFourier": 0.875,
    "PatientPosition": "HFS",
    "PercentPhaseFOV": 100,
    "PhaseEncodingSteps": 224,
    "PhaseResolution": 1,
    "PixelBandwidth": 238,
    "ProcedureStepDescription": "Weizmann_Dudai",
    "ProtocolName": "t1_mprage",
    "PulseSequenceDetails": "%SiemensSeq%_tfl",
    "ReceiveCoilName": "HeadMatrix",
    "ReconMatrixPE": 256,
    "RepetitionTime": 2.3,
    "SAR": 0.113868,
    "ScanOptions": "IR_PFP",
    "ScanningSequence": "GR_IR",
    "SequenceName": "tfl3d1_ns",
    "SequenceVariant": "SP_MP",
    "SeriesDescription": "t1_mprage",
    "SeriesNumber": 7,
    "ShimSetting": [
      2342,
      9443,
      -5503,
      463,
      -80,
      -682,
      252,
      -95
    ],
    "SliceThickness": 1,
    "SoftwareVersions": "syngo_MR_B17",
    "StationName": "MRC35149",
    "TxRefAmp": 300.605,
    "dataset": "ds001608",
    "modality": "T1w",
    "subject_id": "03"
  },
  "cjv": 0.3629133164085532,
  "cnr": 3.7146410760515898,
  "efc": 0.5905748110495406,
  "fber": 22440.412175456197,
  "fwhm_avg": 3.5377517646825782,
  "fwhm_x": 3.5527752940477346,
  "fwhm_y": 3.80584,
  "fwhm_z": 3.25464,
  "icvs_csf": 0.20376885571795034,
  "icvs_gm": 0.44329767571952416,
  "icvs_wm": 0.3529334685625255,
  "inu_med": 0.5543236136436462,
  "inu_range": 0.15494307279586783,
  "provenance": {
    "md5sum": "8b71385ca900b63343e237d1a3b2ba88",
    "settings": {
      "testing": false
    },
    "software": "mriqc",
    "version": "22.0.6",
    "warnings": {
      "large_rot_frame": true,
      "small_air_mask": false
    },
    "webapi_port": null,
    "webapi_url": "https://mriqc.nimh.nih.gov/api/v1"
  },
  "qi_1": 0.0,
  "qi_2": 0.003386835174718526,
  "rpve_csf": 23.848882928210852,
  "rpve_gm": 11.686829506936437,
  "rpve_wm": 16.623519626784105,
  "size_x": 176,
  "size_y": 256,
  "size_z": 256,
  "snr_csf": 2.015591120717825,
  "snr_gm": 9.642593875183827,
  "snr_total": 10.602333597939927,
  "snr_wm": 20.148815797918125,
  "snrd_csf": 11.043820203293238,
  "snrd_gm": 30.6346391519986,
  "snrd_total": 28.991141240358303,
  "snrd_wm": 45.29496436578307,
  "spacing_x": 0.9999985098838806,
  "spacing_y": 1.0,
  "spacing_z": 1.0,
  "summary_bg_k": 7.331664708275698,
  "summary_bg_mad": 0.0,
  "summary_bg_mean": 9.879247231704706,
  "summary_bg_median": 0.0,
  "summary_bg_n": 2321164.0,
  "summary_bg_p05": 0.0,
  "summary_bg_p95": 40.24452432990074,
  "summary_bg_stdv": 14.464168037455646,
  "summary_csf_k": 0.8965586247868327,
  "summary_csf_mad": 111.97926149881377,
  "summary_csf_mean": 257.64620610981837,
  "summary_csf_median": 243.82658511400223,
  "summary_csf_n": 25602.0,
  "summary_csf_p05": 84.27085422724485,
  "summary_csf_p95": 485.21061448752863,
  "summary_csf_stdv": 120.96789904229128,
  "summary_gm_k": 0.05882674189313475,
  "summary_gm_mad": 69.32617396305687,
  "summary_gm_mean": 675.6575703620911,
  "summary_gm_median": 676.3546773791313,
  "summary_gm_n": 36907.0,
  "summary_gm_p05": 559.0074357837439,
  "summary_gm_p95": 789.7069595307111,
  "summary_gm_stdv": 70.14144981242136,
  "summary_wm_k": 0.26736097250462,
  "summary_wm_mad": 48.138759558063,
  "summary_wm_mean": 1000.199089407696,
  "summary_wm_median": 1000.0268277525902,
  "summary_wm_n": 210306.0,
  "summary_wm_p05": 919.2160373926163,
  "summary_wm_p95": 1081.9369022548199,
  "summary_wm_stdv": 49.631921807596626,
  "tpm_overlap_csf": 0.15044313536876847,
  "tpm_overlap_gm": 0.4676286359079284,
  "tpm_overlap_wm": 0.5096774799138991,
  "wm2max": 0.6421942526558653
}