{
  "aor": 0.00083110533159948,
  "aqi": 0.008545356397919377,
  "bids_meta": {
    "AcquisitionMatrixPE": 80,
    "AcquisitionNumber": 1,
    "AcquisitionTime": "10:36:44.152500",
    "BandwidthPerPixelPhaseEncode": 50,
    "BaseResolution": 80,
    "ConversionSoftware": "dcm2niix",
    "ConversionSoftwareVersion": "v1.0.20171215 GCC4.4.7",
    "DerivedVendorReportedEchoSpacing": 0.0005,
    "DeviceSerialNumber": "35149",
    "DwellTime": 2.6e-06,
    "EchoTime": 0.03,
    "EffectiveEchoSpacing": 0.00025,
    "FlipAngle": 75,
    "ImageOrientationPatientDICOM": [
      0.998471,
      -0.0345689,
      0.0431236,
      0.0518033,
      0.857295,
      -0.512212
    ],
    "ImageType": "ORIGINALPRIMARYMNDMOSAIC",
    "InPlanePhaseEncodingDirectionDICOM": "COL",
    "InstitutionAddress": "Street_StreetNo_Rehovot_FA2669_District_IL_ZIP",
    "InstitutionName": "Weizmann",
    "InstitutionalDepartmentName": "Department",
    "MRAcquisitionType": "2D",
    "MagneticFieldStrength": 3,
    "Manufacturer": "Siemens",
    "ManufacturersModelName": "TrioTim",
    "Modality": "MR",
    "ParallelReductionFactorInPlane": 2,
    "PartialFourier": 1,
    "PatientPosition": "HFS",
    "PercentPhaseFOV": 100,
    "PhaseEncodingDirection": "j-",
    "PhaseEncodingSteps": 79,
    "PhaseResolution": 1,
    "PixelBandwidth": 2404,
    "ProcedureStepDescription": "Weizmann_Dudai",
    "ProtocolName": "ep2d_E_NE_clips_1_2000_30ac_pc",
    "PulseSequenceDetails": "%SiemensSeq%_ep2d_pace",
    "ReceiveCoilName": "HeadMatrix",
    "ReconMatrixPE": 80,
    "RepetitionTime": 2,
    "SAR": 0.151824,
    "ScanOptions": "FS",
    "ScanningSequence": "EP",
    "SequenceName": "epfid2d1_80",
    "SequenceVariant": "SK",
    "SeriesDescription": "ep2d_E_NE_clips_1_2000_30ac_pc",
    "SeriesNumber": 5,
    "ShimSetting": [
      2383,
      9609,
      -5496,
      700,
      100,
      -309,
      -276,
      -62
    ],
    "SliceThickness": 4,
    "SliceTiming": [
      0.995,
      0,
      1.05,
      0.055,
      1.105,
      0.11,
      1.16,
      0.165,
      1.215,
      0.22,
      1.27,
      0.2775,
      1.325,
      0.3325,
      1.38,
      0.3875,
      1.435,
      0.4425,
      1.49,
      0.4975,
      1.545,
      0.5525,
      1.6025,
      0.6075,
      1.6575,
      0.6625,
      1.7125,
      0.7175,
      1.7675,
      0.7725,
      1.8225,
      0.8275,
      1.8775,
      0.8825,
      1.9325,
      0.94
    ],
    "SoftwareVersions": "syngo_MR_B17",
    "SpacingBetweenSlices": 4,
    "StationName": "MRC35149",
    "TaskName": "viewclips",
    "TotalReadoutTime": 0.01975,
    "TxRefAmp": 339.887,
    "VendorReportedEchoSpacing": 0.0005,
    "dataset": "ds001608",
    "modality": "bold",
    "run_id": 2,
    "subject_id": "11",
    "task_id": "viewclips"
  },
  "dummy_trs": 0,
  "dvars_nstd": 29.61701163656252,
  "dvars_std": 1.096931162434894,
  "dvars_vstd": 1.00251705734375,
  "efc": 0.4695427666729157,
  "fber": 1381.29833984375,
  "fd_mean": 0.2574538569774963,
  "fd_num": 326,
  "fd_perc": 42.392717815344604,
  "fwhm_avg": 1.813248706706113,
  "fwhm_x": 1.76277,
  "fwhm_y": 1.96857,
  "fwhm_z": 1.7084061201183391,
  "gcor": 0.0642757,
  "gsr_x": -0.015265499241650105,
  "gsr_y": 0.008479306474328041,
  "provenance": {
    "md5sum": "aaa2770f20f67a483d6000919c0e0427",
    "settings": {
      "fd_thres": 0.2,
      "testing": false
    },
    "software": "mriqc",
    "version": "22.0.6",
    "webapi_port": null,
    "webapi_url": "https://mriqc.nimh.nih.gov/api/v1"
  },
  "size_t": 769,
  "size_x": 80,
  "size_y": 80,
  "size_z": 36,
  "snr": 5.614967927761619,
  "spacing_tr": 2.0,
  "spacing_x": 3.0,
  "spacing_y": 3.0,
  "spacing_z": 3.99999737739563,
  "summary_bg_k": 85.01610850570681,
  "summary_bg_mad": 4.488292830982093,
  "summary_bg_mean": 37.84483337402344,
  "summary_bg_median": 20.893367767333984,
  "summary_bg_n": 158001.0,
  "summary_bg_p05": 16.976593017578125,
  "summary_bg_p95": 118.7048110961914,
  "summary_bg_stdv": 59.8663215637207,
  "summary_fg_k": 1.8523415313362381,
  "summary_fg_mad": 122.58172154885632,
  "summary_fg_mean": 793.67236328125,
  "summary_fg_median": 781.2080688476562,
  "summary_fg_n": 31345.0,
  "summary_fg_p05": 590.1568115234375,
  "summary_fg_p95": 1026.5216796875,
  "summary_fg_stdv": 139.12734985351562,
  "tsnr": 51.41453520656796
}