{
  "bids_meta": {
    "AcquisitionMatrixPE": 256,
    "AcquisitionNumber": 1,
    "AcquisitionTime": "11:34:23.235000",
    "BaseResolution": 256,
    "ConversionSoftware": "dcm2niix",
    "ConversionSoftwareVersion": "v1.0.20171215 GCC4.4.7",
    "DeviceSerialNumber": "35149",
    "DwellTime": 8.2e-06,
    "EchoTime": 0.00298,
    "FlipAngle": 9,
    "ImageOrientationPatientDICOM": [
      -0.0394915,
      0.947613,
      0.31697,
      0.0352143,
      0.31834,
      -0.947322
    ],
    "ImageType": [
      "ORIGINAL",
      "PRIMARY",
      "M",
      "ND"
    ],
    "InPlanePhaseEncodingDirectionDICOM": "ROW",
    "InstitutionAddress": "Street_StreetNo_Rehovot_FA2669_District_IL_ZIP",
    "InstitutionName": "Weizmann",
    "InstitutionalDepartmentName": "Department",
    "InversionTime": 0.9,
    "MRAcquisitionType": "3D",
    "MagneticFieldStrength": 3,
    "Manufacturer": "Siemens",
    "ManufacturersModelName": "TrioTim",
    "Modality": "MR",
    "PartialFourier": 0.875,
    "PatientPosition": "HFS",
    "PercentPhaseFOV": 100,
    "PhaseEncodingSteps": 224,
    "PhaseResolution": 1,
    "PixelBandwidth": 238,
    "ProcedureStepDescription": "Weizmann_Dudai",
    "ProtocolName": "t1_mprage",
    "PulseSequenceDetails": "%SiemensSeq%_tfl",
    "ReceiveCoilName": "HeadMatrix",
    "ReconMatrixPE": 256,
    "RepetitionTime": 2.3,
    "SAR": 0.10261,
    "ScanOptions": "IR_PFP",
    "ScanningSequence": "GR_IR",
    "SequenceName": "tfl3d1_ns",
    "SequenceVariant": "SP_MP",
    "SeriesDescription": "t1_mprage",
    "SeriesNumber": 7,
    "ShimSetting": [
      2371,
      9475,
      -5544,
      434,
      42,
      -531,
      298,
      5
    ],
    "SliceThickness": 1,
    "SoftwareVersions": "syngo_MR_B17",
    "StationName": "MRC35149",
    "TxRefAmp": 354.817,
    "dataset": "ds001608",
    "modality": "T1w",
    "subject_id": "18"
  },
  "cjv": 0.37525899846722605,
  "cnr": 3.5832730085428053,
  "efc": 0.5908937115058994,
  "fber": 14010.857925678618,
  "fwhm_avg": 3.9726410151563196,
  "fwhm_x": 3.9083330454689587,
  "fwhm_y": 4.29915,
  "fwhm_z": 3.71044,
  "icvs_csf": 0.24904113852408935,
  "icvs_gm": 0.39987450841677913,
  "icvs_wm": 0.35108435305913155,
  "inu_med": 0.5776149332523346,
  "inu_range": 0.13697679042816158,
  "provenance": {
    "md5sum": "c0af189d59d926568ce98a4a4008cf9f",
    "settings": {
      "testing": false
    },
    "software": "mriqc",
    "version": "22.0.6",
    "warnings": {
      "large_rot_frame": true,
      "small_air_mask": false
    },
    "webapi_port": null,
    "webapi_url": "https://mriqc.nimh.nih.gov/api/v1"
  },
  "qi_1": 0.0,
  "qi_2": 0.002906590752898781,
  "rpve_csf": 21.165984708118664,
  "rpve_gm": 12.68545224287584,
  "rpve_wm": 16.60112843196364,
  "size_x": 176,
  "size_y": 256,
  "size_z": 256,
  "snr_csf": 2.0157613211022487,
  "snr_gm": 9.380491946082707,
  "snr_total": 10.194879873434617,
  "snr_wm": 19.188386353118897,
  "snrd_csf": 7.226425989536873,
  "snrd_gm": 26.09398527742295,
  "snrd_total": 23.979737618891324,
  "snrd_wm": 38.61880158971415,
  "spacing_x": 0.9999966621398926,
  "spacing_y": 1.0,
  "spacing_z": 1.0,
  "summary_bg_k": 101.31010230763934,
  "summary_bg_mad": 0.0,
  "summary_bg_mean": 11.370538676132961,
  "summary_bg_median": 0.0,
  "summary_bg_n": 2213382.0,
  "summary_bg_p05": 0.0,
  "summary_bg_p95": 45.28434569016099,
  "summary_bg_stdv": 16.96418194714642,
  "summary_csf_k": 1.0210397958839845,
  "summary_csf_mad": 89.39170098027768,
  "summary_csf_mean": 195.53639554889006,
  "summary_csf_median": 187.12195706740022,
  "summary_csf_n": 70362.0,
  "summary_csf_p05": 61.82993347942829,
  "summary_csf_p95": 362.1115498583762,
  "summary_csf_stdv": 92.8287617164131,
  "summary_gm_k": 0.1177696778621824,
  "summary_gm_mad": 70.8870495034686,
  "summary_gm_mean": 675.5866238113335,
  "summary_gm_median": 675.6808413825929,
  "summary_gm_n": 26097.0,
  "summary_gm_p05": 557.2054719515145,
  "summary_gm_p95": 794.0986052855849,
  "summary_gm_stdv": 72.02904704537573,
  "summary_wm_k": 0.23314538175733857,
  "summary_wm_mad": 50.816619824775685,
  "summary_wm_mean": 1000.5043481538754,
  "summary_wm_median": 999.9999645091593,
  "summary_wm_n": 218851.0,
  "summary_wm_p05": 916.1839211434126,
  "summary_wm_p95": 1086.9523088485003,
  "summary_wm_stdv": 52.11473551993934,
  "tpm_overlap_csf": 0.1520022292786632,
  "tpm_overlap_gm": 0.45107615634138937,
  "tpm_overlap_wm": 0.5017141483387905,
  "wm2max": 0.5180033818507344
}