{
  "bids_meta": {
    "AcquisitionMatrixPE": 256,
    "AcquisitionNumber": 1,
    "AcquisitionTime": "11:32:4.407500",
    "BaseResolution": 256,
    "ConversionSoftware": "dcm2niix",
    "ConversionSoftwareVersion": "v1.0.20171215 GCC4.4.7",
    "DeviceSerialNumber": "35149",
    "DwellTime": 8.2e-06,
    "EchoTime": 0.00298,
    "FlipAngle": 9,
    "ImageOrientationPatientDICOM": [
      -0.0221071,
      0.999659,
      0.0139072,
      0.0883229,
      0.015809,
      -0.995966
    ],
    "ImageType": [
      "ORIGINAL",
      "PRIMARY",
      "M",
      "ND"
    ],
    "InPlanePhaseEncodingDirectionDICOM": "ROW",
    "InstitutionAddress": "Street_StreetNo_Rehovot_FA2669_District_IL_ZIP",
    "InstitutionName": "Weizmann",
    "InstitutionalDepartmentName": "Department",
    "InversionTime": 0.9,
    "MRAcquisitionType": "3D",
    "MagneticFieldStrength": 3,
    "Manufacturer": "Siemens",
    "ManufacturersModelName": "TrioTim",
    "Modality": "MR",
    "PartialFourier": 0.875,
    "PatientPosition": "HFS",
    "PercentPhaseFOV": 100,
    "PhaseEncodingSteps": 224,
    "PhaseResolution": 1,
    "PixelBandwidth": 238,
    "ProcedureStepDescription": "Weizmann_Dudai",
    "ProtocolName": "t1_mprage",
    "PulseSequenceDetails": "%SiemensSeq%_tfl",
    "ReceiveCoilName": "HeadMatrix",
    "ReconMatrixPE": 256,
    "RepetitionTime": 2.3,
    "SAR": 0.0996009,
    "ScanOptions": "IR_PFP",
    "ScanningSequence": "GR_IR",
    "SequenceName": "tfl3d1_ns",
    "SequenceVariant": "SP_MP",
    "SeriesDescription": "t1_mprage",
    "SeriesNumber": 7,
    "ShimSetting": [
      2385,
      9533,
      -5498,
      389,
      -123,
      -474,
      444,
      -85
    ],
    "SliceThickness": 1,
    "SoftwareVersions": "syngo_MR_B17",
    "StationName": "MRC35149",
    "TxRefAmp": 309.145,
    "dataset": "ds001608",
    "modality": "T1w",
    "subject_id": "04"
  },
  "cjv": 0.36313670836762924,
  "cnr": 3.713779208193464,
  "efc": 0.6044519545206882,
  "fber": 19160.02804450541,
  "fwhm_avg": 3.50340376608184,
  "fwhm_x": 3.4759812982455176,
  "fwhm_y": 3.79969,
  "fwhm_z": 3.23454,
  "icvs_csf": 0.1789067862940754,
  "icvs_gm": 0.45564361487779,
  "icvs_wm": 0.3654495988281346,
  "inu_med": 0.5244037508964539,
  "inu_range": 0.14477394223213197,
  "provenance": {
    "md5sum": "3ed7a9a67da2148bb16d313e74ae8182",
    "settings": {
      "testing": false
    },
    "software": "mriqc",
    "version": "22.0.6",
    "warnings": {
      "large_rot_frame": true,
      "small_air_mask": false
    },
    "webapi_port": null,
    "webapi_url": "https://mriqc.nimh.nih.gov/api/v1"
  },
  "qi_1": 0.0,
  "qi_2": 0.002875076288821816,
  "rpve_csf": 26.74393616549548,
  "rpve_gm": 11.552692502178006,
  "rpve_wm": 16.004315863032843,
  "size_x": 176,
  "size_y": 256,
  "size_z": 256,
  "snr_csf": 2.1144041324011176,
  "snr_gm": 9.651543334970347,
  "snr_total": 10.138559312811616,
  "snr_wm": 18.649730471063386,
  "snrd_csf": 29.7814390594532,
  "snrd_gm": 83.99424872684533,
  "snrd_total": 79.79453629050306,
  "snrd_wm": 125.60792108521065,
  "spacing_x": 1.0000025033950806,
  "spacing_y": 1.0,
  "spacing_z": 1.0,
  "summary_bg_k": 3.8158851010867707,
  "summary_bg_mad": 5.215876806964908,
  "summary_bg_mean": 11.710309366605655,
  "summary_bg_median": 3.5180554445832968,
  "summary_bg_n": 2012540.0,
  "summary_bg_p05": 0.0,
  "summary_bg_p95": 46.81048979982734,
  "summary_bg_stdv": 16.814003231292467,
  "summary_csf_k": 1.4229333650616294,
  "summary_csf_mad": 95.09276228235196,
  "summary_csf_mean": 250.9308666704412,
  "summary_csf_median": 237.1053070295602,
  "summary_csf_n": 24751.0,
  "summary_csf_p05": 87.54433837719262,
  "summary_csf_p95": 463.61283546779305,
  "summary_csf_stdv": 112.13585592989409,
  "summary_gm_k": 0.08583450945306748,
  "summary_gm_mad": 68.06503700989742,
  "summary_gm_mean": 670.0486505287814,
  "summary_gm_median": 668.7212828546762,
  "summary_gm_n": 51533.0,
  "summary_gm_p05": 557.643770288676,
  "summary_gm_p95": 786.631382441148,
  "summary_gm_stdv": 69.28578894922973,
  "summary_wm_k": 0.20794630084732812,
  "summary_wm_mad": 52.24498090943362,
  "summary_wm_mean": 1000.1265224541677,
  "summary_wm_median": 1000.0290662515908,
  "summary_wm_n": 220364.0,
  "summary_wm_p05": 912.3975033592433,
  "summary_wm_p95": 1088.4994382313446,
  "summary_wm_stdv": 53.62151473242671,
  "tpm_overlap_csf": 0.14494402278364288,
  "tpm_overlap_gm": 0.46068815203274055,
  "tpm_overlap_wm": 0.5017580114509724,
  "wm2max": 0.6070741479428844
}