{
  "aor": 0.0007501560468140442,
  "aqi": 0.007985645825747723,
  "bids_meta": {
    "AcquisitionMatrixPE": 80,
    "AcquisitionNumber": 1,
    "AcquisitionTime": "10:09:27.350000",
    "BandwidthPerPixelPhaseEncode": 50,
    "BaseResolution": 80,
    "ConversionSoftware": "dcm2niix",
    "ConversionSoftwareVersion": "v1.0.20171215 GCC4.4.7",
    "DerivedVendorReportedEchoSpacing": 0.0005,
    "DeviceSerialNumber": "35149",
    "DwellTime": 2.6e-06,
    "EchoTime": 0.03,
    "EffectiveEchoSpacing": 0.00025,
    "FlipAngle": 75,
    "ImageOrientationPatientDICOM": [
      0.99847,
      -0.0345924,
      0.0431373,
      0.0518305,
      0.857294,
      -0.512211
    ],
    "ImageType": "ORIGINALPRIMARYMNDMOSAIC",
    "InPlanePhaseEncodingDirectionDICOM": "COL",
    "InstitutionAddress": "Street_StreetNo_Rehovot_FA2669_District_IL_ZIP",
    "InstitutionName": "Weizmann",
    "InstitutionalDepartmentName": "Department",
    "MRAcquisitionType": "2D",
    "MagneticFieldStrength": 3,
    "Manufacturer": "Siemens",
    "ManufacturersModelName": "TrioTim",
    "Modality": "MR",
    "ParallelReductionFactorInPlane": 2,
    "PartialFourier": 1,
    "PatientPosition": "HFS",
    "PercentPhaseFOV": 100,
    "PhaseEncodingDirection": "j-",
    "PhaseEncodingSteps": 79,
    "PhaseResolution": 1,
    "PixelBandwidth": 2404,
    "ProcedureStepDescription": "Weizmann_Dudai",
    "ProtocolName": "ep2d_E_NE_clips_1_2000_30ac_pc",
    "PulseSequenceDetails": "%SiemensSeq%_ep2d_pace",
    "ReceiveCoilName": "HeadMatrix",
    "ReconMatrixPE": 80,
    "RepetitionTime": 2,
    "SAR": 0.151824,
    "ScanOptions": "FS",
    "ScanningSequence": "EP",
    "SequenceName": "epfid2d1_80",
    "SequenceVariant": "SK",
    "SeriesDescription": "ep2d_E_NE_clips_1_2000_30ac_pc",
    "SeriesNumber": 3,
    "ShimSetting": [
      2383,
      9609,
      -5496,
      700,
      100,
      -309,
      -276,
      -62
    ],
    "SliceThickness": 4,
    "SliceTiming": [
      0.995,
      0,
      1.05,
      0.055,
      1.105,
      0.1125,
      1.16,
      0.1675,
      1.215,
      0.2225,
      1.27,
      0.2775,
      1.325,
      0.3325,
      1.38,
      0.3875,
      1.4375,
      0.4425,
      1.4925,
      0.4975,
      1.5475,
      0.5525,
      1.6025,
      0.6075,
      1.6575,
      0.6625,
      1.7125,
      0.7175,
      1.7675,
      0.775,
      1.8225,
      0.83,
      1.8775,
      0.885,
      1.9325,
      0.94
    ],
    "SoftwareVersions": "syngo_MR_B17",
    "SpacingBetweenSlices": 4,
    "StationName": "MRC35149",
    "TaskName": "viewclips",
    "TotalReadoutTime": 0.01975,
    "TxRefAmp": 339.887,
    "VendorReportedEchoSpacing": 0.0005,
    "dataset": "ds001608",
    "modality": "bold",
    "run_id": 1,
    "subject_id": "11",
    "task_id": "viewclips"
  },
  "dummy_trs": 0,
  "dvars_nstd": 28.603843529908847,
  "dvars_std": 1.0865033783854159,
  "dvars_vstd": 1.0015376362109367,
  "efc": 0.4678974180940854,
  "fber": 1389.4111328125,
  "fd_mean": 0.22176086956259577,
  "fd_num": 289,
  "fd_perc": 37.581274382314696,
  "fwhm_avg": 1.810792514127213,
  "fwhm_x": 1.764113193134213,
  "fwhm_y": 1.9638433333333334,
  "fwhm_z": 1.704421015914092,
  "gcor": 0.0610349,
  "gsr_x": -0.014998892322182655,
  "gsr_y": 0.009348907507956028,
  "provenance": {
    "md5sum": "a25af675827595272c4ca73af061f983",
    "settings": {
      "fd_thres": 0.2,
      "testing": false
    },
    "software": "mriqc",
    "version": "22.0.6",
    "webapi_port": null,
    "webapi_url": "https://mriqc.nimh.nih.gov/api/v1"
  },
  "size_t": 769,
  "size_x": 80,
  "size_y": 80,
  "size_z": 36,
  "snr": 5.5985770753482385,
  "spacing_tr": 2.0,
  "spacing_x": 3.000000238418579,
  "spacing_y": 3.0,
  "spacing_z": 3.999997615814209,
  "summary_bg_k": 91.44658212852637,
  "summary_bg_mad": 4.61361135804221,
  "summary_bg_mean": 37.075984954833984,
  "summary_bg_median": 20.86996078491211,
  "summary_bg_n": 158007.0,
  "summary_bg_p05": 16.872562408447266,
  "summary_bg_p95": 111.21872787475573,
  "summary_bg_stdv": 58.91619873046875,
  "summary_fg_k": 1.891558751161175,
  "summary_fg_mad": 122.1672734189274,
  "summary_fg_mean": 794.2074584960938,
  "summary_fg_median": 782.0962524414062,
  "summary_fg_n": 31361.0,
  "summary_fg_p05": 590.4889526367188,
  "summary_fg_p95": 1025.920654296875,
  "summary_fg_stdv": 139.6933135986328,
  "tsnr": 51.939692997490056
}