{
  "aor": 0.0003099339498018494,
  "aqi": 0.009177069247027742,
  "bids_meta": {
    "AcquisitionMatrixPE": 80,
    "AcquisitionNumber": 1,
    "AcquisitionTime": "10:56:28.097500",
    "BandwidthPerPixelPhaseEncode": 50,
    "BaseResolution": 80,
    "ConversionSoftware": "dcm2niix",
    "ConversionSoftwareVersion": "v1.0.20171215 GCC4.4.7",
    "DerivedVendorReportedEchoSpacing": 0.0005,
    "DeviceSerialNumber": "35149",
    "DwellTime": 2.6e-06,
    "EchoTime": 0.03,
    "EffectiveEchoSpacing": 0.00025,
    "FlipAngle": 75,
    "ImageOrientationPatientDICOM": [
      0.984585,
      -0.141906,
      0.102254,
      0.170067,
      0.913293,
      -0.370099
    ],
    "ImageType": "ORIGINALPRIMARYMNDMOSAIC",
    "InPlanePhaseEncodingDirectionDICOM": "COL",
    "InstitutionAddress": "Street_StreetNo_Rehovot_FA2669_District_IL_ZIP",
    "InstitutionName": "Weizmann",
    "InstitutionalDepartmentName": "Department",
    "MRAcquisitionType": "2D",
    "MagneticFieldStrength": 3,
    "Manufacturer": "Siemens",
    "ManufacturersModelName": "TrioTim",
    "Modality": "MR",
    "ParallelReductionFactorInPlane": 2,
    "PartialFourier": 1,
    "PatientPosition": "HFS",
    "PercentPhaseFOV": 100,
    "PhaseEncodingDirection": "j-",
    "PhaseEncodingSteps": 79,
    "PhaseResolution": 1,
    "PixelBandwidth": 2404,
    "ProcedureStepDescription": "Weizmann_Dudai",
    "ProtocolName": "ep2d_E_NE_clips_1_2000_30ac_pc",
    "PulseSequenceDetails": "%SiemensSeq%_ep2d_pace",
    "ReceiveCoilName": "HeadMatrix",
    "ReconMatrixPE": 80,
    "RepetitionTime": 2,
    "SAR": 0.146618,
    "ScanOptions": "FS",
    "ScanningSequence": "EP",
    "SequenceName": "epfid2d1_80",
    "SequenceVariant": "SK",
    "SeriesDescription": "ep2d_E_NE_clips_1_2000_30ac_pc",
    "SeriesNumber": 5,
    "ShimSetting": [
      2395,
      9589,
      -5432,
      884,
      6,
      80,
      -90,
      -99
    ],
    "SliceThickness": 4,
    "SliceTiming": [
      0.995,
      0,
      1.05,
      0.055,
      1.105,
      0.11,
      1.16,
      0.165,
      1.215,
      0.22,
      1.27,
      0.2775,
      1.325,
      0.3325,
      1.38,
      0.3875,
      1.435,
      0.4425,
      1.49,
      0.4975,
      1.5475,
      0.5525,
      1.6025,
      0.6075,
      1.6575,
      0.6625,
      1.7125,
      0.7175,
      1.7675,
      0.7725,
      1.8225,
      0.8275,
      1.8775,
      0.885,
      1.9325,
      0.94
    ],
    "SoftwareVersions": "syngo_MR_B17",
    "SpacingBetweenSlices": 4,
    "StationName": "MRC35149",
    "TaskName": "viewclips",
    "TotalReadoutTime": 0.01975,
    "TxRefAmp": 308.818,
    "VendorReportedEchoSpacing": 0.0005,
    "dataset": "ds001608",
    "modality": "bold",
    "run_id": 2,
    "subject_id": "07",
    "task_id": "viewclips"
  },
  "dummy_trs": 0,
  "dvars_nstd": 29.53983739820103,
  "dvars_std": 1.1100755533597901,
  "dvars_vstd": 1.004539910330688,
  "efc": 0.502074969670041,
  "fber": 1190.47119140625,
  "fd_mean": 0.11071678587230292,
  "fd_num": 53,
  "fd_perc": 7.001321003963012,
  "fwhm_avg": 1.8108911111111112,
  "fwhm_x": 1.7732433333333333,
  "fwhm_y": 1.9552100000000001,
  "fwhm_z": 1.70422,
  "gcor": 0.0742829,
  "gsr_x": -0.013448460027575493,
  "gsr_y": 0.023781239986419678,
  "provenance": {
    "md5sum": "a7716286f094f26cfa4bafafab13cbec",
    "settings": {
      "fd_thres": 0.2,
      "testing": false
    },
    "software": "mriqc",
    "version": "22.0.6",
    "webapi_port": null,
    "webapi_url": "https://mriqc.nimh.nih.gov/api/v1"
  },
  "size_t": 757,
  "size_x": 80,
  "size_y": 80,
  "size_z": 36,
  "snr": 5.776958706345254,
  "spacing_tr": 2.0,
  "spacing_x": 3.0,
  "spacing_y": 3.0,
  "spacing_z": 4.0,
  "summary_bg_k": 76.09340713126662,
  "summary_bg_mad": 4.792506128754302,
  "summary_bg_mean": 38.52400207519531,
  "summary_bg_median": 22.492734909057617,
  "summary_bg_n": 148497.0,
  "summary_bg_p05": 18.22721290588379,
  "summary_bg_p95": 122.8184951782219,
  "summary_bg_stdv": 52.59234619140625,
  "summary_fg_k": 0.9476127735242796,
  "summary_fg_mad": 126.33455841444864,
  "summary_fg_mean": 794.5200805664062,
  "summary_fg_median": 780.4769287109375,
  "summary_fg_n": 38543.0,
  "summary_fg_p05": 601.8408264160156,
  "summary_fg_p95": 1029.8163940429688,
  "summary_fg_stdv": 135.09994506835938,
  "tsnr": 49.185702498070896
}