{
  "bids_meta": {
    "AcquisitionMatrixPE": 256,
    "AcquisitionNumber": 1,
    "AcquisitionTime": "15:41:42.120000",
    "BaseResolution": 256,
    "ConversionSoftware": "dcm2niix",
    "ConversionSoftwareVersion": "v1.0.20171215 GCC4.4.7",
    "DeviceSerialNumber": "35149",
    "DwellTime": 8.2e-06,
    "EchoTime": 0.00298,
    "FlipAngle": 9,
    "ImageOrientationPatientDICOM": [
      -0.00289554,
      0.997809,
      0.066098,
      0.0727826,
      0.0661332,
      -0.995153
    ],
    "ImageType": [
      "ORIGINAL",
      "PRIMARY",
      "M",
      "ND"
    ],
    "InPlanePhaseEncodingDirectionDICOM": "ROW",
    "InstitutionAddress": "Street_StreetNo_Rehovot_FA2669_District_IL_ZIP",
    "InstitutionName": "Weizmann",
    "InstitutionalDepartmentName": "Department",
    "InversionTime": 0.9,
    "MRAcquisitionType": "3D",
    "MagneticFieldStrength": 3,
    "Manufacturer": "Siemens",
    "ManufacturersModelName": "TrioTim",
    "Modality": "MR",
    "PartialFourier": 0.875,
    "PatientPosition": "HFS",
    "PercentPhaseFOV": 100,
    "PhaseEncodingSteps": 224,
    "PhaseResolution": 1,
    "PixelBandwidth": 238,
    "ProcedureStepDescription": "Weizmann_Dudai",
    "ProtocolName": "t1_mprage",
    "PulseSequenceDetails": "%SiemensSeq%_tfl",
    "ReceiveCoilName": "HeadMatrix",
    "ReconMatrixPE": 256,
    "RepetitionTime": 2.3,
    "SAR": 0.109411,
    "ScanOptions": "IR_PFP",
    "ScanningSequence": "GR_IR",
    "SequenceName": "tfl3d1_ns",
    "SequenceVariant": "SP_MP",
    "SeriesDescription": "t1_mprage",
    "SeriesNumber": 7,
    "ShimSetting": [
      2386,
      9480,
      -5439,
      413,
      -39,
      -516,
      86,
      -8
    ],
    "SliceThickness": 1,
    "SoftwareVersions": "syngo_MR_B17",
    "StationName": "MRC35149",
    "TxRefAmp": 346.052,
    "dataset": "ds001608",
    "modality": "T1w",
    "subject_id": "20"
  },
  "cjv": 0.3802952259709712,
  "cnr": 3.5397941777985333,
  "efc": 0.603729466128335,
  "fber": 11832.000625,
  "fwhm_avg": 3.7579944800202294,
  "fwhm_x": 3.7453234400606874,
  "fwhm_y": 4.0763,
  "fwhm_z": 3.45236,
  "icvs_csf": 0.2027596847262596,
  "icvs_gm": 0.43606234993665605,
  "icvs_wm": 0.3611779653370843,
  "inu_med": 0.5713357925415039,
  "inu_range": 0.16987296938896185,
  "provenance": {
    "md5sum": "02db1d53c7e83a9f0ee2995678f31969",
    "settings": {
      "testing": false
    },
    "software": "mriqc",
    "version": "22.0.6",
    "warnings": {
      "large_rot_frame": true,
      "small_air_mask": false
    },
    "webapi_port": null,
    "webapi_url": "https://mriqc.nimh.nih.gov/api/v1"
  },
  "qi_1": 0.0,
  "qi_2": 0.002972733111321976,
  "rpve_csf": 20.938239541408826,
  "rpve_gm": 10.325930999478798,
  "rpve_wm": 14.269065905293868,
  "size_x": 176,
  "size_y": 256,
  "size_z": 256,
  "snr_csf": 1.907839954002703,
  "snr_gm": 9.01166420425327,
  "snr_total": 9.817961763780644,
  "snr_wm": 18.534381133085958,
  "snrd_csf": 7.753810745559039,
  "snrd_gm": 25.15757571075815,
  "snrd_total": 23.50051286496137,
  "snrd_wm": 37.59015213856692,
  "spacing_x": 0.9999937415122986,
  "spacing_y": 1.0,
  "spacing_z": 1.0,
  "summary_bg_k": 4.827264301984634,
  "summary_bg_mad": 0.0,
  "summary_bg_mean": 11.90292744845414,
  "summary_bg_median": 0.0,
  "summary_bg_n": 2318525.0,
  "summary_bg_p05": 0.0,
  "summary_bg_p95": 48.35992882028222,
  "summary_bg_stdv": 17.428405516548573,
  "summary_csf_k": 1.068169435055954,
  "summary_csf_mad": 95.44669180654252,
  "summary_csf_mean": 219.63248539329695,
  "summary_csf_median": 206.27240063622594,
  "summary_csf_n": 37112.0,
  "summary_csf_p05": 65.60289267450571,
  "summary_csf_p95": 424.99311860557634,
  "summary_csf_stdv": 108.11683712364827,
  "summary_gm_k": 0.10956346089608449,
  "summary_gm_mad": 72.74291164323554,
  "summary_gm_mean": 668.7133464646042,
  "summary_gm_median": 669.2597622424364,
  "summary_gm_n": 53743.0,
  "summary_gm_p05": 545.1287986524403,
  "summary_gm_p95": 790.5699852090327,
  "summary_gm_stdv": 74.26525451475479,
  "summary_wm_k": 0.16804221268768282,
  "summary_wm_mad": 53.03603046148509,
  "summary_wm_mean": 1000.9498023479172,
  "summary_wm_median": 1000.0000227428973,
  "summary_wm_n": 273345.0,
  "summary_wm_p05": 914.128225132823,
  "summary_wm_p95": 1091.1457783915102,
  "summary_wm_stdv": 53.95368673874175,
  "tpm_overlap_csf": 0.18422193819169902,
  "tpm_overlap_gm": 0.4777766145695218,
  "tpm_overlap_wm": 0.5330579844661161,
  "wm2max": 0.5418263885431706
}