{
  "bids_meta": {
    "AcquisitionMatrixPE": 256,
    "AcquisitionNumber": 1,
    "AcquisitionTime": "17:04:57.597500",
    "BaseResolution": 256,
    "ConversionSoftware": "dcm2niix",
    "ConversionSoftwareVersion": "v1.0.20171215 GCC4.4.7",
    "DeviceSerialNumber": "35149",
    "DwellTime": 8.2e-06,
    "EchoTime": 0.00298,
    "FlipAngle": 9,
    "ImageOrientationPatientDICOM": [
      0.0171992,
      0.963012,
      0.26891,
      0.0137736,
      0.268696,
      -0.963127
    ],
    "ImageType": [
      "ORIGINAL",
      "PRIMARY",
      "M",
      "ND"
    ],
    "InPlanePhaseEncodingDirectionDICOM": "ROW",
    "InstitutionAddress": "Street_StreetNo_Rehovot_FA2669_District_IL_ZIP",
    "InstitutionName": "Weizmann",
    "InstitutionalDepartmentName": "Department",
    "InversionTime": 0.9,
    "MRAcquisitionType": "3D",
    "MagneticFieldStrength": 3,
    "Manufacturer": "Siemens",
    "ManufacturersModelName": "TrioTim",
    "Modality": "MR",
    "PartialFourier": 0.875,
    "PatientPosition": "HFS",
    "PercentPhaseFOV": 100,
    "PhaseEncodingSteps": 224,
    "PhaseResolution": 1,
    "PixelBandwidth": 238,
    "ProcedureStepDescription": "Weizmann_Dudai",
    "ProtocolName": "t1_mprage",
    "PulseSequenceDetails": "%SiemensSeq%_tfl",
    "ReceiveCoilName": "HeadMatrix",
    "ReconMatrixPE": 256,
    "RepetitionTime": 2.3,
    "SAR": 0.11003,
    "ScanOptions": "IR_PFP",
    "ScanningSequence": "GR_IR",
    "SequenceName": "tfl3d1_ns",
    "SequenceVariant": "SP_MP",
    "SeriesDescription": "t1_mprage",
    "SeriesNumber": 7,
    "ShimSetting": [
      2423,
      9596,
      -5733,
      343,
      127,
      -369,
      120,
      -157
    ],
    "SliceThickness": 1,
    "SoftwareVersions": "syngo_MR_B17",
    "StationName": "MRC35149",
    "TxRefAmp": 290.64,
    "dataset": "ds001608",
    "modality": "T1w",
    "subject_id": "14"
  },
  "cjv": 0.3372035066843411,
  "cnr": 3.949950368586414,
  "efc": 0.5611997901856708,
  "fber": 17764.611492150587,
  "fwhm_avg": 3.6957547271939006,
  "fwhm_x": 3.6923841815817027,
  "fwhm_y": 3.99367,
  "fwhm_z": 3.40121,
  "icvs_csf": 0.22235021884450049,
  "icvs_gm": 0.45502524501815594,
  "icvs_wm": 0.32262453613734354,
  "inu_med": 0.5111791789531708,
  "inu_range": 0.13235783576965332,
  "provenance": {
    "md5sum": "dbe6608ec4d5c34005b86142e4865fa6",
    "settings": {
      "testing": false
    },
    "software": "mriqc",
    "version": "22.0.6",
    "warnings": {
      "large_rot_frame": true,
      "small_air_mask": false
    },
    "webapi_port": null,
    "webapi_url": "https://mriqc.nimh.nih.gov/api/v1"
  },
  "qi_1": 0.0,
  "qi_2": 0.0033761268097340074,
  "rpve_csf": 26.360009750129926,
  "rpve_gm": 13.428426668677595,
  "rpve_wm": 20.925085273468227,
  "size_x": 176,
  "size_y": 256,
  "size_z": 256,
  "snr_csf": 2.095232166019056,
  "snr_gm": 9.941010613918522,
  "snr_total": 10.965272418126558,
  "snr_wm": 20.859574474442095,
  "snrd_csf": 10.931737196981153,
  "snrd_gm": 32.281122975964976,
  "snrd_total": 30.483914003165534,
  "snrd_wm": 48.238881836550476,
  "spacing_x": 0.9999988675117493,
  "spacing_y": 1.0,
  "spacing_z": 1.0,
  "summary_bg_k": 3.5398395392683097,
  "summary_bg_mad": 0.0,
  "summary_bg_mean": 9.66297863171012,
  "summary_bg_median": 0.0,
  "summary_bg_n": 2091467.0,
  "summary_bg_p05": 0.0,
  "summary_bg_p95": 37.635033041238785,
  "summary_bg_stdv": 13.581480305969762,
  "summary_csf_k": 1.0103905784115321,
  "summary_csf_mad": 89.81032125020457,
  "summary_csf_mean": 240.55443924054856,
  "summary_csf_median": 226.62330081313848,
  "summary_csf_n": 34173.0,
  "summary_csf_p05": 82.28597964942456,
  "summary_csf_p95": 451.2835397176444,
  "summary_csf_stdv": 108.15984435536363,
  "summary_gm_k": 0.20949276029649466,
  "summary_gm_mad": 65.1404679058291,
  "summary_gm_mean": 668.761747989615,
  "summary_gm_median": 669.2124509532005,
  "summary_gm_n": 34669.0,
  "summary_gm_p05": 557.2191882781684,
  "summary_gm_p95": 778.1856183841824,
  "summary_gm_stdv": 67.31738104107875,
  "summary_wm_k": 0.32498080422601117,
  "summary_wm_mad": 46.41204520983726,
  "summary_wm_mean": 1000.4070757388943,
  "summary_wm_median": 1000.0290376860648,
  "summary_wm_n": 157133.0,
  "summary_wm_p05": 922.4939001705498,
  "summary_wm_p95": 1079.4517347291112,
  "summary_wm_stdv": 47.94085597460726,
  "tpm_overlap_csf": 0.15446364546741304,
  "tpm_overlap_gm": 0.4878092388671794,
  "tpm_overlap_wm": 0.5120877015977152,
  "wm2max": 0.5658504868623498
}