{
  "bids_meta": {
    "AcquisitionMatrixPE": 256,
    "AcquisitionNumber": 1,
    "AcquisitionTime": "15:11:1.125000",
    "BaseResolution": 256,
    "ConversionSoftware": "dcm2niix",
    "ConversionSoftwareVersion": "v1.0.20171215 GCC4.4.7",
    "DeviceSerialNumber": "35149",
    "DwellTime": 8.2e-06,
    "EchoTime": 0.00298,
    "FlipAngle": 9,
    "ImageOrientationPatientDICOM": [
      -0.014492,
      0.939066,
      0.343431,
      0.105309,
      0.34299,
      -0.933417
    ],
    "ImageType": [
      "ORIGINAL",
      "PRIMARY",
      "M",
      "ND"
    ],
    "InPlanePhaseEncodingDirectionDICOM": "ROW",
    "InstitutionAddress": "Street_StreetNo_Rehovot_FA2669_District_IL_ZIP",
    "InstitutionName": "Weizmann",
    "InstitutionalDepartmentName": "Department",
    "InversionTime": 0.9,
    "MRAcquisitionType": "3D",
    "MagneticFieldStrength": 3,
    "Manufacturer": "Siemens",
    "ManufacturersModelName": "TrioTim",
    "Modality": "MR",
    "PartialFourier": 0.875,
    "PatientPosition": "HFS",
    "PercentPhaseFOV": 100,
    "PhaseEncodingSteps": 224,
    "PhaseResolution": 1,
    "PixelBandwidth": 238,
    "ProcedureStepDescription": "Weizmann_Dudai",
    "ProtocolName": "t1_mprage",
    "PulseSequenceDetails": "%SiemensSeq%_tfl",
    "ReceiveCoilName": "HeadMatrix",
    "ReconMatrixPE": 256,
    "RepetitionTime": 2.3,
    "SAR": 0.127644,
    "ScanOptions": "IR_PFP",
    "ScanningSequence": "GR_IR",
    "SequenceName": "tfl3d1_ns",
    "SequenceVariant": "SP_MP",
    "SeriesDescription": "t1_mprage",
    "SeriesNumber": 7,
    "ShimSetting": [
      2418,
      9375,
      -5798,
      369,
      17,
      -496,
      -217,
      52
    ],
    "SliceThickness": 1,
    "SoftwareVersions": "syngo_MR_B17",
    "StationName": "MRC35149",
    "TxRefAmp": 310.057,
    "dataset": "ds001608",
    "modality": "T1w",
    "subject_id": "08"
  },
  "cjv": 0.36050371842530426,
  "cnr": 3.7578792673478203,
  "efc": 0.5569505422426702,
  "fber": 6943.27490304709,
  "fwhm_avg": 3.942616042492279,
  "fwhm_x": 3.895898127476839,
  "fwhm_y": 4.30059,
  "fwhm_z": 3.63136,
  "icvs_csf": 0.20488178513632443,
  "icvs_gm": 0.4258606237883101,
  "icvs_wm": 0.3692575910753655,
  "inu_med": 0.5299018621444702,
  "inu_range": 0.12474185973405827,
  "provenance": {
    "md5sum": "314302260b0946cba4e3b32a093fad09",
    "settings": {
      "testing": false
    },
    "software": "mriqc",
    "version": "22.0.6",
    "warnings": {
      "large_rot_frame": true,
      "small_air_mask": false
    },
    "webapi_port": null,
    "webapi_url": "https://mriqc.nimh.nih.gov/api/v1"
  },
  "qi_1": 0.0,
  "qi_2": 0.0029322807321056437,
  "rpve_csf": 26.551140812119247,
  "rpve_gm": 13.001489227955883,
  "rpve_wm": 16.9238130862124,
  "size_x": 176,
  "size_y": 256,
  "size_z": 256,
  "snr_csf": 2.064932176269472,
  "snr_gm": 10.138115869796746,
  "snr_total": 10.040433280799446,
  "snr_wm": 17.91825179633212,
  "snrd_csf": 26.129611941469115,
  "snrd_gm": 69.42680910576594,
  "snrd_total": 66.48580115401586,
  "snrd_wm": 103.90098241481252,
  "spacing_x": 0.9999979138374329,
  "spacing_y": 1.0,
  "spacing_z": 1.0,
  "summary_bg_k": 157.17882268823786,
  "summary_bg_mad": 6.305569180626798,
  "summary_bg_mean": 12.135494491090494,
  "summary_bg_median": 4.253041781485081,
  "summary_bg_n": 2495090.0,
  "summary_bg_p05": 0.0,
  "summary_bg_p95": 47.65660062432289,
  "summary_bg_stdv": 18.3640187205875,
  "summary_csf_k": 0.8108696230524917,
  "summary_csf_mad": 118.55305234304292,
  "summary_csf_mean": 258.85707773452043,
  "summary_csf_median": 251.49278189986944,
  "summary_csf_n": 33905.0,
  "summary_csf_p05": 67.26565816253424,
  "summary_csf_p95": 472.78615056723356,
  "summary_csf_stdv": 121.79047620867487,
  "summary_gm_k": 0.08035045371467175,
  "summary_gm_mad": 65.54033661585271,
  "summary_gm_mean": 668.407587605943,
  "summary_gm_median": 668.2204618863761,
  "summary_gm_n": 36274.0,
  "summary_gm_p05": 559.4017405435443,
  "summary_gm_p95": 776.2040660846978,
  "summary_gm_stdv": 65.91079246566916,
  "summary_wm_k": 0.3638038218387192,
  "summary_wm_mad": 54.07756350272651,
  "summary_wm_mean": 1001.6656169172268,
  "summary_wm_median": 1000.0281354412436,
  "summary_wm_n": 203844.0,
  "summary_wm_p05": 912.7985301613808,
  "summary_wm_p95": 1095.7074926048517,
  "summary_wm_stdv": 55.810449249174155,
  "tpm_overlap_csf": 0.15191795300715547,
  "tpm_overlap_gm": 0.48283639390245414,
  "tpm_overlap_wm": 0.5274855077741434,
  "wm2max": 0.6012599278589693
}