{
  "bids_meta": {
    "AcquisitionMatrixPE": 256,
    "AcquisitionNumber": 1,
    "AcquisitionTime": "15:07:58.407500",
    "BaseResolution": 256,
    "ConversionSoftware": "dcm2niix",
    "ConversionSoftwareVersion": "v1.0.20171215 GCC4.4.7",
    "DeviceSerialNumber": "35149",
    "DwellTime": 8.2e-06,
    "EchoTime": 0.00298,
    "FlipAngle": 9,
    "ImageOrientationPatientDICOM": [
      -0.0384989,
      0.999161,
      0.0139486,
      0.04357,
      0.0156241,
      -0.998928
    ],
    "ImageType": [
      "ORIGINAL",
      "PRIMARY",
      "M",
      "ND"
    ],
    "InPlanePhaseEncodingDirectionDICOM": "ROW",
    "InstitutionAddress": "Street_StreetNo_Rehovot_FA2669_District_IL_ZIP",
    "InstitutionName": "Weizmann",
    "InstitutionalDepartmentName": "Department",
    "InversionTime": 0.9,
    "MRAcquisitionType": "3D",
    "MagneticFieldStrength": 3,
    "Manufacturer": "Siemens",
    "ManufacturersModelName": "TrioTim",
    "Modality": "MR",
    "PartialFourier": 0.875,
    "PatientPosition": "HFS",
    "PercentPhaseFOV": 100,
    "PhaseEncodingSteps": 224,
    "PhaseResolution": 1,
    "PixelBandwidth": 238,
    "ProcedureStepDescription": "Weizmann_Dudai",
    "ProtocolName": "t1_mprage",
    "PulseSequenceDetails": "%SiemensSeq%_tfl",
    "ReceiveCoilName": "HeadMatrix",
    "ReconMatrixPE": 256,
    "RepetitionTime": 2.3,
    "SAR": 0.08916,
    "ScanOptions": "IR_PFP",
    "ScanningSequence": "GR_IR",
    "SequenceName": "tfl3d1_ns",
    "SequenceVariant": "SP_MP",
    "SeriesDescription": "t1_mprage",
    "SeriesNumber": 7,
    "ShimSetting": [
      2406,
      9588,
      -5762,
      597,
      75,
      -294,
      161,
      -143
    ],
    "SliceThickness": 1,
    "SoftwareVersions": "syngo_MR_B17",
    "StationName": "MRC35149",
    "TxRefAmp": 279.74,
    "dataset": "ds001608",
    "modality": "T1w",
    "subject_id": "02"
  },
  "cjv": 0.33925567673050894,
  "cnr": 3.9892067976259504,
  "efc": 0.5401533825140219,
  "fber": 15342.780848124135,
  "fwhm_avg": 3.878479697020939,
  "fwhm_x": 3.910839091062817,
  "fwhm_y": 4.11612,
  "fwhm_z": 3.60848,
  "icvs_csf": 0.21900467364145063,
  "icvs_gm": 0.4525165658717525,
  "icvs_wm": 0.32847876048679686,
  "inu_med": 0.49557140469551086,
  "inu_range": 0.14901086688041687,
  "provenance": {
    "md5sum": "b13f46c03134ea5bd9b0316102865f33",
    "settings": {
      "testing": false
    },
    "software": "mriqc",
    "version": "22.0.6",
    "warnings": {
      "large_rot_frame": true,
      "small_air_mask": false
    },
    "webapi_port": null,
    "webapi_url": "https://mriqc.nimh.nih.gov/api/v1"
  },
  "qi_1": 0.0,
  "qi_2": 0.003496901788270239,
  "rpve_csf": 26.926893367372102,
  "rpve_gm": 13.669039871276231,
  "rpve_wm": 20.992085268238753,
  "size_x": 176,
  "size_y": 256,
  "size_z": 256,
  "snr_csf": 1.9717624297262333,
  "snr_gm": 9.743639142192201,
  "snr_total": 11.485761624103988,
  "snr_wm": 22.741883300393532,
  "snrd_csf": 25.346269489207284,
  "snrd_gm": 80.14609307568102,
  "snrd_total": 75.04059843129787,
  "snrd_wm": 119.6294327290053,
  "spacing_x": 0.9999976754188538,
  "spacing_y": 1.0,
  "spacing_z": 1.0,
  "summary_bg_k": 10.54763276014213,
  "summary_bg_mad": 5.476381302601187,
  "summary_bg_mean": 9.701055567195679,
  "summary_bg_median": 3.693763056769967,
  "summary_bg_n": 2453847.0,
  "summary_bg_p05": 0.0,
  "summary_bg_p95": 37.12364741228521,
  "summary_bg_stdv": 13.565701424406312,
  "summary_csf_k": 0.7269123439783836,
  "summary_csf_mad": 100.15080051231811,
  "summary_csf_mean": 222.51137831741448,
  "summary_csf_median": 211.87318598292768,
  "summary_csf_n": 31999.0,
  "summary_csf_p05": 67.20257118176669,
  "summary_csf_p95": 423.1085999272764,
  "summary_csf_stdv": 107.45202978864504,
  "summary_gm_k": -0.022170204736935428,
  "summary_gm_mad": 69.14423874866966,
  "summary_gm_mean": 670.7803843761485,
  "summary_gm_median": 669.9529526922852,
  "summary_gm_n": 43266.0,
  "summary_gm_p05": 558.3760632346384,
  "summary_gm_p95": 784.2403733138926,
  "summary_gm_stdv": 68.75718616157266,
  "summary_wm_k": 0.2723661245805826,
  "summary_wm_mad": 42.82608975487403,
  "summary_wm_mean": 1000.0124478248788,
  "summary_wm_median": 999.999982656911,
  "summary_wm_n": 166606.0,
  "summary_wm_p05": 927.7722992878407,
  "summary_wm_p95": 1071.8024846669286,
  "summary_wm_stdv": 43.971599376853625,
  "tpm_overlap_csf": 0.15256703555704537,
  "tpm_overlap_gm": 0.4931418286695372,
  "tpm_overlap_wm": 0.5274376169441832,
  "wm2max": 0.6267567992165851
}