{
  "bids_meta": {
    "AcquisitionMatrixPE": 256,
    "AcquisitionNumber": 1,
    "AcquisitionTime": "11:22:15.215000",
    "BaseResolution": 256,
    "ConversionSoftware": "dcm2niix",
    "ConversionSoftwareVersion": "v1.0.20171215 GCC4.4.7",
    "DeviceSerialNumber": "35149",
    "DwellTime": 8.2e-06,
    "EchoTime": 0.00298,
    "FlipAngle": 9,
    "ImageOrientationPatientDICOM": [
      0.128264,
      0.989183,
      0.0711697,
      0.1042,
      0.0579235,
      -0.992868
    ],
    "ImageType": [
      "ORIGINAL",
      "PRIMARY",
      "M",
      "ND"
    ],
    "InPlanePhaseEncodingDirectionDICOM": "ROW",
    "InstitutionAddress": "Street_StreetNo_Rehovot_FA2669_District_IL_ZIP",
    "InstitutionName": "Weizmann",
    "InstitutionalDepartmentName": "Department",
    "InversionTime": 0.9,
    "MRAcquisitionType": "3D",
    "MagneticFieldStrength": 3,
    "Manufacturer": "Siemens",
    "ManufacturersModelName": "TrioTim",
    "Modality": "MR",
    "PartialFourier": 0.875,
    "PatientPosition": "HFS",
    "PercentPhaseFOV": 100,
    "PhaseEncodingSteps": 224,
    "PhaseResolution": 1,
    "PixelBandwidth": 238,
    "ProcedureStepDescription": "Weizmann_Dudai",
    "ProtocolName": "t1_mprage",
    "PulseSequenceDetails": "%SiemensSeq%_tfl",
    "ReceiveCoilName": "HeadMatrix",
    "ReconMatrixPE": 256,
    "RepetitionTime": 2.3,
    "SAR": 0.0998316,
    "ScanOptions": "IR_PFP",
    "ScanningSequence": "GR_IR",
    "SequenceName": "tfl3d1_ns",
    "SequenceVariant": "SP_MP",
    "SeriesDescription": "t1_mprage",
    "SeriesNumber": 7,
    "ShimSetting": [
      2402,
      9538,
      -5493,
      579,
      6,
      -299,
      32,
      -102
    ],
    "SliceThickness": 1,
    "SoftwareVersions": "syngo_MR_B17",
    "StationName": "MRC35149",
    "TxRefAmp": 308.818,
    "dataset": "ds001608",
    "modality": "T1w",
    "subject_id": "07"
  },
  "cjv": 0.3598388818016269,
  "cnr": 3.6965508716192166,
  "efc": 0.6087068669819422,
  "fber": 20649.862096166948,
  "fwhm_avg": 3.564468860566908,
  "fwhm_x": 3.584346581700724,
  "fwhm_y": 3.83558,
  "fwhm_z": 3.27348,
  "icvs_csf": 0.20376181235005814,
  "icvs_gm": 0.43896834578545996,
  "icvs_wm": 0.3572698418644819,
  "inu_med": 0.5663192272186279,
  "inu_range": 0.17772835493087769,
  "provenance": {
    "md5sum": "e29b0998e74c778052bde3f26b42b64c",
    "settings": {
      "testing": false
    },
    "software": "mriqc",
    "version": "22.0.6",
    "warnings": {
      "large_rot_frame": true,
      "small_air_mask": false
    },
    "webapi_port": null,
    "webapi_url": "https://mriqc.nimh.nih.gov/api/v1"
  },
  "qi_1": 0.0,
  "qi_2": 0.002882518803269267,
  "rpve_csf": 20.03163929313565,
  "rpve_gm": 9.927634579044154,
  "rpve_wm": 14.062370805876382,
  "size_x": 176,
  "size_y": 256,
  "size_z": 256,
  "snr_csf": 2.1525355085830813,
  "snr_gm": 8.576932792354302,
  "snr_total": 9.849186021162007,
  "snr_wm": 18.818089762548638,
  "snrd_csf": 8.13886102084301,
  "snrd_gm": 23.6607711740432,
  "snrd_total": 22.71388853417179,
  "snrd_wm": 36.34203340762917,
  "spacing_x": 1.0000009536743164,
  "spacing_y": 1.0,
  "spacing_z": 1.0,
  "summary_bg_k": 142.72739617110403,
  "summary_bg_mad": 0.0,
  "summary_bg_mean": 11.349983109788457,
  "summary_bg_median": 0.0,
  "summary_bg_n": 2027101.0,
  "summary_bg_p05": 0.0,
  "summary_bg_p95": 47.00732817873359,
  "summary_bg_stdv": 18.02695996653524,
  "summary_csf_k": 1.333588089686799,
  "summary_csf_mad": 92.5786394295477,
  "summary_csf_mean": 233.34973528523025,
  "summary_csf_median": 223.95171722397208,
  "summary_csf_n": 37742.0,
  "summary_csf_p05": 79.46051417011768,
  "summary_csf_p95": 424.93070712313056,
  "summary_csf_stdv": 104.03951499740074,
  "summary_gm_k": 0.009568893420775826,
  "summary_gm_mad": 74.30098187315421,
  "summary_gm_mean": 650.6597818651079,
  "summary_gm_median": 651.0579701140523,
  "summary_gm_n": 36387.0,
  "summary_gm_p05": 523.7108446843922,
  "summary_gm_p95": 775.5561665631831,
  "summary_gm_stdv": 75.90697508249745,
  "summary_wm_k": 0.31291013738476403,
  "summary_wm_mad": 51.26191772643973,
  "summary_wm_mean": 999.8104615306405,
  "summary_wm_median": 999.9999715201557,
  "summary_wm_n": 260349.0,
  "summary_wm_p05": 912.4342544004321,
  "summary_wm_p95": 1086.6074125282466,
  "summary_wm_stdv": 53.14025300323089,
  "tpm_overlap_csf": 0.16525110545112162,
  "tpm_overlap_gm": 0.4591086912411745,
  "tpm_overlap_wm": 0.4862994183111431,
  "wm2max": 0.6589020290448643
}