{
  "aor": 0.0002101820546163849,
  "aqi": 0.009385600507152144,
  "bids_meta": {
    "AcquisitionMatrixPE": 80,
    "AcquisitionNumber": 1,
    "AcquisitionTime": "10:29:30.570000",
    "BandwidthPerPixelPhaseEncode": 50,
    "BaseResolution": 80,
    "ConversionSoftware": "dcm2niix",
    "ConversionSoftwareVersion": "v1.0.20171215 GCC4.4.7",
    "DerivedVendorReportedEchoSpacing": 0.0005,
    "DeviceSerialNumber": "35149",
    "DwellTime": 2.6e-06,
    "EchoTime": 0.03,
    "EffectiveEchoSpacing": 0.00025,
    "FlipAngle": 75,
    "ImageOrientationPatientDICOM": [
      0.984585,
      -0.141906,
      0.102254,
      0.170067,
      0.913293,
      -0.3701
    ],
    "ImageType": "ORIGINALPRIMARYMNDMOSAIC",
    "InPlanePhaseEncodingDirectionDICOM": "COL",
    "InstitutionAddress": "Street_StreetNo_Rehovot_FA2669_District_IL_ZIP",
    "InstitutionName": "Weizmann",
    "InstitutionalDepartmentName": "Department",
    "MRAcquisitionType": "2D",
    "MagneticFieldStrength": 3,
    "Manufacturer": "Siemens",
    "ManufacturersModelName": "TrioTim",
    "Modality": "MR",
    "ParallelReductionFactorInPlane": 2,
    "PartialFourier": 1,
    "PatientPosition": "HFS",
    "PercentPhaseFOV": 100,
    "PhaseEncodingDirection": "j-",
    "PhaseEncodingSteps": 79,
    "PhaseResolution": 1,
    "PixelBandwidth": 2404,
    "ProcedureStepDescription": "Weizmann_Dudai",
    "ProtocolName": "ep2d_E_NE_clips_1_2000_30ac_pc",
    "PulseSequenceDetails": "%SiemensSeq%_ep2d_pace",
    "ReceiveCoilName": "HeadMatrix",
    "ReconMatrixPE": 80,
    "RepetitionTime": 2,
    "SAR": 0.146618,
    "ScanOptions": "FS",
    "ScanningSequence": "EP",
    "SequenceName": "epfid2d1_80",
    "SequenceVariant": "SK",
    "SeriesDescription": "ep2d_E_NE_clips_1_2000_30ac_pc",
    "SeriesNumber": 3,
    "ShimSetting": [
      2395,
      9589,
      -5432,
      884,
      6,
      80,
      -90,
      -99
    ],
    "SliceThickness": 4,
    "SliceTiming": [
      0.995,
      0,
      1.05,
      0.055,
      1.105,
      0.11,
      1.16,
      0.165,
      1.215,
      0.22,
      1.27,
      0.275,
      1.325,
      0.3325,
      1.38,
      0.3875,
      1.435,
      0.4425,
      1.49,
      0.4975,
      1.545,
      0.5525,
      1.6,
      0.6075,
      1.6575,
      0.6625,
      1.7125,
      0.7175,
      1.7675,
      0.7725,
      1.8225,
      0.8275,
      1.8775,
      0.8825,
      1.9325,
      0.9375
    ],
    "SoftwareVersions": "syngo_MR_B17",
    "SpacingBetweenSlices": 4,
    "StationName": "MRC35149",
    "TaskName": "viewclips",
    "TotalReadoutTime": 0.01975,
    "TxRefAmp": 308.818,
    "VendorReportedEchoSpacing": 0.0005,
    "dataset": "ds001608",
    "modality": "bold",
    "run_id": 1,
    "subject_id": "07",
    "task_id": "viewclips"
  },
  "dummy_trs": 0,
  "dvars_nstd": 30.24136721341144,
  "dvars_std": 1.1129167227994792,
  "dvars_vstd": 0.9979009688151037,
  "efc": 0.5007825164990378,
  "fber": 1171.9986572265625,
  "fd_mean": 0.09578665120320932,
  "fd_num": 41,
  "fd_perc": 5.331599479843953,
  "fwhm_avg": 1.8205027777777776,
  "fwhm_x": 1.7842933333333333,
  "fwhm_y": 1.95639,
  "fwhm_z": 1.720825,
  "gcor": 0.0900827,
  "gsr_x": -0.012971549294888973,
  "gsr_y": 0.024664897471666336,
  "provenance": {
    "md5sum": "ab5b2c0ad6da997c4f9a7ba3b3db1b3f",
    "settings": {
      "fd_thres": 0.2,
      "testing": false
    },
    "software": "mriqc",
    "version": "22.0.6",
    "webapi_port": null,
    "webapi_url": "https://mriqc.nimh.nih.gov/api/v1"
  },
  "size_t": 769,
  "size_x": 80,
  "size_y": 80,
  "size_z": 36,
  "snr": 5.807886464272783,
  "spacing_tr": 2.0,
  "spacing_x": 3.0,
  "spacing_y": 3.0,
  "spacing_z": 4.0,
  "summary_bg_k": 83.22550555560387,
  "summary_bg_mad": 4.756280093216265,
  "summary_bg_mean": 37.56486892700195,
  "summary_bg_median": 22.665800094604492,
  "summary_bg_n": 148478.0,
  "summary_bg_p05": 18.5357608795166,
  "summary_bg_p95": 114.1655361175537,
  "summary_bg_stdv": 49.69401168823242,
  "summary_fg_k": 0.8522717665816901,
  "summary_fg_mad": 126.3682210136481,
  "summary_fg_mean": 793.346435546875,
  "summary_fg_median": 780.067626953125,
  "summary_fg_n": 38449.0,
  "summary_fg_p05": 600.0361450195312,
  "summary_fg_p95": 1026.2787841796874,
  "summary_fg_stdv": 134.31004333496094,
  "tsnr": 47.67839817563072
}