{
  "aor": 0.0006447854356306893,
  "aqi": 0.007529253029908973,
  "bids_meta": {
    "AcquisitionMatrixPE": 80,
    "AcquisitionNumber": 1,
    "AcquisitionTime": "14:09:37.347500",
    "BandwidthPerPixelPhaseEncode": 50,
    "BaseResolution": 80,
    "ConversionSoftware": "dcm2niix",
    "ConversionSoftwareVersion": "v1.0.20171215 GCC4.4.7",
    "DerivedVendorReportedEchoSpacing": 0.0005,
    "DeviceSerialNumber": "35149",
    "DwellTime": 2.6e-06,
    "EchoTime": 0.03,
    "EffectiveEchoSpacing": 0.00025,
    "FlipAngle": 75,
    "ImageOrientationPatientDICOM": [
      0.998453,
      0.00348427,
      0.0554873,
      0.0156848,
      0.93984,
      -0.341254
    ],
    "ImageType": "ORIGINALPRIMARYMNDMOSAIC",
    "InPlanePhaseEncodingDirectionDICOM": "COL",
    "InstitutionAddress": "Street_StreetNo_Rehovot_FA2669_District_IL_ZIP",
    "InstitutionName": "Weizmann",
    "InstitutionalDepartmentName": "Department",
    "MRAcquisitionType": "2D",
    "MagneticFieldStrength": 3,
    "Manufacturer": "Siemens",
    "ManufacturersModelName": "TrioTim",
    "Modality": "MR",
    "ParallelReductionFactorInPlane": 2,
    "PartialFourier": 1,
    "PatientPosition": "HFS",
    "PercentPhaseFOV": 100,
    "PhaseEncodingDirection": "j-",
    "PhaseEncodingSteps": 79,
    "PhaseResolution": 1,
    "PixelBandwidth": 2404,
    "ProcedureStepDescription": "Weizmann_Dudai",
    "ProtocolName": "ep2d_E_NE_clips_1_2000_30ac_pc",
    "PulseSequenceDetails": "%SiemensSeq%_ep2d_pace",
    "ReceiveCoilName": "HeadMatrix",
    "ReconMatrixPE": 80,
    "RepetitionTime": 2,
    "SAR": 0.175921,
    "ScanOptions": "FS",
    "ScanningSequence": "EP",
    "SequenceName": "epfid2d1_80",
    "SequenceVariant": "SK",
    "SeriesDescription": "ep2d_E_NE_clips_1_2000_30ac_pc",
    "SeriesNumber": 5,
    "ShimSetting": [
      2357,
      9511,
      -5477,
      610,
      -40,
      -416,
      13,
      -55
    ],
    "SliceThickness": 4,
    "SliceTiming": [
      0.9925,
      0,
      1.05,
      0.055,
      1.105,
      0.11,
      1.16,
      0.165,
      1.215,
      0.22,
      1.27,
      0.275,
      1.325,
      0.33,
      1.38,
      0.3875,
      1.435,
      0.4425,
      1.49,
      0.4975,
      1.545,
      0.5525,
      1.6,
      0.6075,
      1.655,
      0.6625,
      1.7125,
      0.7175,
      1.7675,
      0.7725,
      1.8225,
      0.8275,
      1.8775,
      0.8825,
      1.9325,
      0.9375
    ],
    "SoftwareVersions": "syngo_MR_B17",
    "SpacingBetweenSlices": 4,
    "StationName": "MRC35149",
    "TaskName": "viewclips",
    "TotalReadoutTime": 0.01975,
    "TxRefAmp": 360.21,
    "VendorReportedEchoSpacing": 0.0005,
    "dataset": "ds001608",
    "modality": "bold",
    "run_id": 2,
    "subject_id": "12",
    "task_id": "viewclips"
  },
  "dummy_trs": 0,
  "dvars_nstd": 24.68602662027344,
  "dvars_std": 1.070259445833333,
  "dvars_vstd": 1.0041873134765626,
  "efc": 0.48135345551757497,
  "fber": 1517.4984130859375,
  "fd_mean": 0.19880468321218073,
  "fd_num": 217,
  "fd_perc": 28.2184655396619,
  "fwhm_avg": 1.8126296553461165,
  "fwhm_x": 1.7569166666666665,
  "fwhm_y": 1.99798,
  "fwhm_z": 1.6829922993716835,
  "gcor": 0.101731,
  "gsr_x": -0.014602440409362316,
  "gsr_y": 0.014324413612484932,
  "provenance": {
    "md5sum": "ac81a4b8d200e8367e37370203181a5f",
    "settings": {
      "fd_thres": 0.2,
      "testing": false
    },
    "software": "mriqc",
    "version": "22.0.6",
    "webapi_port": null,
    "webapi_url": "https://mriqc.nimh.nih.gov/api/v1"
  },
  "size_t": 769,
  "size_x": 80,
  "size_y": 80,
  "size_z": 36,
  "snr": 6.886184066889215,
  "spacing_tr": 2.0,
  "spacing_x": 3.0,
  "spacing_y": 3.0,
  "spacing_z": 4.000000476837158,
  "summary_bg_k": 30.366479167184103,
  "summary_bg_mad": 4.573123768657265,
  "summary_bg_mean": 44.2857780456543,
  "summary_bg_median": 21.36475944519043,
  "summary_bg_n": 156472.0,
  "summary_bg_p05": 17.386215209960938,
  "summary_bg_p95": 169.1994132995605,
  "summary_bg_stdv": 70.49112701416016,
  "summary_fg_k": 2.66742263175374,
  "summary_fg_mad": 104.75095042181553,
  "summary_fg_mean": 835.8869018554688,
  "summary_fg_median": 834.057861328125,
  "summary_fg_n": 32606.0,
  "summary_fg_p05": 641.9834289550781,
  "summary_fg_p95": 1025.3136901855469,
  "summary_fg_stdv": 121.11861419677734,
  "tsnr": 57.02467509219423
}