{
  "aor": 0.0010593098958333331,
  "aqi": 0.008339266380208333,
  "bids_meta": {
    "AcquisitionMatrixPE": 80,
    "AcquisitionNumber": 1,
    "AcquisitionTime": "13:41:41.132500",
    "BandwidthPerPixelPhaseEncode": 50,
    "BaseResolution": 80,
    "ConversionSoftware": "dcm2niix",
    "ConversionSoftwareVersion": "v1.0.20171215 GCC4.4.7",
    "DerivedVendorReportedEchoSpacing": 0.0005,
    "DeviceSerialNumber": "35149",
    "DwellTime": 2.6e-06,
    "EchoTime": 0.03,
    "EffectiveEchoSpacing": 0.00025,
    "FlipAngle": 75,
    "ImageOrientationPatientDICOM": [
      0.998454,
      0.00351882,
      0.0554744,
      0.015648,
      0.93984,
      -0.341256
    ],
    "ImageType": "ORIGINALPRIMARYMNDMOSAIC",
    "InPlanePhaseEncodingDirectionDICOM": "COL",
    "InstitutionAddress": "Street_StreetNo_Rehovot_FA2669_District_IL_ZIP",
    "InstitutionName": "Weizmann",
    "InstitutionalDepartmentName": "Department",
    "MRAcquisitionType": "2D",
    "MagneticFieldStrength": 3,
    "Manufacturer": "Siemens",
    "ManufacturersModelName": "TrioTim",
    "Modality": "MR",
    "ParallelReductionFactorInPlane": 2,
    "PartialFourier": 1,
    "PatientPosition": "HFS",
    "PercentPhaseFOV": 100,
    "PhaseEncodingDirection": "j-",
    "PhaseEncodingSteps": 79,
    "PhaseResolution": 1,
    "PixelBandwidth": 2404,
    "ProcedureStepDescription": "Weizmann_Dudai",
    "ProtocolName": "ep2d_E_NE_clips_1_2000_30ac_pc",
    "PulseSequenceDetails": "%SiemensSeq%_ep2d_pace",
    "ReceiveCoilName": "HeadMatrix",
    "ReconMatrixPE": 80,
    "RepetitionTime": 2,
    "SAR": 0.175921,
    "ScanOptions": "FS",
    "ScanningSequence": "EP",
    "SequenceName": "epfid2d1_80",
    "SequenceVariant": "SK",
    "SeriesDescription": "ep2d_E_NE_clips_1_2000_30ac_pc",
    "SeriesNumber": 3,
    "ShimSetting": [
      2357,
      9511,
      -5477,
      610,
      -40,
      -416,
      13,
      -55
    ],
    "SliceThickness": 4,
    "SliceTiming": [
      0.995,
      0,
      1.05,
      0.0575,
      1.105,
      0.1125,
      1.16,
      0.1675,
      1.215,
      0.2225,
      1.27,
      0.2775,
      1.325,
      0.3325,
      1.3825,
      0.3875,
      1.4375,
      0.4425,
      1.4925,
      0.4975,
      1.5475,
      0.5525,
      1.6025,
      0.6075,
      1.6575,
      0.6625,
      1.7125,
      0.72,
      1.7675,
      0.775,
      1.8225,
      0.83,
      1.8775,
      0.885,
      1.9325,
      0.94
    ],
    "SoftwareVersions": "syngo_MR_B17",
    "SpacingBetweenSlices": 4,
    "StationName": "MRC35149",
    "TaskName": "viewclips",
    "TotalReadoutTime": 0.01975,
    "TxRefAmp": 360.21,
    "VendorReportedEchoSpacing": 0.0005,
    "dataset": "ds001608",
    "modality": "bold",
    "run_id": 1,
    "subject_id": "12",
    "task_id": "viewclips"
  },
  "dummy_trs": 1,
  "dvars_nstd": 25.767260025423735,
  "dvars_std": 1.0794617768970014,
  "dvars_vstd": 1.0064323367796608,
  "efc": 0.4815474305935009,
  "fber": 1496.9239501953125,
  "fd_mean": 0.21292172058635442,
  "fd_num": 216,
  "fd_perc": 28.125,
  "fwhm_avg": 1.8308422222222223,
  "fwhm_x": 1.7652566666666667,
  "fwhm_y": 2.01544,
  "fwhm_z": 1.71183,
  "gcor": 0.0365394,
  "gsr_x": -0.015105731785297394,
  "gsr_y": 0.013381577096879482,
  "provenance": {
    "md5sum": "9a656b48c873d16d1aaafe9fb4eeb0e2",
    "settings": {
      "fd_thres": 0.2,
      "testing": false
    },
    "software": "mriqc",
    "version": "22.0.6",
    "webapi_port": null,
    "webapi_url": "https://mriqc.nimh.nih.gov/api/v1"
  },
  "size_t": 768,
  "size_x": 80,
  "size_y": 80,
  "size_z": 36,
  "snr": 6.817455904225012,
  "spacing_tr": 2.0,
  "spacing_x": 3.0,
  "spacing_y": 3.0,
  "spacing_z": 4.0,
  "summary_bg_k": 31.30763353659534,
  "summary_bg_mad": 4.8647885294715065,
  "summary_bg_mean": 44.1889762878418,
  "summary_bg_median": 21.57161521911621,
  "summary_bg_n": 156430.0,
  "summary_bg_p05": 17.320898723602294,
  "summary_bg_p95": 167.25859832763624,
  "summary_bg_stdv": 70.28954315185547,
  "summary_fg_k": 2.421735781005453,
  "summary_fg_mad": 106.57841330039955,
  "summary_fg_mean": 837.7417602539062,
  "summary_fg_median": 836.2767333984375,
  "summary_fg_n": 32610.0,
  "summary_fg_p05": 642.0961791992188,
  "summary_fg_p95": 1031.472674560547,
  "summary_fg_stdv": 122.66510009765625,
  "tsnr": 56.11783451878
}