{
  "aor": 0.00013807291666666666,
  "aqi": 0.007313975846354168,
  "bids_meta": {
    "AcquisitionMatrixPE": 80,
    "AcquisitionNumber": 1,
    "AcquisitionTime": "10:42:27.477500",
    "BandwidthPerPixelPhaseEncode": 50,
    "BaseResolution": 80,
    "ConversionSoftware": "dcm2niix",
    "ConversionSoftwareVersion": "v1.0.20171215 GCC4.4.7",
    "DerivedVendorReportedEchoSpacing": 0.0005,
    "DeviceSerialNumber": "35149",
    "DwellTime": 2.6e-06,
    "EchoTime": 0.03,
    "EffectiveEchoSpacing": 0.00025,
    "FlipAngle": 75,
    "ImageOrientationPatientDICOM": [
      0.99954,
      -0.028824,
      0.00947225,
      0.0290585,
      0.81966,
      -0.572112
    ],
    "ImageType": "ORIGINALPRIMARYMNDMOSAIC",
    "InPlanePhaseEncodingDirectionDICOM": "COL",
    "InstitutionAddress": "Street_StreetNo_Rehovot_FA2669_District_IL_ZIP",
    "InstitutionName": "Weizmann",
    "InstitutionalDepartmentName": "Department",
    "MRAcquisitionType": "2D",
    "MagneticFieldStrength": 3,
    "Manufacturer": "Siemens",
    "ManufacturersModelName": "TrioTim",
    "Modality": "MR",
    "ParallelReductionFactorInPlane": 2,
    "PartialFourier": 1,
    "PatientPosition": "HFS",
    "PercentPhaseFOV": 100,
    "PhaseEncodingDirection": "j-",
    "PhaseEncodingSteps": 79,
    "PhaseResolution": 1,
    "PixelBandwidth": 2404,
    "ProcedureStepDescription": "Weizmann_Dudai",
    "ProtocolName": "ep2d_E_NE_clips_1_2000_30ac_pc",
    "PulseSequenceDetails": "%SiemensSeq%_ep2d_pace",
    "ReceiveCoilName": "HeadMatrix",
    "ReconMatrixPE": 80,
    "RepetitionTime": 2,
    "SAR": 0.163913,
    "ScanOptions": "FS",
    "ScanningSequence": "EP",
    "SequenceName": "epfid2d1_80",
    "SequenceVariant": "SK",
    "SeriesDescription": "ep2d_E_NE_clips_1_2000_30ac_pc",
    "SeriesNumber": 3,
    "ShimSetting": [
      2243,
      9775,
      -5539,
      664,
      -188,
      298,
      -318,
      83
    ],
    "SliceThickness": 4,
    "SliceTiming": [
      0.995,
      0,
      1.05,
      0.055,
      1.105,
      0.11,
      1.16,
      0.165,
      1.215,
      0.22,
      1.27,
      0.2775,
      1.325,
      0.3325,
      1.38,
      0.3875,
      1.435,
      0.4425,
      1.49,
      0.4975,
      1.5475,
      0.5525,
      1.6025,
      0.6075,
      1.6575,
      0.6625,
      1.7125,
      0.7175,
      1.7675,
      0.7725,
      1.8225,
      0.8275,
      1.8775,
      0.8825,
      1.9325,
      0.94
    ],
    "SoftwareVersions": "syngo_MR_B17",
    "SpacingBetweenSlices": 4,
    "StationName": "MRC35149",
    "TaskName": "viewclips",
    "TotalReadoutTime": 0.01975,
    "TxRefAmp": 330.763,
    "VendorReportedEchoSpacing": 0.0005,
    "dataset": "ds001608",
    "modality": "bold",
    "run_id": 1,
    "subject_id": "05",
    "task_id": "viewclips"
  },
  "dummy_trs": 1,
  "dvars_nstd": 24.102900498813547,
  "dvars_std": 1.0294897835853976,
  "dvars_vstd": 0.9928068460104306,
  "efc": 0.4457868133681694,
  "fber": 1499.47119140625,
  "fd_mean": 0.0787166561637172,
  "fd_num": 16,
  "fd_perc": 2.0833333333333335,
  "fwhm_avg": 1.7846566666666668,
  "fwhm_x": 1.75488,
  "fwhm_y": 1.93921,
  "fwhm_z": 1.65988,
  "gcor": 0.111155,
  "gsr_x": -0.012401844374835491,
  "gsr_y": 0.013900386169552803,
  "provenance": {
    "md5sum": "5f8f3551bbe3146bbcdd4c67f94d5f45",
    "settings": {
      "fd_thres": 0.2,
      "testing": false
    },
    "software": "mriqc",
    "version": "22.0.6",
    "webapi_port": null,
    "webapi_url": "https://mriqc.nimh.nih.gov/api/v1"
  },
  "size_t": 768,
  "size_x": 80,
  "size_y": 80,
  "size_z": 36,
  "snr": 6.792896297414138,
  "spacing_tr": 2.0,
  "spacing_x": 3.0,
  "spacing_y": 3.0,
  "spacing_z": 4.0,
  "summary_bg_k": 54.57668477393978,
  "summary_bg_mad": 5.687169447548833,
  "summary_bg_mean": 35.08788299560547,
  "summary_bg_median": 22.115886688232422,
  "summary_bg_n": 162987.0,
  "summary_bg_p05": 17.408855438232422,
  "summary_bg_p95": 89.4921875,
  "summary_bg_stdv": 43.637794494628906,
  "summary_fg_k": 1.6618977291342691,
  "summary_fg_mad": 114.99044346594404,
  "summary_fg_mean": 868.4082641601562,
  "summary_fg_median": 863.2565307617188,
  "summary_fg_n": 27183.0,
  "summary_fg_p05": 667.3557312011719,
  "summary_fg_p95": 1070.8439208984373,
  "summary_fg_stdv": 127.07991027832031,
  "tsnr": 54.28702645562589
}