{
  "aor": 9.44921875e-05,
  "aqi": 0.006789190299479167,
  "bids_meta": {
    "AcquisitionMatrixPE": 80,
    "AcquisitionNumber": 1,
    "AcquisitionTime": "11:08:42.765000",
    "BandwidthPerPixelPhaseEncode": 50,
    "BaseResolution": 80,
    "ConversionSoftware": "dcm2niix",
    "ConversionSoftwareVersion": "v1.0.20171215 GCC4.4.7",
    "DerivedVendorReportedEchoSpacing": 0.0005,
    "DeviceSerialNumber": "35149",
    "DwellTime": 2.6e-06,
    "EchoTime": 0.03,
    "EffectiveEchoSpacing": 0.00025,
    "FlipAngle": 75,
    "ImageOrientationPatientDICOM": [
      0.999537,
      -0.0288926,
      0.00951952,
      0.0291418,
      0.819658,
      -0.572111
    ],
    "ImageType": "ORIGINALPRIMARYMNDMOSAIC",
    "InPlanePhaseEncodingDirectionDICOM": "COL",
    "InstitutionAddress": "Street_StreetNo_Rehovot_FA2669_District_IL_ZIP",
    "InstitutionName": "Weizmann",
    "InstitutionalDepartmentName": "Department",
    "MRAcquisitionType": "2D",
    "MagneticFieldStrength": 3,
    "Manufacturer": "Siemens",
    "ManufacturersModelName": "TrioTim",
    "Modality": "MR",
    "ParallelReductionFactorInPlane": 2,
    "PartialFourier": 1,
    "PatientPosition": "HFS",
    "PercentPhaseFOV": 100,
    "PhaseEncodingDirection": "j-",
    "PhaseEncodingSteps": 79,
    "PhaseResolution": 1,
    "PixelBandwidth": 2404,
    "ProcedureStepDescription": "Weizmann_Dudai",
    "ProtocolName": "ep2d_E_NE_clips_1_2000_30ac_pc",
    "PulseSequenceDetails": "%SiemensSeq%_ep2d_pace",
    "ReceiveCoilName": "HeadMatrix",
    "ReconMatrixPE": 80,
    "RepetitionTime": 2,
    "SAR": 0.163913,
    "ScanOptions": "FS",
    "ScanningSequence": "EP",
    "SequenceName": "epfid2d1_80",
    "SequenceVariant": "SK",
    "SeriesDescription": "ep2d_E_NE_clips_1_2000_30ac_pc",
    "SeriesNumber": 5,
    "ShimSetting": [
      2243,
      9775,
      -5539,
      664,
      -188,
      298,
      -318,
      83
    ],
    "SliceThickness": 4,
    "SliceTiming": [
      0.995,
      0,
      1.05,
      0.055,
      1.105,
      0.11,
      1.16,
      0.165,
      1.215,
      0.2225,
      1.27,
      0.2775,
      1.325,
      0.3325,
      1.38,
      0.3875,
      1.435,
      0.4425,
      1.49,
      0.4975,
      1.5475,
      0.5525,
      1.6025,
      0.6075,
      1.6575,
      0.6625,
      1.7125,
      0.7175,
      1.7675,
      0.7725,
      1.8225,
      0.8275,
      1.8775,
      0.885,
      1.9325,
      0.94
    ],
    "SoftwareVersions": "syngo_MR_B17",
    "SpacingBetweenSlices": 4,
    "StationName": "MRC35149",
    "TaskName": "viewclips",
    "TotalReadoutTime": 0.01975,
    "TxRefAmp": 330.763,
    "VendorReportedEchoSpacing": 0.0005,
    "dataset": "ds001608",
    "modality": "bold",
    "run_id": 2,
    "subject_id": "05",
    "task_id": "viewclips"
  },
  "dummy_trs": 1,
  "dvars_nstd": 23.852862719804456,
  "dvars_std": 1.0332187408083433,
  "dvars_vstd": 0.9907987617209915,
  "efc": 0.44510186591382717,
  "fber": 1563.7249755859375,
  "fd_mean": 0.0854843725892718,
  "fd_num": 15,
  "fd_perc": 1.953125,
  "fwhm_avg": 1.7697450000000001,
  "fwhm_x": 1.7456566666666669,
  "fwhm_y": 1.9141733333333333,
  "fwhm_z": 1.649405,
  "gcor": 0.140677,
  "gsr_x": -0.012355721555650234,
  "gsr_y": 0.012491459958255291,
  "provenance": {
    "md5sum": "a1812fc12bfec03026427f3bae2fe8d9",
    "settings": {
      "fd_thres": 0.2,
      "testing": false
    },
    "software": "mriqc",
    "version": "22.0.6",
    "webapi_port": null,
    "webapi_url": "https://mriqc.nimh.nih.gov/api/v1"
  },
  "size_t": 768,
  "size_x": 80,
  "size_y": 80,
  "size_z": 36,
  "snr": 6.798308105029092,
  "spacing_tr": 2.0,
  "spacing_x": 3.0,
  "spacing_y": 3.0,
  "spacing_z": 4.0,
  "summary_bg_k": 50.599668986234306,
  "summary_bg_mad": 5.3010760624261035,
  "summary_bg_mean": 35.141719818115234,
  "summary_bg_median": 21.75130271911621,
  "summary_bg_n": 163015.0,
  "summary_bg_p05": 17.31770896911621,
  "summary_bg_p95": 93.16823425292932,
  "summary_bg_stdv": 44.47939682006836,
  "summary_fg_k": 1.697418706975811,
  "summary_fg_mad": 115.11405397805821,
  "summary_fg_mean": 871.7471923828125,
  "summary_fg_median": 866.3190307617188,
  "summary_fg_n": 27125.0,
  "summary_fg_p05": 669.9854370117188,
  "summary_fg_p95": 1075.1263427734375,
  "summary_fg_stdv": 127.42921447753906,
  "tsnr": 55.17837733577471
}