{
  "aor": 0.004112547425474254,
  "aqi": 0.008790044688346883,
  "bids_meta": {
    "AcquisitionMatrixPE": 80,
    "AcquisitionNumber": 1,
    "AcquisitionTime": "13:28:51.002500",
    "BandwidthPerPixelPhaseEncode": 50,
    "BaseResolution": 80,
    "ConversionSoftware": "dcm2niix",
    "ConversionSoftwareVersion": "v1.0.20171215 GCC4.4.7",
    "DerivedVendorReportedEchoSpacing": 0.0005,
    "DeviceSerialNumber": "35149",
    "DwellTime": 2.6e-06,
    "EchoTime": 0.03,
    "EffectiveEchoSpacing": 0.00025,
    "FlipAngle": 75,
    "ImageOrientationPatientDICOM": [
      0.997315,
      0.0455541,
      0.0573311,
      -0.0179305,
      0.911023,
      -0.411965
    ],
    "ImageType": "ORIGINALPRIMARYMNDMOSAIC",
    "InPlanePhaseEncodingDirectionDICOM": "COL",
    "InstitutionAddress": "Street_StreetNo_Rehovot_FA2669_District_IL_ZIP",
    "InstitutionName": "Weizmann",
    "InstitutionalDepartmentName": "Department",
    "MRAcquisitionType": "2D",
    "MagneticFieldStrength": 3,
    "Manufacturer": "Siemens",
    "ManufacturersModelName": "TrioTim",
    "Modality": "MR",
    "ParallelReductionFactorInPlane": 2,
    "PartialFourier": 1,
    "PatientPosition": "HFS",
    "PercentPhaseFOV": 100,
    "PhaseEncodingDirection": "j-",
    "PhaseEncodingSteps": 79,
    "PhaseResolution": 1,
    "PixelBandwidth": 2404,
    "ProcedureStepDescription": "Weizmann_Dudai",
    "ProtocolName": "ep2d_E_NE_clips_1_2000_30ac_pc",
    "PulseSequenceDetails": "%SiemensSeq%_ep2d_pace",
    "ReceiveCoilName": "HeadMatrix",
    "ReconMatrixPE": 80,
    "RepetitionTime": 2,
    "SAR": 0.167233,
    "ScanOptions": "FS",
    "ScanningSequence": "EP",
    "SequenceName": "epfid2d1_80",
    "SequenceVariant": "SK",
    "SeriesDescription": "ep2d_E_NE_clips_1_2000_30ac_pc",
    "SeriesNumber": 5,
    "ShimSetting": [
      2353,
      9514,
      -5375,
      738,
      -44,
      -466,
      200,
      -95
    ],
    "SliceThickness": 4,
    "SliceTiming": [
      0.995,
      0,
      1.05,
      0.055,
      1.105,
      0.11,
      1.16,
      0.165,
      1.215,
      0.22,
      1.27,
      0.2775,
      1.325,
      0.3325,
      1.38,
      0.3875,
      1.435,
      0.4425,
      1.49,
      0.4975,
      1.5475,
      0.5525,
      1.6025,
      0.6075,
      1.6575,
      0.6625,
      1.7125,
      0.7175,
      1.7675,
      0.7725,
      1.8225,
      0.8275,
      1.8775,
      0.885,
      1.9325,
      0.94
    ],
    "SoftwareVersions": "syngo_MR_B17",
    "SpacingBetweenSlices": 4,
    "StationName": "MRC35149",
    "TaskName": "viewclips",
    "TotalReadoutTime": 0.01975,
    "TxRefAmp": 300.605,
    "VendorReportedEchoSpacing": 0.0005,
    "dataset": "ds001608",
    "modality": "bold",
    "run_id": 2,
    "subject_id": "03",
    "task_id": "viewclips"
  },
  "dummy_trs": 0,
  "dvars_nstd": 28.728725391967444,
  "dvars_std": 1.0935965436635011,
  "dvars_vstd": 1.035479941587517,
  "efc": 0.4691374745149128,
  "fber": 1424.9359130859375,
  "fd_mean": 0.24268738577949148,
  "fd_num": 169,
  "fd_perc": 22.899728997289973,
  "fwhm_avg": 1.9146156050451637,
  "fwhm_x": 1.8681701484688242,
  "fwhm_y": 2.101996666666667,
  "fwhm_z": 1.77368,
  "gcor": 0.0472263,
  "gsr_x": -0.01779930293560028,
  "gsr_y": 0.027976732701063156,
  "provenance": {
    "md5sum": "ab230ccd5ff084d3f044903519c721c4",
    "settings": {
      "fd_thres": 0.2,
      "testing": false
    },
    "software": "mriqc",
    "version": "22.0.6",
    "webapi_port": null,
    "webapi_url": "https://mriqc.nimh.nih.gov/api/v1"
  },
  "size_t": 738,
  "size_x": 80,
  "size_y": 80,
  "size_z": 36,
  "snr": 5.76576590431163,
  "spacing_tr": 2.0,
  "spacing_x": 2.999999761581421,
  "spacing_y": 3.0,
  "spacing_z": 4.0,
  "summary_bg_k": 30.463430667616116,
  "summary_bg_mad": 5.130848619212866,
  "summary_bg_mean": 40.801361083984375,
  "summary_bg_median": 21.100271224975586,
  "summary_bg_n": 159797.0,
  "summary_bg_p05": 16.739837646484375,
  "summary_bg_p95": 159.41897888183556,
  "summary_bg_stdv": 57.666259765625,
  "summary_fg_k": 1.3474036891317231,
  "summary_fg_mad": 125.78717921402503,
  "summary_fg_mean": 810.8670043945312,
  "summary_fg_median": 802.1490478515625,
  "summary_fg_n": 29276.0,
  "summary_fg_p05": 594.9634246826172,
  "summary_fg_p95": 1040.9024963378906,
  "summary_fg_stdv": 139.12034606933594,
  "tsnr": 47.075056913890876
}