{
  "aor": 0.0014225338753387534,
  "aqi": 0.006779103184281844,
  "bids_meta": {
    "AcquisitionMatrixPE": 80,
    "AcquisitionNumber": 1,
    "AcquisitionTime": "13:03:27.320000",
    "BandwidthPerPixelPhaseEncode": 50,
    "BaseResolution": 80,
    "ConversionSoftware": "dcm2niix",
    "ConversionSoftwareVersion": "v1.0.20171215 GCC4.4.7",
    "DerivedVendorReportedEchoSpacing": 0.0005,
    "DeviceSerialNumber": "35149",
    "DwellTime": 2.6e-06,
    "EchoTime": 0.03,
    "EffectiveEchoSpacing": 0.00025,
    "FlipAngle": 75,
    "ImageOrientationPatientDICOM": [
      0.997315,
      0.0455795,
      0.0573195,
      -0.0179584,
      0.911022,
      -0.411967
    ],
    "ImageType": "ORIGINALPRIMARYMNDMOSAIC",
    "InPlanePhaseEncodingDirectionDICOM": "COL",
    "InstitutionAddress": "Street_StreetNo_Rehovot_FA2669_District_IL_ZIP",
    "InstitutionName": "Weizmann",
    "InstitutionalDepartmentName": "Department",
    "MRAcquisitionType": "2D",
    "MagneticFieldStrength": 3,
    "Manufacturer": "Siemens",
    "ManufacturersModelName": "TrioTim",
    "Modality": "MR",
    "ParallelReductionFactorInPlane": 2,
    "PartialFourier": 1,
    "PatientPosition": "HFS",
    "PercentPhaseFOV": 100,
    "PhaseEncodingDirection": "j-",
    "PhaseEncodingSteps": 79,
    "PhaseResolution": 1,
    "PixelBandwidth": 2404,
    "ProcedureStepDescription": "Weizmann_Dudai",
    "ProtocolName": "ep2d_E_NE_clips_1_2000_30ac_pc",
    "PulseSequenceDetails": "%SiemensSeq%_ep2d_pace",
    "ReceiveCoilName": "HeadMatrix",
    "ReconMatrixPE": 80,
    "RepetitionTime": 2,
    "SAR": 0.167233,
    "ScanOptions": "FS",
    "ScanningSequence": "EP",
    "SequenceName": "epfid2d1_80",
    "SequenceVariant": "SK",
    "SeriesDescription": "ep2d_E_NE_clips_1_2000_30ac_pc",
    "SeriesNumber": 3,
    "ShimSetting": [
      2353,
      9514,
      -5375,
      738,
      -44,
      -466,
      200,
      -95
    ],
    "SliceThickness": 4,
    "SliceTiming": [
      0.995,
      0,
      1.05,
      0.055,
      1.105,
      0.11,
      1.16,
      0.165,
      1.215,
      0.22,
      1.27,
      0.2775,
      1.325,
      0.3325,
      1.38,
      0.3875,
      1.435,
      0.4425,
      1.49,
      0.4975,
      1.545,
      0.5525,
      1.6025,
      0.6075,
      1.6575,
      0.6625,
      1.7125,
      0.7175,
      1.7675,
      0.7725,
      1.8225,
      0.8275,
      1.8775,
      0.8825,
      1.9325,
      0.94
    ],
    "SoftwareVersions": "syngo_MR_B17",
    "SpacingBetweenSlices": 4,
    "StationName": "MRC35149",
    "TaskName": "viewclips",
    "TotalReadoutTime": 0.01975,
    "TxRefAmp": 300.605,
    "VendorReportedEchoSpacing": 0.0005,
    "dataset": "ds001608",
    "modality": "bold",
    "run_id": 1,
    "subject_id": "03",
    "task_id": "viewclips"
  },
  "dummy_trs": 0,
  "dvars_nstd": 25.13559871721844,
  "dvars_std": 1.040550302767978,
  "dvars_vstd": 1.0038224606784258,
  "efc": 0.4675680435544583,
  "fber": 1439.125244140625,
  "fd_mean": 0.11155844997447027,
  "fd_num": 62,
  "fd_perc": 8.401084010840108,
  "fwhm_avg": 1.9419336111111114,
  "fwhm_x": 1.8878233333333334,
  "fwhm_y": 2.13672,
  "fwhm_z": 1.8012575,
  "gcor": 0.0369531,
  "gsr_x": -0.019455119967460632,
  "gsr_y": 0.0288260318338871,
  "provenance": {
    "md5sum": "9fa44952c155bde7b3dfc6836399ac3e",
    "settings": {
      "fd_thres": 0.2,
      "testing": false
    },
    "software": "mriqc",
    "version": "22.0.6",
    "webapi_port": null,
    "webapi_url": "https://mriqc.nimh.nih.gov/api/v1"
  },
  "size_t": 738,
  "size_x": 80,
  "size_y": 80,
  "size_z": 36,
  "snr": 5.689479739943074,
  "spacing_tr": 2.0,
  "spacing_x": 3.0,
  "spacing_y": 3.0,
  "spacing_z": 4.0,
  "summary_bg_k": 34.469187517149635,
  "summary_bg_mad": 5.149932292826577,
  "summary_bg_mean": 40.45033264160156,
  "summary_bg_median": 21.212059020996094,
  "summary_bg_n": 159820.0,
  "summary_bg_p05": 16.88888931274414,
  "summary_bg_p95": 154.184345245361,
  "summary_bg_stdv": 55.9531364440918,
  "summary_fg_k": 1.381244274197158,
  "summary_fg_mad": 129.11398511985632,
  "summary_fg_mean": 819.7622680664062,
  "summary_fg_median": 811.5054321289062,
  "summary_fg_n": 29260.0,
  "summary_fg_p05": 597.8528045654297,
  "summary_fg_p95": 1056.3619506835937,
  "summary_fg_stdv": 142.63018798828125,
  "tsnr": 51.69638308149297
}