{
  "bids_meta": {
    "AcquisitionMatrixPE": 256,
    "AcquisitionNumber": 1,
    "AcquisitionTime": "10:35:29.252500",
    "BaseResolution": 256,
    "ConversionSoftware": "dcm2niix",
    "ConversionSoftwareVersion": "v1.0.20171215 GCC4.4.7",
    "DeviceSerialNumber": "35149",
    "DwellTime": 8.2e-06,
    "EchoTime": 0.00298,
    "FlipAngle": 9,
    "ImageOrientationPatientDICOM": [
      0.0882166,
      0.97967,
      0.180182,
      0.0780245,
      0.173535,
      -0.981732
    ],
    "ImageType": [
      "ORIGINAL",
      "PRIMARY",
      "M",
      "ND"
    ],
    "InPlanePhaseEncodingDirectionDICOM": "ROW",
    "InstitutionAddress": "Street_StreetNo_Rehovot_FA2669_District_IL_ZIP",
    "InstitutionName": "Weizmann",
    "InstitutionalDepartmentName": "Department",
    "InversionTime": 0.9,
    "MRAcquisitionType": "3D",
    "MagneticFieldStrength": 3,
    "Manufacturer": "Siemens",
    "ManufacturersModelName": "TrioTim",
    "Modality": "MR",
    "PartialFourier": 0.875,
    "PatientPosition": "HFS",
    "PercentPhaseFOV": 100,
    "PhaseEncodingSteps": 224,
    "PhaseResolution": 1,
    "PixelBandwidth": 238,
    "ProcedureStepDescription": "Weizmann_Dudai",
    "ProtocolName": "t1_mprage",
    "PulseSequenceDetails": "%SiemensSeq%_tfl",
    "ReceiveCoilName": "HeadMatrix",
    "ReconMatrixPE": 256,
    "RepetitionTime": 2.3,
    "SAR": 0.0835049,
    "ScanOptions": "IR_PFP",
    "ScanningSequence": "GR_IR",
    "SequenceName": "tfl3d1_ns",
    "SequenceVariant": "SP_MP",
    "SeriesDescription": "t1_mprage",
    "SeriesNumber": 7,
    "ShimSetting": [
      2368,
      9532,
      -5559,
      781,
      -34,
      -459,
      125,
      -61
    ],
    "SliceThickness": 1,
    "SoftwareVersions": "syngo_MR_B17",
    "StationName": "MRC35149",
    "TxRefAmp": 283.497,
    "dataset": "ds001608",
    "modality": "T1w",
    "subject_id": "09"
  },
  "cjv": 0.35067430222608936,
  "cnr": 3.835512415922874,
  "efc": 0.5516559754079916,
  "fber": 16506.6021313851,
  "fwhm_avg": 3.7783050967111684,
  "fwhm_x": 3.7883752901335055,
  "fwhm_y": 4.07099,
  "fwhm_z": 3.47555,
  "icvs_csf": 0.22682678268216502,
  "icvs_gm": 0.4335499028987536,
  "icvs_wm": 0.3396233144190814,
  "inu_med": 0.46157950162887573,
  "inu_range": 0.1170758306980133,
  "provenance": {
    "md5sum": "fb46d7cccb14e6f8941880bf81aeccba",
    "settings": {
      "testing": false
    },
    "software": "mriqc",
    "version": "22.0.6",
    "warnings": {
      "large_rot_frame": true,
      "small_air_mask": false
    },
    "webapi_port": null,
    "webapi_url": "https://mriqc.nimh.nih.gov/api/v1"
  },
  "qi_1": 0.0,
  "qi_2": 0.003840005704660104,
  "rpve_csf": 25.52710623934766,
  "rpve_gm": 13.84506895059958,
  "rpve_wm": 20.460556432693767,
  "size_x": 176,
  "size_y": 256,
  "size_z": 256,
  "snr_csf": 1.8997858482665306,
  "snr_gm": 9.119931227683587,
  "snr_total": 11.118822684723233,
  "snr_wm": 22.33675097821958,
  "snrd_csf": 22.04420053092297,
  "snrd_gm": 75.25627050201135,
  "snrd_total": 70.0419527315221,
  "snrd_wm": 112.82538716163197,
  "spacing_x": 0.9999933242797852,
  "spacing_y": 1.0,
  "spacing_z": 1.0,
  "summary_bg_k": 9.496336763450925,
  "summary_bg_mad": 5.8066397819816755,
  "summary_bg_mean": 9.750137308779008,
  "summary_bg_median": 3.9165190160274506,
  "summary_bg_n": 2071345.0,
  "summary_bg_p05": 0.0,
  "summary_bg_p95": 37.7166146337986,
  "summary_bg_stdv": 13.55556750557444,
  "summary_csf_k": 0.8668691535358373,
  "summary_csf_mad": 94.33801070452421,
  "summary_csf_mean": 207.45925443989987,
  "summary_csf_median": 195.383330501616,
  "summary_csf_n": 30438.0,
  "summary_csf_p05": 61.43033251166344,
  "summary_csf_p95": 404.39802496209734,
  "summary_csf_stdv": 102.84323421180444,
  "summary_gm_k": -0.04063218580565264,
  "summary_gm_mad": 73.41819888724775,
  "summary_gm_mean": 665.3316733359371,
  "summary_gm_median": 667.0153789967299,
  "summary_gm_n": 30679.0,
  "summary_gm_p05": 541.9013742655516,
  "summary_gm_p95": 782.2871177896857,
  "summary_gm_stdv": 73.1370107270861,
  "summary_wm_k": 0.3223211279462439,
  "summary_wm_mad": 43.35094083808237,
  "summary_wm_mean": 1000.056776343654,
  "summary_wm_median": 999.9999717772007,
  "summary_wm_n": 176394.0,
  "summary_wm_p05": 926.6859548538923,
  "summary_wm_p95": 1073.1624247796835,
  "summary_wm_stdv": 44.769140247156805,
  "tpm_overlap_csf": 0.15510145696714098,
  "tpm_overlap_gm": 0.47035754463801893,
  "tpm_overlap_wm": 0.5126879822472641,
  "wm2max": 0.6271428811762925
}